{
  "bids_meta": {
    "AcquisitionMatrixPE": 192,
    "AcquisitionNumber": 1,
    "AcquisitionTime": "18:10:26.000000",
    "BidsGuess": [
      "anat",
      "_acq-EFGRE3Dp2_run-13_T1w"
    ],
    "CoilString": "8HRBRAIN",
    "ConversionSoftware": "dcm2niix",
    "ConversionSoftwareVersion": "v1.0.20240202",
    "DeviceSerialNumber": "00000858822HDMR1",
    "EchoTime": 0.003172,
    "FileSize": 0.010630880482494831,
    "FileSizeUnits": "GB",
    "FlipAngle": 8,
    "ImageOrientationPatientDICOM": [
      0,
      1,
      0,
      0,
      0,
      -1
    ],
    "ImageType": [
      "ORIGINAL",
      "PRIMARY",
      "OTHER"
    ],
    "ImagingFrequency": 127.71643,
    "InPlanePhaseEncodingDirectionDICOM": "ROW",
    "InstitutionName": "fmri3tw",
    "InversionTime": 0.6,
    "MRAcquisitionType": "3D",
    "MagneticFieldStrength": 3,
    "Manufacturer": "GE",
    "ManufacturersModelName": "DISCOVERY MR750",
    "Modality": "MR",
    "NumberOfVolumes": 1,
    "ParallelReductionFactorInPlane": 2,
    "PatientPosition": "HFS",
    "PercentPhaseFOV": 100,
    "PercentSampling": 100,
    "PixelBandwidth": 244.141,
    "PrescanReuseString": "TG/s10",
    "ProcedureStepDescription": "SPGR",
    "ProtocolName": "Hau_Harmonization_100320",
    "PulseSequenceName": "efgre3d",
    "ReconMatrixPE": 256,
    "RepetitionTime": 0.008136,
    "SAR": 0.164061,
    "ScanOptions": "FAST_GEMS\\EDR_GEMS\\ACC_GEMS",
    "ScanningSequence": "GR",
    "SequenceVariant": "SS\\SP\\SK",
    "SeriesDescription": "FSPGR_Anat 8ch",
    "SeriesNumber": 13,
    "ShimSetting": [
      1,
      4,
      -43
    ],
    "SliceThickness": 1,
    "SoftwareVersions": "25\\LX\\MR Software release:DV25.0_R02_1549.b",
    "SpacingBetweenSlices": 1,
    "SpoilingState": true,
    "StationName": "MROW2",
    "acquisition": "fspgr",
    "dataset": "<unset>",
    "datatype": "anat",
    "extension": ".nii.gz",
    "modality": "T1w",
    "session": "cfmri1",
    "subject": "ts010",
    "suffix": "T1w"
  },
  "cjv": 0.5421762762762763,
  "cnr": 1.8756243322007349,
  "efc": 0.5844,
  "fber": -1.0,
  "fwhm_avg": 4.007463333333333,
  "fwhm_x": 3.72366,
  "fwhm_y": 4.50805,
  "fwhm_z": 3.79068,
  "icvs_csf": 0.27930693690818115,
  "icvs_gm": 0.38185919568446,
  "icvs_wm": 0.3388338674073589,
  "inu_med": 0.691366583108902,
  "inu_range": 0.2709877550601959,
  "provenance": {
    "md5sum": "351455c963f2eff5517ebe3689d83558",
    "settings": {
      "testing": false
    },
    "software": "mriqc",
    "version": "24.1.0.dev0+gd5b13cb5.d20240826",
    "warnings": {
      "large_rot_frame": true,
      "small_air_mask": false
    }
  },
  "qi_1": 0.0,
  "qi_2": 0.0015980958429050486,
  "rpve_csf": 7.103674299563154,
  "rpve_gm": 7.0215237951824925,
  "rpve_wm": 7.125926237851546,
  "size_x": 172,
  "size_y": 256,
  "size_z": 256,
  "snr_csf": 1.647946522070819,
  "snr_gm": 4.641003631162386,
  "snr_total": 4.811083442698651,
  "snr_wm": 8.144300174862748,
  "snrd_csf": 11.285694842025967,
  "snrd_gm": 22.353659236938892,
  "snrd_total": 22.69235104355918,
  "snrd_wm": 34.43769905171268,
  "spacing_x": 1.0,
  "spacing_y": 1.0,
  "spacing_z": 1.0,
  "summary_bg_k": 548.9865,
  "summary_bg_mad": 0.0,
  "summary_bg_mean": 4.2026,
  "summary_bg_median": 0.0,
  "summary_bg_n": 3885735.0,
  "summary_bg_p05": 0.0,
  "summary_bg_p95": 23.0,
  "summary_bg_stdv": 18.0536,
  "summary_csf_k": -0.8689,
  "summary_csf_mad": 157.0076,
  "summary_csf_mean": 333.0491,
  "summary_csf_median": 311.0,
  "summary_csf_n": 436395.86170797073,
  "summary_csf_p05": 66.0,
  "summary_csf_p95": 650.0,
  "summary_csf_stdv": 188.7195,
  "summary_gm_k": -0.6811,
  "summary_gm_mad": 95.1914,
  "summary_gm_mean": 619.865,
  "summary_gm_median": 616.0,
  "summary_gm_n": 596625.9721168831,
  "summary_gm_p05": 407.0,
  "summary_gm_p95": 855.0,
  "summary_gm_stdv": 132.7298,
  "summary_wm_k": -0.5457,
  "summary_wm_mad": 85.3533,
  "summary_wm_mean": 917.5787,
  "summary_wm_median": 949.0,
  "summary_wm_n": 529402.1665909707,
  "summary_wm_p05": 682.0,
  "summary_wm_p95": 1061.0,
  "summary_wm_stdv": 116.5231,
  "tpm_overlap_csf": 0.2077021444762316,
  "tpm_overlap_gm": 0.5393525383305579,
  "tpm_overlap_wm": 0.5534204785705081,
  "wm2max": 0.4627474747124821
}
