{
  "bids_meta": {
    "AcquisitionMatrixPE": 320,
    "AcquisitionNumber": 1,
    "AcquisitionTime": "09:51:20.000000",
    "BidsGuess": [
      "derived",
      "_acq-EFGRE3Dp2_run-300_T1w"
    ],
    "CoilString": "RM:Nova32ch",
    "ConversionSoftware": "dcm2niix",
    "ConversionSoftwareVersion": "v1.0.20240202",
    "DeviceSerialNumber": "00000858822HDMR1",
    "EchoTime": 0.003656,
    "FileSize": 0.013106386177241802,
    "FileSizeUnits": "GB",
    "FlipAngle": 8,
    "ImageOrientationPatientDICOM": [
      0,
      1,
      0,
      0,
      0,
      -1
    ],
    "ImageType": [
      "DERIVED",
      "PRIMARY",
      "OTHER"
    ],
    "ImagingFrequency": 127.716439,
    "InPlanePhaseEncodingDirectionDICOM": "ROW",
    "InstitutionName": "fmri3tw",
    "InversionTime": 1.06,
    "MRAcquisitionType": "3D",
    "MagneticFieldStrength": 3,
    "Manufacturer": "GE",
    "ManufacturersModelName": "DISCOVERY MR750",
    "Modality": "MR",
    "NumberOfVolumes": 1,
    "ParallelReductionFactorInPlane": 2,
    "PatientAge": 0,
    "PatientPosition": "HFS",
    "PercentPhaseFOV": 94,
    "PercentSampling": 100,
    "PixelBandwidth": 195.312,
    "PrescanReuseString": "TG/s1",
    "ProcedureStepDescription": "SPGR",
    "ProtocolName": "Hau_Harmonization_092520",
    "PulseSequenceName": "research/mprage_promo",
    "RawImage": false,
    "ReconMatrixPE": 320,
    "RepetitionTime": 0.008776,
    "SAR": 0.233622,
    "ScanOptions": "EDR_GEMS\\PROMO_GEMS\\ACC_GEMS\\FILTERED_GEMS",
    "ScanningSequence": "RM",
    "SequenceVariant": "NONE",
    "SeriesDescription": "PU:MPRAGE PROMO",
    "SeriesNumber": 300,
    "ShimSetting": [
      5,
      1,
      -37
    ],
    "SliceThickness": 0.8,
    "SoftwareVersions": "25\\LX\\MR Software release:DV25.0_R02_1549.b",
    "SpacingBetweenSlices": 0.8,
    "StationName": "MROW2",
    "acquisition": "mprage",
    "dataset": "<unset>",
    "datatype": "anat",
    "extension": ".nii.gz",
    "modality": "T1w",
    "session": "cfmri1",
    "subject": "ts003",
    "suffix": "T1w"
  },
  "cjv": 0.5749457831325301,
  "cnr": 1.7941845269986183,
  "efc": 0.705,
  "fber": -1.0,
  "fwhm_avg": 3.6007166130118082,
  "fwhm_x": 3.5793249466639017,
  "fwhm_y": 3.760162443969213,
  "fwhm_z": 3.4626624484023085,
  "icvs_csf": 0.2598408960734772,
  "icvs_gm": 0.3839385441019032,
  "icvs_wm": 0.35622055982461953,
  "inu_med": 0.4420480728149414,
  "inu_range": 0.07812781631946564,
  "provenance": {
    "md5sum": "47c52e83774e45eaf2b79ad5d0814bd5",
    "settings": {
      "testing": false
    },
    "software": "mriqc",
    "version": "24.1.0.dev0+gd5b13cb5.d20240826",
    "warnings": {
      "large_rot_frame": true,
      "small_air_mask": false
    }
  },
  "qi_1": 0.0,
  "qi_2": 0.0016038262987545094,
  "rpve_csf": 6.689839964718603,
  "rpve_gm": 6.614674655833778,
  "rpve_wm": 6.7100990819991955,
  "size_x": 204,
  "size_y": 320,
  "size_z": 320,
  "snr_csf": 2.206514039384543,
  "snr_gm": 6.424770763693299,
  "snr_total": 6.87100826190418,
  "snr_wm": 11.981739982634696,
  "snrd_csf": 9.632260291875406,
  "snrd_gm": 14.752677527643597,
  "snrd_total": 14.78765305521032,
  "snrd_wm": 19.978021346111955,
  "spacing_x": 0.800000011920929,
  "spacing_y": 0.800000011920929,
  "spacing_z": 0.800000011920929,
  "summary_bg_k": 647.6761,
  "summary_bg_mad": 0.0,
  "summary_bg_mean": 3.3051,
  "summary_bg_median": 0.0,
  "summary_bg_n": 6926770.0,
  "summary_bg_p05": 0.0,
  "summary_bg_p95": 16.0,
  "summary_bg_stdv": 31.2188,
  "summary_csf_k": 1.2951,
  "summary_csf_mad": 151.9649,
  "summary_csf_mean": 458.9359,
  "summary_csf_median": 459.0,
  "summary_csf_n": 798058.4390046967,
  "summary_csf_p05": 135.0,
  "summary_csf_p95": 779.0,
  "summary_csf_stdv": 208.0203,
  "summary_gm_k": 0.5412,
  "summary_gm_mad": 80.0763,
  "summary_gm_mean": 711.5337,
  "summary_gm_median": 703.0,
  "summary_gm_n": 1179203.8890331418,
  "summary_gm_p05": 543.0,
  "summary_gm_p95": 917.0,
  "summary_gm_stdv": 109.4202,
  "summary_wm_k": 0.704,
  "summary_wm_mad": 63.0852,
  "summary_wm_mean": 940.5996,
  "summary_wm_median": 952.0,
  "summary_wm_n": 1094072.6737434957,
  "summary_wm_p05": 788.0,
  "summary_wm_p95": 1052.0,
  "summary_wm_stdv": 79.4542,
  "tpm_overlap_csf": 0.213816822659803,
  "tpm_overlap_gm": 0.5227042461185537,
  "tpm_overlap_wm": 0.5327715514139194,
  "wm2max": 0.6430609626407632
}
