{
  "bids_meta": {
    "AcquisitionMatrixPE": 192,
    "AcquisitionNumber": 1,
    "AcquisitionTime": "16:43:9.000000",
    "BidsGuess": [
      "anat",
      "_acq-EFGRE3Dp2_run-13_T1w"
    ],
    "CoilString": "8HRBRAIN",
    "ConversionSoftware": "dcm2niix",
    "ConversionSoftwareVersion": "v1.0.20240202",
    "DeviceSerialNumber": "00000858822HDMR1",
    "EchoTime": 0.003172,
    "FileSize": 0.009290152229368687,
    "FileSizeUnits": "GB",
    "FlipAngle": 8,
    "ImageOrientationPatientDICOM": [
      0,
      1,
      0,
      0,
      0,
      -1
    ],
    "ImageType": [
      "ORIGINAL",
      "PRIMARY",
      "OTHER"
    ],
    "ImagingFrequency": 127.716452,
    "InPlanePhaseEncodingDirectionDICOM": "ROW",
    "InstitutionName": "fmri3tw",
    "InversionTime": 0.6,
    "MRAcquisitionType": "3D",
    "MagneticFieldStrength": 3,
    "Manufacturer": "GE",
    "ManufacturersModelName": "DISCOVERY MR750",
    "Modality": "MR",
    "NumberOfVolumes": 1,
    "ParallelReductionFactorInPlane": 2,
    "PatientAge": 0,
    "PatientPosition": "HFS",
    "PercentPhaseFOV": 100,
    "PercentSampling": 100,
    "PixelBandwidth": 244.141,
    "PrescanReuseString": "TG/s10",
    "ProcedureStepDescription": "SPGR",
    "ProtocolName": "Hau_Harmonization_100320",
    "PulseSequenceName": "efgre3d",
    "ReconMatrixPE": 256,
    "RepetitionTime": 0.008136,
    "SAR": 0.153859,
    "ScanOptions": "FAST_GEMS\\EDR_GEMS\\ACC_GEMS",
    "ScanningSequence": "GR",
    "SequenceVariant": "SS\\SP\\SK",
    "SeriesDescription": "FSPGR_Anat 8ch",
    "SeriesNumber": 13,
    "ShimSetting": [
      0,
      1,
      -40
    ],
    "SliceThickness": 1,
    "SoftwareVersions": "25\\LX\\MR Software release:DV25.0_R02_1549.b",
    "SpacingBetweenSlices": 1,
    "SpoilingState": true,
    "StationName": "MROW2",
    "acquisition": "fspgr",
    "dataset": "<unset>",
    "datatype": "anat",
    "extension": ".nii.gz",
    "modality": "T1w",
    "session": "cfmri2",
    "subject": "ts002",
    "suffix": "T1w"
  },
  "cjv": 0.4965923753665689,
  "cnr": 2.290784447114016,
  "efc": 0.5496,
  "fber": -1.0,
  "fwhm_avg": 4.15387,
  "fwhm_x": 3.89794,
  "fwhm_y": 4.64434,
  "fwhm_z": 3.91933,
  "icvs_csf": 0.28121897454647904,
  "icvs_gm": 0.385809874819324,
  "icvs_wm": 0.33297115063419697,
  "inu_med": 0.5543103218078613,
  "inu_range": 0.15721459835767743,
  "provenance": {
    "md5sum": "de9328862fbffd1ce6f8dd7838b0f9ef",
    "settings": {
      "testing": false
    },
    "software": "mriqc",
    "version": "24.1.0.dev0+gd5b13cb5.d20240826",
    "warnings": {
      "large_rot_frame": true,
      "small_air_mask": false
    }
  },
  "qi_1": 0.0,
  "qi_2": 0.0012153516825971983,
  "rpve_csf": 7.843075008040804,
  "rpve_gm": 7.794328295809319,
  "rpve_wm": 7.897008674262567,
  "size_x": 172,
  "size_y": 256,
  "size_z": 256,
  "snr_csf": 1.6654481707572233,
  "snr_gm": 5.234775969606861,
  "snr_total": 5.920669646047455,
  "snr_wm": 10.86178479777828,
  "snrd_csf": 28.615837091258815,
  "snrd_gm": 54.60636802735627,
  "snrd_total": 55.88985103654627,
  "snrd_wm": 84.44734799102372,
  "spacing_x": 1.0,
  "spacing_y": 1.0,
  "spacing_z": 1.0,
  "summary_bg_k": 1911.0328,
  "summary_bg_mad": 0.0,
  "summary_bg_mean": 2.0635,
  "summary_bg_median": 0.0,
  "summary_bg_n": 4308347.0,
  "summary_bg_p05": 0.0,
  "summary_bg_p95": 13.0,
  "summary_bg_stdv": 7.4864,
  "summary_csf_k": -0.6877,
  "summary_csf_mad": 160.8994,
  "summary_csf_mean": 346.3145,
  "summary_csf_median": 327.0,
  "summary_csf_n": 398611.02363563434,
  "summary_csf_p05": 67.0,
  "summary_csf_p95": 674.0,
  "summary_csf_stdv": 196.3433,
  "summary_gm_k": -0.7369,
  "summary_gm_mad": 97.1819,
  "summary_gm_mean": 627.4409,
  "summary_gm_median": 624.0,
  "summary_gm_n": 546862.3494502113,
  "summary_gm_p05": 437.0,
  "summary_gm_p95": 827.0,
  "summary_gm_stdv": 119.2027,
  "summary_wm_k": -0.4391,
  "summary_wm_mad": 72.1561,
  "summary_wm_mean": 946.3873,
  "summary_wm_median": 965.0,
  "summary_wm_n": 471966.6281746422,
  "summary_wm_p05": 771.0,
  "summary_wm_p95": 1061.0,
  "summary_wm_stdv": 88.8435,
  "tpm_overlap_csf": 0.1950885533473467,
  "tpm_overlap_gm": 0.5356992174889543,
  "tpm_overlap_wm": 0.5426443176526747,
  "wm2max": 0.6110228945462078
}
