{
  "bids_meta": {
    "AcquisitionMatrixPE": 320,
    "AcquisitionNumber": 1,
    "AcquisitionTime": "15:58:20.000000",
    "BidsGuess": [
      "derived",
      "_acq-EFGRE3Dp2_run-300_T1w"
    ],
    "CoilString": "RM:Nova32ch",
    "ConversionSoftware": "dcm2niix",
    "ConversionSoftwareVersion": "v1.0.20240202",
    "DeviceSerialNumber": "00000858822HDMR1",
    "EchoTime": 0.003656,
    "FileSize": 0.012652544304728508,
    "FileSizeUnits": "GB",
    "FlipAngle": 8,
    "ImageOrientationPatientDICOM": [
      0,
      1,
      0,
      0,
      0,
      -1
    ],
    "ImageType": [
      "DERIVED",
      "PRIMARY",
      "OTHER"
    ],
    "ImagingFrequency": 127.716473,
    "InPlanePhaseEncodingDirectionDICOM": "ROW",
    "InstitutionName": "fmri3tw",
    "InversionTime": 1.06,
    "MRAcquisitionType": "3D",
    "MagneticFieldStrength": 3,
    "Manufacturer": "GE",
    "ManufacturersModelName": "DISCOVERY MR750",
    "Modality": "MR",
    "NumberOfVolumes": 1,
    "ParallelReductionFactorInPlane": 2,
    "PatientAge": 0,
    "PatientPosition": "HFS",
    "PercentPhaseFOV": 94,
    "PercentSampling": 100,
    "PixelBandwidth": 195.312,
    "PrescanReuseString": "TG/s2",
    "ProcedureStepDescription": "SPGR",
    "ProtocolName": "Hau_Harmonization_100320",
    "PulseSequenceName": "research/mprage_promo",
    "RawImage": false,
    "ReconMatrixPE": 320,
    "RepetitionTime": 0.008776,
    "SAR": 0.229728,
    "ScanOptions": "EDR_GEMS\\PROMO_GEMS\\ACC_GEMS\\FILTERED_GEMS",
    "ScanningSequence": "RM",
    "SequenceVariant": "NONE",
    "SeriesDescription": "PU:MPRAGE PROMO",
    "SeriesNumber": 300,
    "ShimSetting": [
      7,
      3,
      -39
    ],
    "SliceThickness": 0.8,
    "SoftwareVersions": "25\\LX\\MR Software release:DV25.0_R02_1549.b",
    "SpacingBetweenSlices": 0.8,
    "StationName": "MROW2",
    "acquisition": "mprage",
    "dataset": "<unset>",
    "datatype": "anat",
    "extension": ".nii.gz",
    "modality": "T1w",
    "session": "cfmri1",
    "subject": "ts008",
    "suffix": "T1w"
  },
  "cjv": 0.584841935483871,
  "cnr": 1.7110358474695329,
  "efc": 0.6847,
  "fber": -1.0,
  "fwhm_avg": 3.6594582788031556,
  "fwhm_x": 3.6063999462604532,
  "fwhm_y": 3.8049874433012687,
  "fwhm_z": 3.566987446847745,
  "icvs_csf": 0.2655560436689401,
  "icvs_gm": 0.3825839294453436,
  "icvs_wm": 0.3518600268857162,
  "inu_med": 0.47506874799728394,
  "inu_range": 0.08067455887794495,
  "provenance": {
    "md5sum": "7c0b500fcac7af5efeb539294d1e7f22",
    "settings": {
      "testing": false
    },
    "software": "mriqc",
    "version": "24.1.0.dev0+gd5b13cb5.d20240826",
    "warnings": {
      "large_rot_frame": true,
      "small_air_mask": false
    }
  },
  "qi_1": 0.0,
  "qi_2": 0.001732635370293689,
  "rpve_csf": 7.707176922397519,
  "rpve_gm": 7.615439674824646,
  "rpve_wm": 7.700739969910002,
  "size_x": 204,
  "size_y": 320,
  "size_z": 320,
  "snr_csf": 1.967747072157431,
  "snr_gm": 6.25390006007177,
  "snr_total": 6.187976281842552,
  "snr_wm": 10.342281713298453,
  "snrd_csf": 53.7784595266224,
  "snrd_gm": 93.54516160834318,
  "snrd_total": 91.32107312502546,
  "snrd_wm": 126.63959824011081,
  "spacing_x": 0.800000011920929,
  "spacing_y": 0.800000011920929,
  "spacing_z": 0.800000011920929,
  "summary_bg_k": 31.7542,
  "summary_bg_mad": 0.0,
  "summary_bg_mean": 1.1421,
  "summary_bg_median": 0.0,
  "summary_bg_n": 7642202.0,
  "summary_bg_p05": 0.0,
  "summary_bg_p95": 6.0,
  "summary_bg_stdv": 4.9094,
  "summary_csf_k": -0.1083,
  "summary_csf_mad": 161.4766,
  "summary_csf_mean": 413.0527,
  "summary_csf_median": 403.0,
  "summary_csf_n": 710809.3481237396,
  "summary_csf_p05": 104.0,
  "summary_csf_p95": 743.0,
  "summary_csf_stdv": 204.8026,
  "summary_gm_k": 0.789,
  "summary_gm_mad": 77.18,
  "summary_gm_mean": 706.6461,
  "summary_gm_median": 701.0,
  "summary_gm_n": 1024055.9007223623,
  "summary_gm_p05": 526.0,
  "summary_gm_p95": 918.0,
  "summary_gm_stdv": 112.09,
  "summary_wm_k": 0.6132,
  "summary_wm_mad": 67.8608,
  "summary_wm_mean": 930.3209,
  "summary_wm_median": 949.0,
  "summary_wm_n": 941817.752990911,
  "summary_wm_p05": 748.0,
  "summary_wm_p95": 1050.0,
  "summary_wm_stdv": 91.7592,
  "tpm_overlap_csf": 0.20050177477430609,
  "tpm_overlap_gm": 0.5369320044627772,
  "tpm_overlap_wm": 0.5504303633399518,
  "wm2max": 0.6474532624002792
}
