{
  "bids_meta": {
    "AcquisitionMatrixPE": 256,
    "AcquisitionNumber": 1,
    "AcquisitionTime": "17:36:0.507500",
    "BaseResolution": 256,
    "BidsGuess": [
      "anat",
      "_acq-tfl3p2_run-3_T1w"
    ],
    "BodyPartExamined": "BRAIN",
    "CoilCombinationMethod": "Adaptive Combine",
    "ConsistencyInfo": "N4_VE11C_LATEST_20160120",
    "ConversionSoftware": "dcm2niix",
    "ConversionSoftwareVersion": "v1.0.20240202",
    "DeviceSerialNumber": "166046",
    "DwellTime": 8.2e-6,
    "EchoTime": 0.00298,
    "FileSize": 0.007714267820119858,
    "FileSizeUnits": "GB",
    "FlipAngle": 9,
    "ImageOrientationPatientDICOM": [
      0,
      1,
      0,
      0,
      0,
      -1
    ],
    "ImageOrientationText": "Sag",
    "ImageType": [
      "ORIGINAL",
      "PRIMARY",
      "M",
      "ND",
      "NORM"
    ],
    "ImagingFrequency": 123.231362,
    "InPlanePhaseEncodingDirectionDICOM": "ROW",
    "InstitutionAddress": "Campanile Dr 5500,San Diego,Los Angeles,US,92182",
    "InstitutionName": "SDSU EIS Complex",
    "InstitutionalDepartmentName": "Department",
    "InversionTime": 0.9,
    "MRAcquisitionType": "3D",
    "MagneticFieldStrength": 3,
    "Manufacturer": "Siemens",
    "ManufacturersModelName": "Prisma",
    "MatrixCoilMode": "GRAPPA",
    "Modality": "MR",
    "NonlinearGradientCorrection": false,
    "NumberOfVolumes": 1,
    "ParallelReductionFactorInPlane": 2,
    "PartialFourier": 1,
    "PatientAge": 44,
    "PatientPosition": "HFS",
    "PercentPhaseFOV": 100,
    "PercentSampling": 100,
    "PhaseEncodingSteps": 255,
    "PhaseResolution": 1,
    "PixelBandwidth": 240,
    "ProcedureStepDescription": "SDSU^Hau, Janice",
    "ProtocolName": "mprage-1^3,i900,f9,r7.1,e3.0,gr2",
    "PulseSequenceDetails": "%SiemensSeq%\\tfl",
    "ReceiveCoilActiveElements": "HEA;HEP",
    "ReceiveCoilName": "Head_32",
    "ReconMatrixPE": 256,
    "RefLinesPE": 24,
    "RepetitionTime": 2.3,
    "SAR": 0.0573892,
    "ScanOptions": "IR",
    "ScanningSequence": "GR\\IR",
    "SequenceName": "*tfl3d1_16ns",
    "SequenceVariant": "SK\\SP\\MP",
    "SeriesDescription": "mprage-1^3,i900,f9,r7.1,e3.0,gr2",
    "SeriesNumber": 3,
    "ShimSetting": [
      4200,
      -11930,
      3597,
      297,
      173,
      -182,
      -89,
      -23
    ],
    "SliceThickness": 1,
    "SoftwareVersions": "syngo MR E11",
    "SpoilingState": true,
    "StationName": "AWP166046",
    "TxRefAmp": 236.416,
    "acquisition": "mprage",
    "dataset": "<unset>",
    "datatype": "anat",
    "extension": ".nii.gz",
    "modality": "T1w",
    "session": "sdsu2",
    "subject": "ts008",
    "suffix": "T1w"
  },
  "cjv": 0.4969768707482993,
  "cnr": 1.9781803890054135,
  "efc": 0.5246,
  "fber": 14164.1525,
  "fwhm_avg": 3.6071600000000004,
  "fwhm_x": 3.63828,
  "fwhm_y": 3.75491,
  "fwhm_z": 3.42829,
  "icvs_csf": 0.2705783810406337,
  "icvs_gm": 0.38523448487315676,
  "icvs_wm": 0.34418713408620966,
  "inu_med": 0.5328760147094727,
  "inu_range": 0.14922661185264585,
  "provenance": {
    "md5sum": "9918ac9318ce22831a280cc63e4e12a6",
    "settings": {
      "testing": false
    },
    "software": "mriqc",
    "version": "24.1.0.dev0+gd5b13cb5.d20240826",
    "warnings": {
      "large_rot_frame": true,
      "small_air_mask": false
    }
  },
  "qi_1": 0.0,
  "qi_2": 0.0021992165286545315,
  "rpve_csf": 8.173188826612975,
  "rpve_gm": 8.101799219755895,
  "rpve_wm": 8.203960387985179,
  "size_x": 176,
  "size_y": 256,
  "size_z": 256,
  "snr_csf": 1.9728954806907943,
  "snr_gm": 5.897763002254645,
  "snr_total": 6.004431982278084,
  "snr_wm": 10.14263746388881,
  "snrd_csf": 45.22396791044776,
  "snrd_gm": 74.66954898236092,
  "snrd_total": 75.74366451831752,
  "snrd_wm": 107.33747666214383,
  "spacing_x": 1.0,
  "spacing_y": 1.0,
  "spacing_z": 1.0,
  "summary_bg_k": 605.1195,
  "summary_bg_mad": 0.0,
  "summary_bg_mean": 2.5071,
  "summary_bg_median": 0.0,
  "summary_bg_n": 3912004.0,
  "summary_bg_p05": 0.0,
  "summary_bg_p95": 12.0,
  "summary_bg_stdv": 5.896,
  "summary_csf_k": -0.7956,
  "summary_csf_mad": 149.3385,
  "summary_csf_mean": 409.9045,
  "summary_csf_median": 407.0,
  "summary_csf_n": 376598.83772648126,
  "summary_csf_p05": 84.0,
  "summary_csf_p95": 729.0,
  "summary_csf_stdv": 206.2955,
  "summary_gm_k": -0.555,
  "summary_gm_mad": 79.2514,
  "summary_gm_mean": 675.5996,
  "summary_gm_median": 672.0,
  "summary_gm_n": 536180.5281612782,
  "summary_gm_p05": 489.0,
  "summary_gm_p95": 880.0,
  "summary_gm_stdv": 113.9414,
  "summary_wm_k": -0.2975,
  "summary_wm_mad": 66.8598,
  "summary_wm_mean": 941.5284,
  "summary_wm_median": 966.0,
  "summary_wm_n": 479049.6349292945,
  "summary_wm_p05": 744.0,
  "summary_wm_p95": 1059.0,
  "summary_wm_stdv": 95.2414,
  "tpm_overlap_csf": 0.21508434945997315,
  "tpm_overlap_gm": 0.5435398968000147,
  "tpm_overlap_wm": 0.5566289763005993,
  "wm2max": 0.5284834872799133
}
