{
  "bids_meta": {
    "AcquisitionMatrixPE": 256,
    "AcquisitionNumber": 1,
    "AcquisitionTime": "10:54:15.847500",
    "BaseResolution": 256,
    "BidsGuess": [
      "anat",
      "_acq-tfl3p2_run-3_T1w"
    ],
    "BodyPartExamined": "BRAIN",
    "CoilCombinationMethod": "Adaptive Combine",
    "ConsistencyInfo": "N4_VE11C_LATEST_20160120",
    "ConversionSoftware": "dcm2niix",
    "ConversionSoftwareVersion": "v1.0.20240202",
    "DeviceSerialNumber": "166046",
    "DwellTime": 8.2e-6,
    "EchoTime": 0.00298,
    "FileSize": 0.008489138446748257,
    "FileSizeUnits": "GB",
    "FlipAngle": 9,
    "ImageOrientationPatientDICOM": [
      0,
      1,
      0,
      0,
      0,
      -1
    ],
    "ImageOrientationText": "Sag",
    "ImageType": [
      "ORIGINAL",
      "PRIMARY",
      "M",
      "ND",
      "NORM"
    ],
    "ImagingFrequency": 123.231316,
    "InPlanePhaseEncodingDirectionDICOM": "ROW",
    "InstitutionAddress": "Campanile Dr 5500,San Diego,Los Angeles,US,92182",
    "InstitutionName": "SDSU EIS Complex",
    "InstitutionalDepartmentName": "Department",
    "InversionTime": 0.9,
    "MRAcquisitionType": "3D",
    "MagneticFieldStrength": 3,
    "Manufacturer": "Siemens",
    "ManufacturersModelName": "Prisma",
    "MatrixCoilMode": "GRAPPA",
    "Modality": "MR",
    "NonlinearGradientCorrection": false,
    "NumberOfVolumes": 1,
    "ParallelReductionFactorInPlane": 2,
    "PartialFourier": 1,
    "PatientAge": 44,
    "PatientPosition": "HFS",
    "PercentPhaseFOV": 100,
    "PercentSampling": 100,
    "PhaseEncodingSteps": 255,
    "PhaseResolution": 1,
    "PixelBandwidth": 240,
    "ProcedureStepDescription": "SDSU^Hau, Janice",
    "ProtocolName": "mprage-1^3,i900,f9,r7.1,e3.0,gr2",
    "PulseSequenceDetails": "%SiemensSeq%\\tfl",
    "ReceiveCoilActiveElements": "HEA;HEP",
    "ReceiveCoilName": "Head_32",
    "ReconMatrixPE": 256,
    "RefLinesPE": 24,
    "RepetitionTime": 2.3,
    "SAR": 0.0647886,
    "ScanOptions": "IR",
    "ScanningSequence": "GR\\IR",
    "SequenceName": "*tfl3d1_16ns",
    "SequenceVariant": "SK\\SP\\MP",
    "SeriesDescription": "mprage-1^3,i900,f9,r7.1,e3.0,gr2",
    "SeriesNumber": 3,
    "ShimSetting": [
      4165,
      -11904,
      3641,
      279,
      66,
      55,
      -57,
      24
    ],
    "SliceThickness": 1,
    "SoftwareVersions": "syngo MR E11",
    "SpoilingState": true,
    "StationName": "AWP166046",
    "TxRefAmp": 251.887,
    "acquisition": "mprage",
    "dataset": "<unset>",
    "datatype": "anat",
    "extension": ".nii.gz",
    "modality": "T1w",
    "session": "sdsu1",
    "subject": "ts001",
    "suffix": "T1w"
  },
  "cjv": 0.49087748344370863,
  "cnr": 1.9071843083064568,
  "efc": 0.5266,
  "fber": 8838.2652,
  "fwhm_avg": 3.931626666666667,
  "fwhm_x": 3.9983,
  "fwhm_y": 4.18702,
  "fwhm_z": 3.60956,
  "icvs_csf": 0.27883460191808934,
  "icvs_gm": 0.37836033649034323,
  "icvs_wm": 0.34280506159156743,
  "inu_med": 0.5100743174552917,
  "inu_range": 0.1371659278869629,
  "provenance": {
    "md5sum": "fc66114608e85d112ce2db69b0bdcd3b",
    "settings": {
      "testing": false
    },
    "software": "mriqc",
    "version": "24.1.0.dev0+gd5b13cb5.d20240826",
    "warnings": {
      "large_rot_frame": true,
      "small_air_mask": false
    }
  },
  "qi_1": 0.0,
  "qi_2": 0.0028522510134504713,
  "rpve_csf": 7.361676403252016,
  "rpve_gm": 7.288141100287096,
  "rpve_wm": 7.382341024071703,
  "size_x": 176,
  "size_y": 256,
  "size_z": 256,
  "snr_csf": 1.6753119731005668,
  "snr_gm": 4.972206780916279,
  "snr_total": 6.0093152267412195,
  "snr_wm": 11.380426926206816,
  "snrd_csf": 35.84113009435856,
  "snrd_gm": 72.77831921300942,
  "snrd_total": 71.4995836846684,
  "snrd_wm": 105.87930174663722,
  "spacing_x": 1.0,
  "spacing_y": 1.0,
  "spacing_z": 1.0,
  "summary_bg_k": 4591.5567,
  "summary_bg_mad": 0.0,
  "summary_bg_mean": 2.9139,
  "summary_bg_median": 0.0,
  "summary_bg_n": 3343999.0,
  "summary_bg_p05": 0.0,
  "summary_bg_p95": 13.0,
  "summary_bg_stdv": 5.9772,
  "summary_csf_k": -0.9806,
  "summary_csf_mad": 165.7555,
  "summary_csf_mean": 353.0314,
  "summary_csf_median": 327.0,
  "summary_csf_n": 431042.8829763393,
  "summary_csf_p05": 81.0,
  "summary_csf_p95": 684.0,
  "summary_csf_stdv": 195.1873,
  "summary_gm_k": -0.2755,
  "summary_gm_mad": 86.6832,
  "summary_gm_mean": 670.4716,
  "summary_gm_median": 664.0,
  "summary_gm_n": 584897.0290014604,
  "summary_gm_p05": 451.0,
  "summary_gm_p95": 926.0,
  "summary_gm_stdv": 133.5422,
  "summary_wm_k": -0.2037,
  "summary_wm_mad": 61.5618,
  "summary_wm_mean": 945.4652,
  "summary_wm_median": 966.0,
  "summary_wm_n": 529933.089476169,
  "summary_wm_p05": 771.0,
  "summary_wm_p95": 1049.0,
  "summary_wm_stdv": 84.8825,
  "tpm_overlap_csf": 0.20833498868847253,
  "tpm_overlap_gm": 0.534271480268543,
  "tpm_overlap_wm": 0.5552031977273032,
  "wm2max": 0.49315217384682064
}
