{
  "bids_meta": {
    "AcquisitionMatrixPE": 320,
    "AcquisitionNumber": 1,
    "AcquisitionTime": "17:21:52.000000",
    "BidsGuess": [
      "derived",
      "_acq-EFGRE3Dp2_run-300_T1w"
    ],
    "CoilString": "RM:Nova32ch",
    "ConversionSoftware": "dcm2niix",
    "ConversionSoftwareVersion": "v1.0.20240202",
    "DeviceSerialNumber": "00000858822HDMR1",
    "EchoTime": 0.003656,
    "FileSize": 0.015648938715457916,
    "FileSizeUnits": "GB",
    "FlipAngle": 8,
    "ImageOrientationPatientDICOM": [
      0,
      1,
      0,
      0,
      0,
      -1
    ],
    "ImageType": [
      "DERIVED",
      "PRIMARY",
      "OTHER"
    ],
    "ImagingFrequency": 127.71646,
    "InPlanePhaseEncodingDirectionDICOM": "ROW",
    "InstitutionName": "fmri3tw",
    "InversionTime": 1.06,
    "MRAcquisitionType": "3D",
    "MagneticFieldStrength": 3,
    "Manufacturer": "GE",
    "ManufacturersModelName": "DISCOVERY MR750",
    "Modality": "MR",
    "NumberOfVolumes": 1,
    "ParallelReductionFactorInPlane": 2,
    "PatientPosition": "HFS",
    "PercentPhaseFOV": 94,
    "PercentSampling": 100,
    "PixelBandwidth": 195.312,
    "PrescanReuseString": "TG/s1",
    "ProcedureStepDescription": "SPGR",
    "ProtocolName": "Hau_Harmonization_100320",
    "PulseSequenceName": "research/mprage_promo",
    "RawImage": false,
    "ReconMatrixPE": 320,
    "RepetitionTime": 0.008776,
    "SAR": 0.249113,
    "ScanOptions": "EDR_GEMS\\PROMO_GEMS\\ACC_GEMS\\FILTERED_GEMS",
    "ScanningSequence": "RM",
    "SequenceVariant": "NONE",
    "SeriesDescription": "PU:MPRAGE PROMO",
    "SeriesNumber": 300,
    "ShimSetting": [
      8,
      6,
      -37
    ],
    "SliceThickness": 0.8,
    "SoftwareVersions": "25\\LX\\MR Software release:DV25.0_R02_1549.b",
    "SpacingBetweenSlices": 0.8,
    "StationName": "MROW2",
    "acquisition": "mprage",
    "dataset": "<unset>",
    "datatype": "anat",
    "extension": ".nii.gz",
    "modality": "T1w",
    "session": "cfmri1",
    "subject": "ts010",
    "suffix": "T1w"
  },
  "cjv": 0.6279804166666667,
  "cnr": 1.460217959049272,
  "efc": 0.7163,
  "fber": 3456.9303,
  "fwhm_avg": 3.7872582768987875,
  "fwhm_x": 3.7176749446023263,
  "fwhm_y": 4.012299940212071,
  "fwhm_z": 3.6317999458819634,
  "icvs_csf": 0.26316669727274683,
  "icvs_gm": 0.37940068372870694,
  "icvs_wm": 0.3574326189985463,
  "inu_med": 0.6036088466644287,
  "inu_range": 0.13808720707893374,
  "provenance": {
    "md5sum": "f2da0d668c225b7b3de970c12838ae80",
    "settings": {
      "testing": false
    },
    "software": "mriqc",
    "version": "24.1.0.dev0+gd5b13cb5.d20240826",
    "warnings": {
      "large_rot_frame": true,
      "small_air_mask": false
    }
  },
  "qi_1": 0.0,
  "qi_2": 0.001799308378841937,
  "rpve_csf": 6.768227386084279,
  "rpve_gm": 6.6555699126964925,
  "rpve_wm": 6.730253102807693,
  "size_x": 204,
  "size_y": 320,
  "size_z": 320,
  "snr_csf": 1.8666996655839074,
  "snr_gm": 5.813221250825386,
  "snr_total": 5.816005723844505,
  "snr_wm": 9.768096255124224,
  "snrd_csf": 4.264145585417392,
  "snrd_gm": 8.408847316901523,
  "snrd_total": 7.982830904539561,
  "snrd_wm": 11.275499811299769,
  "spacing_x": 0.800000011920929,
  "spacing_y": 0.800000011920929,
  "spacing_z": 0.800000011920929,
  "summary_bg_k": 303.899,
  "summary_bg_mad": 0.0,
  "summary_bg_mean": 5.572,
  "summary_bg_median": 0.0,
  "summary_bg_n": 6832453.0,
  "summary_bg_p05": 0.0,
  "summary_bg_p95": 11.0,
  "summary_bg_stdv": 54.8489,
  "summary_csf_k": -1.0542,
  "summary_csf_mad": 166.0244,
  "summary_csf_mean": 377.0767,
  "summary_csf_median": 357.0,
  "summary_csf_n": 802586.8458016831,
  "summary_csf_p05": 102.0,
  "summary_csf_p95": 708.0,
  "summary_csf_stdv": 191.2465,
  "summary_gm_k": -0.5312,
  "summary_gm_mad": 79.5337,
  "summary_gm_mean": 711.3385,
  "summary_gm_median": 704.0,
  "summary_gm_n": 1157068.889051862,
  "summary_gm_p05": 517.0,
  "summary_gm_p95": 940.0,
  "summary_gm_stdv": 121.1032,
  "summary_wm_k": -0.1675,
  "summary_wm_mad": 71.1816,
  "summary_wm_mean": 923.2639,
  "summary_wm_median": 944.0,
  "summary_wm_n": 1090072.2668999576,
  "summary_wm_p05": 734.0,
  "summary_wm_p95": 1051.0,
  "summary_wm_stdv": 96.6411,
  "tpm_overlap_csf": 0.20854596348646146,
  "tpm_overlap_gm": 0.5386027937294946,
  "tpm_overlap_wm": 0.5537865376565111,
  "wm2max": 0.5793948552701688
}
