{
  "bids_meta": {
    "AcquisitionMatrixPE": 192,
    "AcquisitionNumber": 1,
    "AcquisitionTime": "18:14:6.000000",
    "BidsGuess": [
      "anat",
      "_acq-EFGRE3Dp2_run-13_T1w"
    ],
    "CoilString": "8HRBRAIN",
    "ConversionSoftware": "dcm2niix",
    "ConversionSoftwareVersion": "v1.0.20240202",
    "DeviceSerialNumber": "00000858822HDMR1",
    "EchoTime": 0.003172,
    "FileSize": 0.00866872351616621,
    "FileSizeUnits": "GB",
    "FlipAngle": 8,
    "ImageOrientationPatientDICOM": [
      0,
      1,
      0,
      0,
      0,
      -1
    ],
    "ImageType": [
      "ORIGINAL",
      "PRIMARY",
      "OTHER"
    ],
    "ImagingFrequency": 127.716566,
    "InPlanePhaseEncodingDirectionDICOM": "ROW",
    "InstitutionName": "fmri3tw",
    "InversionTime": 0.6,
    "MRAcquisitionType": "3D",
    "MagneticFieldStrength": 3,
    "Manufacturer": "GE",
    "ManufacturersModelName": "DISCOVERY MR750",
    "Modality": "MR",
    "NumberOfVolumes": 1,
    "ParallelReductionFactorInPlane": 2,
    "PatientAge": 0,
    "PatientPosition": "HFS",
    "PercentPhaseFOV": 100,
    "PercentSampling": 100,
    "PixelBandwidth": 244.141,
    "PrescanReuseString": "TG/s10",
    "ProcedureStepDescription": "SPGR",
    "ProtocolName": "Hau_Harmonization_100320",
    "PulseSequenceName": "efgre3d",
    "ReconMatrixPE": 256,
    "RepetitionTime": 0.008136,
    "SAR": 0.154665,
    "ScanOptions": "FAST_GEMS\\EDR_GEMS\\ACC_GEMS",
    "ScanningSequence": "GR",
    "SequenceVariant": "SS\\SP\\SK",
    "SeriesDescription": "FSPGR_Anat 8ch",
    "SeriesNumber": 13,
    "ShimSetting": [
      0,
      14,
      -35
    ],
    "SliceThickness": 1,
    "SoftwareVersions": "25\\LX\\MR Software release:DV25.0_R02_1549.b",
    "SpacingBetweenSlices": 1,
    "SpoilingState": true,
    "StationName": "MROW2",
    "acquisition": "fspgr",
    "dataset": "<unset>",
    "datatype": "anat",
    "extension": ".nii.gz",
    "modality": "T1w",
    "session": "cfmri2",
    "subject": "ts005",
    "suffix": "T1w"
  },
  "cjv": 0.49167683284457475,
  "cnr": 2.251208932395977,
  "efc": 0.5744,
  "fber": -1.0,
  "fwhm_avg": 4.07436,
  "fwhm_x": 3.85039,
  "fwhm_y": 4.50515,
  "fwhm_z": 3.86754,
  "icvs_csf": 0.2675230471979748,
  "icvs_gm": 0.3897543996726846,
  "icvs_wm": 0.34272255312934063,
  "inu_med": 0.5900918543338776,
  "inu_range": 0.2365405485033989,
  "provenance": {
    "md5sum": "18f701c472b464af648ab2c0cda9ab90",
    "settings": {
      "testing": false
    },
    "software": "mriqc",
    "version": "24.1.0.dev0+gd5b13cb5.d20240826",
    "warnings": {
      "large_rot_frame": true,
      "small_air_mask": false
    }
  },
  "qi_1": 0.0,
  "qi_2": 0.0008230530102804589,
  "rpve_csf": 7.440820310389615,
  "rpve_gm": 7.386323144220974,
  "rpve_wm": 7.499039365049603,
  "size_x": 172,
  "size_y": 256,
  "size_z": 256,
  "snr_csf": 1.8563238561536226,
  "snr_gm": 5.4345966107491,
  "snr_total": 5.6390024629095885,
  "snr_wm": 9.626086921826044,
  "snrd_csf": 49.651238949289734,
  "snrd_gm": 80.45580342829933,
  "snrd_total": 84.96167502579159,
  "snrd_wm": 124.77798269978572,
  "spacing_x": 1.0,
  "spacing_y": 1.0,
  "spacing_z": 1.0,
  "summary_bg_k": 40.2617,
  "summary_bg_mad": 0.0,
  "summary_bg_mean": 1.6249,
  "summary_bg_median": 0.0,
  "summary_bg_n": 4317177.0,
  "summary_bg_p05": 0.0,
  "summary_bg_p95": 10.0,
  "summary_bg_stdv": 5.0404,
  "summary_csf_k": -1.0045,
  "summary_csf_mad": 159.9272,
  "summary_csf_mean": 381.3366,
  "summary_csf_median": 382.0,
  "summary_csf_n": 398602.9199811758,
  "summary_csf_p05": 69.0,
  "summary_csf_p95": 701.0,
  "summary_csf_stdv": 205.7828,
  "summary_gm_k": -0.6084,
  "summary_gm_mad": 89.7856,
  "summary_gm_mean": 624.3085,
  "summary_gm_median": 619.0,
  "summary_gm_n": 580724.7017116752,
  "summary_gm_p05": 444.0,
  "summary_gm_p95": 820.0,
  "summary_gm_stdv": 113.8998,
  "summary_wm_k": -0.1707,
  "summary_wm_mad": 77.8762,
  "summary_wm_mean": 936.143,
  "summary_wm_median": 960.0,
  "summary_wm_n": 510648.37908960914,
  "summary_wm_p05": 738.0,
  "summary_wm_p95": 1061.0,
  "summary_wm_stdv": 99.7289,
  "tpm_overlap_csf": 0.21637331410250915,
  "tpm_overlap_gm": 0.5307707612441702,
  "tpm_overlap_wm": 0.5329457121286447,
  "wm2max": 0.6678880781828272
}
