{
  "bids_meta": {
    "AcquisitionMatrixPE": 256,
    "AcquisitionNumber": 1,
    "AcquisitionTime": "16:46:4.005000",
    "BaseResolution": 256,
    "BidsGuess": [
      "anat",
      "_acq-tfl3p2_run-3_T1w"
    ],
    "BodyPartExamined": "BRAIN",
    "CoilCombinationMethod": "Adaptive Combine",
    "ConsistencyInfo": "N4_VE11C_LATEST_20160120",
    "ConversionSoftware": "dcm2niix",
    "ConversionSoftwareVersion": "v1.0.20240202",
    "DeviceSerialNumber": "166046",
    "DwellTime": 8.2e-6,
    "EchoTime": 0.00298,
    "FileSize": 0.008017346262931824,
    "FileSizeUnits": "GB",
    "FlipAngle": 9,
    "ImageOrientationPatientDICOM": [
      0,
      1,
      0,
      0,
      0,
      -1
    ],
    "ImageOrientationText": "Sag",
    "ImageType": [
      "ORIGINAL",
      "PRIMARY",
      "M",
      "ND",
      "NORM"
    ],
    "ImagingFrequency": 123.231258,
    "InPlanePhaseEncodingDirectionDICOM": "ROW",
    "InstitutionAddress": "Campanile Dr 5500,San Diego,Los Angeles,US,92182",
    "InstitutionName": "SDSU EIS Complex",
    "InstitutionalDepartmentName": "Department",
    "InversionTime": 0.9,
    "MRAcquisitionType": "3D",
    "MagneticFieldStrength": 3,
    "Manufacturer": "Siemens",
    "ManufacturersModelName": "Prisma",
    "MatrixCoilMode": "GRAPPA",
    "Modality": "MR",
    "NonlinearGradientCorrection": false,
    "NumberOfVolumes": 1,
    "ParallelReductionFactorInPlane": 2,
    "PartialFourier": 1,
    "PatientAge": 44,
    "PatientPosition": "HFS",
    "PercentPhaseFOV": 100,
    "PercentSampling": 100,
    "PhaseEncodingSteps": 255,
    "PhaseResolution": 1,
    "PixelBandwidth": 240,
    "ProcedureStepDescription": "SDSU^Hau, Janice",
    "ProtocolName": "mprage-1^3,i900,f9,r7.1,e3.0,gr2",
    "PulseSequenceDetails": "%SiemensSeq%\\tfl",
    "ReceiveCoilActiveElements": "HEA;HEP",
    "ReceiveCoilName": "Head_32",
    "ReconMatrixPE": 256,
    "RefLinesPE": 24,
    "RepetitionTime": 2.3,
    "SAR": 0.0523522,
    "ScanOptions": "IR",
    "ScanningSequence": "GR\\IR",
    "SequenceName": "*tfl3d1_16ns",
    "SequenceVariant": "SK\\SP\\MP",
    "SeriesDescription": "mprage-1^3,i900,f9,r7.1,e3.0,gr2",
    "SeriesNumber": 3,
    "ShimSetting": [
      4166,
      -11912,
      3602,
      321,
      84,
      -4,
      -67,
      16
    ],
    "SliceThickness": 1,
    "SoftwareVersions": "syngo MR E11",
    "SpoilingState": true,
    "StationName": "AWP166046",
    "TxRefAmp": 234.472,
    "acquisition": "mprage",
    "dataset": "<unset>",
    "datatype": "anat",
    "extension": ".nii.gz",
    "modality": "T1w",
    "session": "sdsu2",
    "subject": "ts001",
    "suffix": "T1w"
  },
  "cjv": 0.4832629508196721,
  "cnr": 1.9377861050148706,
  "efc": 0.5101,
  "fber": 13746.2598,
  "fwhm_avg": 3.894666666666667,
  "fwhm_x": 3.96699,
  "fwhm_y": 4.13877,
  "fwhm_z": 3.57824,
  "icvs_csf": 0.27944177256115044,
  "icvs_gm": 0.37843760292472256,
  "icvs_wm": 0.342120624514127,
  "inu_med": 0.5043450593948364,
  "inu_range": 0.1340803682804108,
  "provenance": {
    "md5sum": "3ef849ea3a1a1f3fb320250ed5d2de2a",
    "settings": {
      "testing": false
    },
    "software": "mriqc",
    "version": "24.1.0.dev0+gd5b13cb5.d20240826",
    "warnings": {
      "large_rot_frame": true,
      "small_air_mask": false
    }
  },
  "qi_1": 0.0,
  "qi_2": 0.0020547769722354713,
  "rpve_csf": 7.3775794058742665,
  "rpve_gm": 7.3066537072192865,
  "rpve_wm": 7.400874194882802,
  "size_x": 176,
  "size_y": 256,
  "size_z": 256,
  "snr_csf": 1.6598108010152484,
  "snr_gm": 4.973367167746081,
  "snr_total": 6.0549330443605065,
  "snr_wm": 11.531621164320189,
  "snrd_csf": 43.891176818742295,
  "snrd_gm": 89.12870875462393,
  "snrd_total": 87.73747513357993,
  "snrd_wm": 130.1925398273736,
  "spacing_x": 1.0,
  "spacing_y": 1.0,
  "spacing_z": 1.0,
  "summary_bg_k": 4228.2502,
  "summary_bg_mad": 0.0,
  "summary_bg_mean": 1.8469,
  "summary_bg_median": 0.0,
  "summary_bg_n": 3977910.0,
  "summary_bg_p05": 0.0,
  "summary_bg_p95": 7.0,
  "summary_bg_stdv": 4.866,
  "summary_csf_k": -0.9786,
  "summary_csf_mad": 166.8853,
  "summary_csf_mean": 351.3579,
  "summary_csf_median": 326.0,
  "summary_csf_n": 431060.451610344,
  "summary_csf_p05": 77.0,
  "summary_csf_p95": 683.0,
  "summary_csf_stdv": 196.4077,
  "summary_gm_k": -0.3151,
  "summary_gm_mad": 86.2152,
  "summary_gm_mean": 668.7399,
  "summary_gm_median": 662.0,
  "summary_gm_n": 583769.1427732739,
  "summary_gm_p05": 450.0,
  "summary_gm_p95": 924.0,
  "summary_gm_stdv": 133.1089,
  "summary_wm_k": -0.1979,
  "summary_wm_mad": 61.18,
  "summary_wm_mean": 947.5295,
  "summary_wm_median": 967.0,
  "summary_wm_n": 527747.4071132315,
  "summary_wm_p05": 775.0,
  "summary_wm_p95": 1051.0,
  "summary_wm_stdv": 83.8563,
  "tpm_overlap_csf": 0.2062533541280727,
  "tpm_overlap_gm": 0.5311669562371262,
  "tpm_overlap_wm": 0.550647488709924,
  "wm2max": 0.5004299619176136
}
