{
  "bids_meta": {
    "AcquisitionMatrixPE": 320,
    "AcquisitionNumber": 1,
    "AcquisitionTime": "17:23:43.000000",
    "BidsGuess": [
      "derived",
      "_acq-EFGRE3Dp2_run-300_T1w"
    ],
    "CoilString": "RM:Nova32ch",
    "ConversionSoftware": "dcm2niix",
    "ConversionSoftwareVersion": "v1.0.20240202",
    "DeviceSerialNumber": "00000858822HDMR1",
    "EchoTime": 0.003656,
    "FileSize": 0.012929625809192657,
    "FileSizeUnits": "GB",
    "FlipAngle": 8,
    "ImageOrientationPatientDICOM": [
      0,
      1,
      0,
      0,
      0,
      -1
    ],
    "ImageType": [
      "DERIVED",
      "PRIMARY",
      "OTHER"
    ],
    "ImagingFrequency": 127.716562,
    "InPlanePhaseEncodingDirectionDICOM": "ROW",
    "InstitutionName": "fmri3tw",
    "InversionTime": 1.06,
    "MRAcquisitionType": "3D",
    "MagneticFieldStrength": 3,
    "Manufacturer": "GE",
    "ManufacturersModelName": "DISCOVERY MR750",
    "Modality": "MR",
    "NumberOfVolumes": 1,
    "ParallelReductionFactorInPlane": 2,
    "PatientAge": 0,
    "PatientPosition": "HFS",
    "PercentPhaseFOV": 94,
    "PercentSampling": 100,
    "PixelBandwidth": 195.312,
    "PrescanReuseString": "TG/s2",
    "ProcedureStepDescription": "SPGR",
    "ProtocolName": "Hau_Harmonization_100320",
    "PulseSequenceName": "research/mprage_promo",
    "RawImage": false,
    "ReconMatrixPE": 320,
    "RepetitionTime": 0.008776,
    "SAR": 0.234846,
    "ScanOptions": "EDR_GEMS\\PROMO_GEMS\\ACC_GEMS\\FILTERED_GEMS",
    "ScanningSequence": "RM",
    "SequenceVariant": "NONE",
    "SeriesDescription": "PU:MPRAGE PROMO",
    "SeriesNumber": 300,
    "ShimSetting": [
      4,
      18,
      -40
    ],
    "SliceThickness": 0.8,
    "SoftwareVersions": "25\\LX\\MR Software release:DV25.0_R02_1549.b",
    "SpacingBetweenSlices": 0.8,
    "StationName": "MROW2",
    "acquisition": "mprage",
    "dataset": "<unset>",
    "datatype": "anat",
    "extension": ".nii.gz",
    "modality": "T1w",
    "session": "cfmri2",
    "subject": "ts005",
    "suffix": "T1w"
  },
  "cjv": 0.5723329166666667,
  "cnr": 1.806901378590666,
  "efc": 0.694,
  "fber": -1.0,
  "fwhm_avg": 3.589466613179446,
  "fwhm_x": 3.5410749472338714,
  "fwhm_y": 3.7830874436276045,
  "fwhm_z": 3.444237448676862,
  "icvs_csf": 0.25356278382067043,
  "icvs_gm": 0.38826937884110074,
  "icvs_wm": 0.35816783733822877,
  "inu_med": 0.39332038164138794,
  "inu_range": 0.06550469249486923,
  "provenance": {
    "md5sum": "1e89b756ba27f644e9cc2af3cdb38690",
    "settings": {
      "testing": false
    },
    "software": "mriqc",
    "version": "24.1.0.dev0+gd5b13cb5.d20240826",
    "warnings": {
      "large_rot_frame": true,
      "small_air_mask": false
    }
  },
  "qi_1": 0.0,
  "qi_2": 0.0013649615971042933,
  "rpve_csf": 7.111254559303562,
  "rpve_gm": 7.031025847541143,
  "rpve_wm": 7.119875665255841,
  "size_x": 204,
  "size_y": 320,
  "size_z": 320,
  "snr_csf": 2.1647334693641285,
  "snr_gm": 6.877377570994658,
  "snr_total": 6.894880588395822,
  "snr_wm": 11.642530724828681,
  "snrd_csf": 29.939097673149625,
  "snrd_gm": 45.64276084499356,
  "snrd_total": 45.51508878668589,
  "snrd_wm": 60.96340784191448,
  "spacing_x": 0.800000011920929,
  "spacing_y": 0.800000011920929,
  "spacing_z": 0.800000011920929,
  "summary_bg_k": 1495.8828,
  "summary_bg_mad": 0.0,
  "summary_bg_mean": 1.7414,
  "summary_bg_median": 0.0,
  "summary_bg_n": 7057940.0,
  "summary_bg_p05": 0.0,
  "summary_bg_p95": 9.0,
  "summary_bg_stdv": 10.2628,
  "summary_csf_k": 0.4845,
  "summary_csf_mad": 155.8863,
  "summary_csf_mean": 468.1244,
  "summary_csf_median": 469.0,
  "summary_csf_n": 733695.5790650253,
  "summary_csf_p05": 121.0,
  "summary_csf_p95": 801.0,
  "summary_csf_stdv": 216.6547,
  "summary_gm_k": 0.4181,
  "summary_gm_mad": 75.2339,
  "summary_gm_mean": 723.3342,
  "summary_gm_median": 715.0,
  "summary_gm_n": 1123475.3083619378,
  "summary_gm_p05": 563.0,
  "summary_gm_p95": 920.0,
  "summary_gm_stdv": 103.964,
  "summary_wm_k": 0.3752,
  "summary_wm_mad": 62.126,
  "summary_wm_mean": 941.233,
  "summary_wm_median": 955.0,
  "summary_wm_n": 1036375.1133296922,
  "summary_wm_p05": 780.0,
  "summary_wm_p95": 1052.0,
  "summary_wm_stdv": 82.0268,
  "tpm_overlap_csf": 0.21551132031953774,
  "tpm_overlap_gm": 0.5289167052218458,
  "tpm_overlap_wm": 0.531941687274433,
  "wm2max": 0.7210438150331371
}
