{
  "bids_meta": {
    "AcquisitionMatrixPE": 256,
    "AcquisitionNumber": 1,
    "AcquisitionTime": "15:10:23.592500",
    "BaseResolution": 256,
    "BidsGuess": [
      "anat",
      "_acq-tfl3p2_run-3_T1w"
    ],
    "BodyPartExamined": "BRAIN",
    "CoilCombinationMethod": "Adaptive Combine",
    "ConsistencyInfo": "N4_VE11C_LATEST_20160120",
    "ConversionSoftware": "dcm2niix",
    "ConversionSoftwareVersion": "v1.0.20240202",
    "DeviceSerialNumber": "166046",
    "DwellTime": 8.2e-6,
    "EchoTime": 0.00298,
    "FileSize": 0.0069368258118629456,
    "FileSizeUnits": "GB",
    "FlipAngle": 9,
    "ImageOrientationPatientDICOM": [
      0,
      1,
      0,
      0,
      0,
      -1
    ],
    "ImageOrientationText": "Sag",
    "ImageType": [
      "ORIGINAL",
      "PRIMARY",
      "M",
      "ND",
      "NORM"
    ],
    "ImagingFrequency": 123.231316,
    "InPlanePhaseEncodingDirectionDICOM": "ROW",
    "InstitutionAddress": "Campanile Dr 5500,San Diego,Los Angeles,US,92182",
    "InstitutionName": "SDSU EIS Complex",
    "InstitutionalDepartmentName": "Department",
    "InversionTime": 0.9,
    "MRAcquisitionType": "3D",
    "MagneticFieldStrength": 3,
    "Manufacturer": "Siemens",
    "ManufacturersModelName": "Prisma",
    "MatrixCoilMode": "GRAPPA",
    "Modality": "MR",
    "NonlinearGradientCorrection": false,
    "NumberOfVolumes": 1,
    "ParallelReductionFactorInPlane": 2,
    "PartialFourier": 1,
    "PatientAge": 44,
    "PatientPosition": "HFS",
    "PercentPhaseFOV": 100,
    "PercentSampling": 100,
    "PhaseEncodingSteps": 255,
    "PhaseResolution": 1,
    "PixelBandwidth": 240,
    "ProcedureStepDescription": "SDSU^Hau, Janice",
    "ProtocolName": "mprage-1^3,i900,f9,r7.1,e3.0,gr2",
    "PulseSequenceDetails": "%SiemensSeq%\\tfl",
    "ReceiveCoilActiveElements": "HEA;HEP",
    "ReceiveCoilName": "Head_32",
    "ReconMatrixPE": 256,
    "RefLinesPE": 24,
    "RepetitionTime": 2.3,
    "SAR": 0.0424307,
    "ScanOptions": "IR",
    "ScanningSequence": "GR\\IR",
    "SequenceName": "*tfl3d1_16ns",
    "SequenceVariant": "SK\\SP\\MP",
    "SeriesDescription": "mprage-1^3,i900,f9,r7.1,e3.0,gr2",
    "SeriesNumber": 3,
    "ShimSetting": [
      4172,
      -11871,
      3538,
      265,
      62,
      -39,
      -142,
      -46
    ],
    "SliceThickness": 1,
    "SoftwareVersions": "syngo MR E11",
    "SpoilingState": true,
    "StationName": "AWP166046",
    "TxRefAmp": 238.025,
    "acquisition": "mprage",
    "dataset": "<unset>",
    "datatype": "anat",
    "extension": ".nii.gz",
    "modality": "T1w",
    "session": "sdsu1",
    "subject": "ts005",
    "suffix": "T1w"
  },
  "cjv": 0.4795114093959732,
  "cnr": 2.106920669408914,
  "efc": 0.5186,
  "fber": -1.0,
  "fwhm_avg": 3.60595,
  "fwhm_x": 3.68707,
  "fwhm_y": 3.7583,
  "fwhm_z": 3.37248,
  "icvs_csf": 0.26244936658538126,
  "icvs_gm": 0.38897517829831935,
  "icvs_wm": 0.3485754551162994,
  "inu_med": 0.5069294273853302,
  "inu_range": 0.14557382464408863,
  "provenance": {
    "md5sum": "07d9fe92a53ec25e463513196af857a5",
    "settings": {
      "testing": false
    },
    "software": "mriqc",
    "version": "24.1.0.dev0+gd5b13cb5.d20240826",
    "warnings": {
      "large_rot_frame": true,
      "small_air_mask": false
    }
  },
  "qi_1": 0.0,
  "qi_2": 0.0032063607786572807,
  "rpve_csf": 7.60934844400801,
  "rpve_gm": 7.550307551148628,
  "rpve_wm": 7.659030614858999,
  "size_x": 176,
  "size_y": 256,
  "size_z": 256,
  "snr_csf": 2.0923233228964335,
  "snr_gm": 6.082203845008275,
  "snr_total": 6.435732698961729,
  "snr_wm": 11.132670928980477,
  "snrd_csf": 28.959318354361375,
  "snrd_gm": 43.76363356690486,
  "snrd_total": 45.27869506526457,
  "snrd_wm": 63.113133274527485,
  "spacing_x": 1.0,
  "spacing_y": 1.0,
  "spacing_z": 1.0,
  "summary_bg_k": 9628.0957,
  "summary_bg_mad": 0.0,
  "summary_bg_mean": 2.4085,
  "summary_bg_median": 0.0,
  "summary_bg_n": 4248885.0,
  "summary_bg_p05": 0.0,
  "summary_bg_p95": 11.0,
  "summary_bg_stdv": 10.0897,
  "summary_csf_k": 3.886,
  "summary_csf_mad": 150.5985,
  "summary_csf_mean": 444.2572,
  "summary_csf_median": 446.0,
  "summary_csf_n": 391418.0352863694,
  "summary_csf_p05": 97.0,
  "summary_csf_p95": 762.0,
  "summary_csf_stdv": 213.1599,
  "summary_gm_k": -0.6047,
  "summary_gm_mad": 80.7557,
  "summary_gm_mean": 679.6687,
  "summary_gm_median": 674.0,
  "summary_gm_n": 580119.1370570981,
  "summary_gm_p05": 504.0,
  "summary_gm_p95": 879.0,
  "summary_gm_stdv": 110.815,
  "summary_wm_k": 0.3464,
  "summary_wm_mad": 62.1387,
  "summary_wm_mean": 953.4759,
  "summary_wm_median": 972.0,
  "summary_wm_n": 519866.82827937807,
  "summary_wm_p05": 777.0,
  "summary_wm_p95": 1064.0,
  "summary_wm_stdv": 87.3105,
  "tpm_overlap_csf": 0.22453724226754088,
  "tpm_overlap_gm": 0.5395185861933259,
  "tpm_overlap_wm": 0.5372121653853371,
  "wm2max": 0.5459541687057227
}
