{
  "bids_meta": {
    "AcquisitionMatrixPE": 192,
    "AcquisitionNumber": 1,
    "AcquisitionTime": "11:43:24.000000",
    "BidsGuess": [
      "anat",
      "_acq-EFGRE3Dp2_run-14_T1w"
    ],
    "CoilString": "8HRBRAIN",
    "ConversionSoftware": "dcm2niix",
    "ConversionSoftwareVersion": "v1.0.20240202",
    "DeviceSerialNumber": "00000858822HDMR1",
    "EchoTime": 0.003172,
    "FileSize": 0.008790211752057076,
    "FileSizeUnits": "GB",
    "FlipAngle": 8,
    "ImageOrientationPatientDICOM": [
      0,
      1,
      0,
      0,
      0,
      -1
    ],
    "ImageType": [
      "ORIGINAL",
      "PRIMARY",
      "OTHER"
    ],
    "ImagingFrequency": 127.716536,
    "InPlanePhaseEncodingDirectionDICOM": "ROW",
    "InstitutionName": "fmri3tw",
    "InversionTime": 0.6,
    "MRAcquisitionType": "3D",
    "MagneticFieldStrength": 3,
    "Manufacturer": "GE",
    "ManufacturersModelName": "DISCOVERY MR750",
    "Modality": "MR",
    "NumberOfVolumes": 1,
    "ParallelReductionFactorInPlane": 2,
    "PatientAge": 0,
    "PatientPosition": "HFS",
    "PercentPhaseFOV": 100,
    "PercentSampling": 100,
    "PixelBandwidth": 244.141,
    "PrescanReuseString": "TG/s11",
    "ProcedureStepDescription": "SPGR",
    "ProtocolName": "Hau_Harmonization_100320",
    "PulseSequenceName": "efgre3d",
    "ReconMatrixPE": 256,
    "RepetitionTime": 0.008136,
    "SAR": 0.154665,
    "ScanOptions": "FAST_GEMS\\EDR_GEMS\\ACC_GEMS",
    "ScanningSequence": "GR",
    "SequenceVariant": "SS\\SP\\SK",
    "SeriesDescription": "FSPGR_Anat 8ch",
    "SeriesNumber": 14,
    "ShimSetting": [
      1,
      11,
      -35
    ],
    "SliceThickness": 1,
    "SoftwareVersions": "25\\LX\\MR Software release:DV25.0_R02_1549.b",
    "SpacingBetweenSlices": 1,
    "SpoilingState": true,
    "StationName": "MROW2",
    "acquisition": "fspgr",
    "dataset": "<unset>",
    "datatype": "anat",
    "extension": ".nii.gz",
    "modality": "T1w",
    "session": "cfmri1",
    "subject": "ts005",
    "suffix": "T1w"
  },
  "cjv": 0.5207265060240964,
  "cnr": 2.106331794680432,
  "efc": 0.5692,
  "fber": -1.0,
  "fwhm_avg": 4.077573333333333,
  "fwhm_x": 3.79749,
  "fwhm_y": 4.59416,
  "fwhm_z": 3.84107,
  "icvs_csf": 0.2662724660349442,
  "icvs_gm": 0.3886375062546804,
  "icvs_wm": 0.34509002771037534,
  "inu_med": 0.6119197607040405,
  "inu_range": 0.22557960152626033,
  "provenance": {
    "md5sum": "e9de2dc0a0ef422e91eda43d23110a81",
    "settings": {
      "testing": false
    },
    "software": "mriqc",
    "version": "24.1.0.dev0+gd5b13cb5.d20240826",
    "warnings": {
      "large_rot_frame": true,
      "small_air_mask": false
    }
  },
  "qi_1": 0.0,
  "qi_2": 0.0019236719786747103,
  "rpve_csf": 7.398478584444502,
  "rpve_gm": 7.334742000719701,
  "rpve_wm": 7.446872687426572,
  "size_x": 172,
  "size_y": 256,
  "size_z": 256,
  "snr_csf": 1.840475382688942,
  "snr_gm": 5.217218691302776,
  "snr_total": 5.482878588054763,
  "snr_wm": 9.390941690172568,
  "snrd_csf": 39.03483714568693,
  "snrd_gm": 64.47442758100269,
  "snrd_total": 67.39259922338034,
  "snrd_wm": 98.6685329434514,
  "spacing_x": 1.0,
  "spacing_y": 1.0,
  "spacing_z": 1.0,
  "summary_bg_k": 619.4468,
  "summary_bg_mad": 0.0,
  "summary_bg_mean": 2.0909,
  "summary_bg_median": 0.0,
  "summary_bg_n": 4034731.0,
  "summary_bg_p05": 0.0,
  "summary_bg_p95": 13.0,
  "summary_bg_stdv": 6.3609,
  "summary_csf_k": -0.9834,
  "summary_csf_mad": 159.0436,
  "summary_csf_mean": 380.0781,
  "summary_csf_median": 379.0,
  "summary_csf_n": 399019.1426158022,
  "summary_csf_p05": 70.0,
  "summary_csf_p95": 703.0,
  "summary_csf_stdv": 205.9248,
  "summary_gm_k": -0.7047,
  "summary_gm_mad": 94.596,
  "summary_gm_mean": 631.2924,
  "summary_gm_median": 626.0,
  "summary_gm_n": 582387.6829748328,
  "summary_gm_p05": 443.0,
  "summary_gm_p95": 838.0,
  "summary_gm_stdv": 119.9872,
  "summary_wm_k": -0.4743,
  "summary_wm_mad": 78.2852,
  "summary_wm_mean": 933.6304,
  "summary_wm_median": 958.0,
  "summary_wm_n": 517130.17508985207,
  "summary_wm_p05": 730.0,
  "summary_wm_p95": 1062.0,
  "summary_wm_stdv": 102.0131,
  "tpm_overlap_csf": 0.21993014898993055,
  "tpm_overlap_gm": 0.541919641616685,
  "tpm_overlap_wm": 0.5409943090739483,
  "wm2max": 0.6407277505986607
}
