{
  "bids_meta": {
    "AcquisitionMatrixPE": 256,
    "AcquisitionNumber": 1,
    "AcquisitionTime": "18:10:22.837500",
    "BaseResolution": 256,
    "BidsGuess": [
      "anat",
      "_acq-tfl3p2_run-3_T1w"
    ],
    "BodyPartExamined": "BRAIN",
    "CoilCombinationMethod": "Adaptive Combine",
    "ConsistencyInfo": "N4_VE11C_LATEST_20160120",
    "ConversionSoftware": "dcm2niix",
    "ConversionSoftwareVersion": "v1.0.20240202",
    "DeviceSerialNumber": "166046",
    "DwellTime": 8.2e-6,
    "EchoTime": 0.00298,
    "FileSize": 0.00967797078192234,
    "FileSizeUnits": "GB",
    "FlipAngle": 9,
    "ImageOrientationPatientDICOM": [
      0,
      1,
      0,
      0,
      0,
      -1
    ],
    "ImageOrientationText": "Sag",
    "ImageType": [
      "ORIGINAL",
      "PRIMARY",
      "M",
      "ND",
      "NORM"
    ],
    "ImagingFrequency": 123.23126,
    "InPlanePhaseEncodingDirectionDICOM": "ROW",
    "InstitutionAddress": "Campanile Dr 5500,San Diego,Los Angeles,US,92182",
    "InstitutionName": "SDSU EIS Complex",
    "InstitutionalDepartmentName": "Department",
    "InversionTime": 0.9,
    "MRAcquisitionType": "3D",
    "MagneticFieldStrength": 3,
    "Manufacturer": "Siemens",
    "ManufacturersModelName": "Prisma",
    "MatrixCoilMode": "GRAPPA",
    "Modality": "MR",
    "NonlinearGradientCorrection": false,
    "NumberOfVolumes": 1,
    "ParallelReductionFactorInPlane": 2,
    "PartialFourier": 1,
    "PatientAge": 44,
    "PatientPosition": "HFS",
    "PercentPhaseFOV": 100,
    "PercentSampling": 100,
    "PhaseEncodingSteps": 255,
    "PhaseResolution": 1,
    "PixelBandwidth": 240,
    "ProcedureStepDescription": "SDSU^Hau, Janice",
    "ProtocolName": "mprage-1^3,i900,f9,r7.1,e3.0,gr2",
    "PulseSequenceDetails": "%SiemensSeq%\\tfl",
    "ReceiveCoilActiveElements": "HEA;HEP",
    "ReceiveCoilName": "Head_32",
    "ReconMatrixPE": 256,
    "RefLinesPE": 24,
    "RepetitionTime": 2.3,
    "SAR": 0.0678333,
    "ScanOptions": "IR",
    "ScanningSequence": "GR\\IR",
    "SequenceName": "*tfl3d1_16ns",
    "SequenceVariant": "SK\\SP\\MP",
    "SeriesDescription": "mprage-1^3,i900,f9,r7.1,e3.0,gr2",
    "SeriesNumber": 3,
    "ShimSetting": [
      4202,
      -11969,
      3603,
      264,
      91,
      -96,
      -79,
      -18
    ],
    "SliceThickness": 1,
    "SoftwareVersions": "syngo MR E11",
    "SpoilingState": true,
    "StationName": "AWP166046",
    "TxRefAmp": 276.285,
    "acquisition": "mprage",
    "dataset": "<unset>",
    "datatype": "anat",
    "extension": ".nii.gz",
    "modality": "T1w",
    "session": "sdsu1",
    "subject": "ts004",
    "suffix": "T1w"
  },
  "cjv": 0.5157114864864865,
  "cnr": 1.5620544205373765,
  "efc": 0.646,
  "fber": -1.0,
  "fwhm_avg": 3.82129,
  "fwhm_x": 3.93695,
  "fwhm_y": 3.94258,
  "fwhm_z": 3.58434,
  "icvs_csf": 0.27704402398444633,
  "icvs_gm": 0.37460043390431735,
  "icvs_wm": 0.34835554211123637,
  "inu_med": 0.5219024121761322,
  "inu_range": 0.16496294587850568,
  "provenance": {
    "md5sum": "e33ca6f32a95625a1ba654553ace1ea5",
    "settings": {
      "testing": false
    },
    "software": "mriqc",
    "version": "24.1.0.dev0+gd5b13cb5.d20240826",
    "warnings": {
      "large_rot_frame": true,
      "small_air_mask": false
    }
  },
  "qi_1": 0.0,
  "qi_2": 0.0013549568475217147,
  "rpve_csf": 5.551882325777757,
  "rpve_gm": 5.4710802876138285,
  "rpve_wm": 5.574655862594199,
  "size_x": 176,
  "size_y": 256,
  "size_z": 256,
  "snr_csf": 1.8048133380552505,
  "snr_gm": 4.59892212512883,
  "snr_total": 5.9315342450586614,
  "snr_wm": 11.390867271991906,
  "snrd_csf": 2.677323210857919,
  "snrd_gm": 5.140460564847205,
  "snrd_total": 5.074164942483104,
  "snrd_wm": 7.404711051744188,
  "spacing_x": 1.0,
  "spacing_y": 1.0,
  "spacing_z": 1.0,
  "summary_bg_k": 199.2317,
  "summary_bg_mad": 0.0,
  "summary_bg_mean": 8.8721,
  "summary_bg_median": 0.0,
  "summary_bg_n": 2762351.0,
  "summary_bg_p05": 0.0,
  "summary_bg_p95": 14.0,
  "summary_bg_stdv": 85.6444,
  "summary_csf_k": -0.9113,
  "summary_csf_mad": 159.5069,
  "summary_csf_mean": 374.0833,
  "summary_csf_median": 350.0,
  "summary_csf_n": 564428.4394467827,
  "summary_csf_p05": 104.0,
  "summary_csf_p95": 699.0,
  "summary_csf_stdv": 193.9257,
  "summary_gm_k": -0.0569,
  "summary_gm_mad": 89.224,
  "summary_gm_mean": 677.5997,
  "summary_gm_median": 672.0,
  "summary_gm_n": 763182.454845414,
  "summary_gm_p05": 433.0,
  "summary_gm_p95": 953.0,
  "summary_gm_stdv": 146.1211,
  "summary_wm_k": -0.1736,
  "summary_wm_mad": 63.4266,
  "summary_wm_mean": 949.2292,
  "summary_wm_median": 968.0,
  "summary_wm_n": 709713.1068870188,
  "summary_wm_p05": 777.0,
  "summary_wm_p95": 1057.0,
  "summary_wm_stdv": 84.9803,
  "tpm_overlap_csf": 0.22084073043702065,
  "tpm_overlap_gm": 0.5279000442441354,
  "tpm_overlap_wm": 0.5493592621868628,
  "wm2max": 0.4634060017905137
}
