{
  "bids_meta": {
    "AcquisitionMatrixPE": 256,
    "AcquisitionNumber": 1,
    "AcquisitionTime": "19:10:54.915000",
    "BaseResolution": 256,
    "BidsGuess": [
      "anat",
      "_acq-tfl3p2_run-3_T1w"
    ],
    "BodyPartExamined": "BRAIN",
    "CoilCombinationMethod": "Adaptive Combine",
    "ConsistencyInfo": "N4_VE11C_LATEST_20160120",
    "ConversionSoftware": "dcm2niix",
    "ConversionSoftwareVersion": "v1.0.20240202",
    "DeviceSerialNumber": "166046",
    "DwellTime": 8.2e-6,
    "EchoTime": 0.00298,
    "FileSize": 0.008167590014636517,
    "FileSizeUnits": "GB",
    "FlipAngle": 9,
    "ImageOrientationPatientDICOM": [
      0,
      1,
      0,
      0,
      0,
      -1
    ],
    "ImageOrientationText": "Sag",
    "ImageType": [
      "ORIGINAL",
      "PRIMARY",
      "M",
      "ND",
      "NORM"
    ],
    "ImagingFrequency": 123.231293,
    "InPlanePhaseEncodingDirectionDICOM": "ROW",
    "InstitutionAddress": "Campanile Dr 5500,San Diego,Los Angeles,US,92182",
    "InstitutionName": "SDSU EIS Complex",
    "InstitutionalDepartmentName": "Department",
    "InversionTime": 0.9,
    "MRAcquisitionType": "3D",
    "MagneticFieldStrength": 3,
    "Manufacturer": "Siemens",
    "ManufacturersModelName": "Prisma",
    "MatrixCoilMode": "GRAPPA",
    "Modality": "MR",
    "NonlinearGradientCorrection": false,
    "NumberOfVolumes": 1,
    "ParallelReductionFactorInPlane": 2,
    "PartialFourier": 1,
    "PatientAge": 44,
    "PatientPosition": "HFS",
    "PercentPhaseFOV": 100,
    "PercentSampling": 100,
    "PhaseEncodingSteps": 255,
    "PhaseResolution": 1,
    "PixelBandwidth": 240,
    "ProcedureStepDescription": "SDSU^Hau, Janice",
    "ProtocolName": "mprage-1^3,i900,f9,r7.1,e3.0,gr2",
    "PulseSequenceDetails": "%SiemensSeq%\\tfl",
    "ReceiveCoilActiveElements": "HEA;HEP",
    "ReceiveCoilName": "Head_32",
    "ReconMatrixPE": 256,
    "RefLinesPE": 24,
    "RepetitionTime": 2.3,
    "SAR": 0.0610417,
    "ScanOptions": "IR",
    "ScanningSequence": "GR\\IR",
    "SequenceName": "*tfl3d1_16ns",
    "SequenceVariant": "SK\\SP\\MP",
    "SeriesDescription": "mprage-1^3,i900,f9,r7.1,e3.0,gr2",
    "SeriesNumber": 3,
    "ShimSetting": [
      4191,
      -11951,
      3581,
      250,
      25,
      -186,
      113,
      -63
    ],
    "SliceThickness": 1,
    "SoftwareVersions": "syngo MR E11",
    "SpoilingState": true,
    "StationName": "AWP166046",
    "TxRefAmp": 250.984,
    "acquisition": "mprage",
    "dataset": "<unset>",
    "datatype": "anat",
    "extension": ".nii.gz",
    "modality": "T1w",
    "session": "sdsu2",
    "subject": "ts002",
    "suffix": "T1w"
  },
  "cjv": 0.4713981012658228,
  "cnr": 2.2135324112876833,
  "efc": 0.5433,
  "fber": 10433.7431,
  "fwhm_avg": 3.7764366666666667,
  "fwhm_x": 3.8313,
  "fwhm_y": 3.93569,
  "fwhm_z": 3.56232,
  "icvs_csf": 0.2855504137660323,
  "icvs_gm": 0.3807685366921268,
  "icvs_wm": 0.3336810495418409,
  "inu_med": 0.5065221190452576,
  "inu_range": 0.14438416063785553,
  "provenance": {
    "md5sum": "4b09efeaeb14a947cc7586967d349726",
    "settings": {
      "testing": false
    },
    "software": "mriqc",
    "version": "24.1.0.dev0+gd5b13cb5.d20240826",
    "warnings": {
      "large_rot_frame": true,
      "small_air_mask": false
    }
  },
  "qi_1": 0.0,
  "qi_2": 0.0018756583354688284,
  "rpve_csf": 7.869185841408238,
  "rpve_gm": 7.818458605940376,
  "rpve_wm": 7.917344022459983,
  "size_x": 176,
  "size_y": 256,
  "size_z": 256,
  "snr_csf": 1.8275920168215845,
  "snr_gm": 5.527308212901868,
  "snr_total": 6.614303865802832,
  "snr_wm": 12.488011367685042,
  "snrd_csf": 28.2366037889884,
  "snrd_gm": 51.832651523519104,
  "snrd_total": 52.252136816577426,
  "snrd_wm": 76.68715513722476,
  "spacing_x": 1.0,
  "spacing_y": 1.0,
  "spacing_z": 1.0,
  "summary_bg_k": 11587.2777,
  "summary_bg_mad": 0.0,
  "summary_bg_mean": 2.9578,
  "summary_bg_median": 0.0,
  "summary_bg_n": 3901869.0,
  "summary_bg_p05": 0.0,
  "summary_bg_p95": 14.0,
  "summary_bg_stdv": 8.3294,
  "summary_csf_k": -0.5853,
  "summary_csf_mad": 156.454,
  "summary_csf_mean": 375.2187,
  "summary_csf_median": 359.0,
  "summary_csf_n": 413023.2598606527,
  "summary_csf_p05": 84.0,
  "summary_csf_p95": 698.0,
  "summary_csf_stdv": 196.4331,
  "summary_gm_k": -0.6098,
  "summary_gm_mad": 88.5117,
  "summary_gm_mean": 664.3373,
  "summary_gm_median": 659.0,
  "summary_gm_n": 550747.800371986,
  "summary_gm_p05": 471.0,
  "summary_gm_p95": 873.0,
  "summary_gm_stdv": 119.2261,
  "summary_wm_k": -0.0516,
  "summary_wm_mad": 60.4501,
  "summary_wm_mean": 959.9652,
  "summary_wm_median": 975.0,
  "summary_wm_n": 482639.9409402266,
  "summary_wm_p05": 804.0,
  "summary_wm_p95": 1062.0,
  "summary_wm_stdv": 78.0748,
  "tpm_overlap_csf": 0.1883954766039299,
  "tpm_overlap_gm": 0.5278481828388492,
  "tpm_overlap_wm": 0.5359151868224609,
  "wm2max": 0.4885532643183479
}
