{
  "bids_meta": {
    "AcquisitionMatrixPE": 256,
    "AcquisitionNumber": 1,
    "AcquisitionTime": "16:30:26.767500",
    "BaseResolution": 256,
    "BidsGuess": [
      "anat",
      "_acq-tfl3p2_run-3_T1w"
    ],
    "BodyPartExamined": "BRAIN",
    "CoilCombinationMethod": "Adaptive Combine",
    "ConsistencyInfo": "N4_VE11C_LATEST_20160120",
    "ConversionSoftware": "dcm2niix",
    "ConversionSoftwareVersion": "v1.0.20240202",
    "DeviceSerialNumber": "166046",
    "DwellTime": 8.2e-6,
    "EchoTime": 0.00298,
    "FileSize": 0.008048220537602901,
    "FileSizeUnits": "GB",
    "FlipAngle": 9,
    "ImageOrientationPatientDICOM": [
      0,
      1,
      0,
      0,
      0,
      -1
    ],
    "ImageOrientationText": "Sag",
    "ImageType": [
      "ORIGINAL",
      "PRIMARY",
      "M",
      "ND",
      "NORM"
    ],
    "ImagingFrequency": 123.231323,
    "InPlanePhaseEncodingDirectionDICOM": "ROW",
    "InstitutionAddress": "Campanile Dr 5500,San Diego,Los Angeles,US,92182",
    "InstitutionName": "SDSU EIS Complex",
    "InstitutionalDepartmentName": "Department",
    "InversionTime": 0.9,
    "MRAcquisitionType": "3D",
    "MagneticFieldStrength": 3,
    "Manufacturer": "Siemens",
    "ManufacturersModelName": "Prisma",
    "MatrixCoilMode": "GRAPPA",
    "Modality": "MR",
    "NonlinearGradientCorrection": false,
    "NumberOfVolumes": 1,
    "ParallelReductionFactorInPlane": 2,
    "PartialFourier": 1,
    "PatientAge": 44,
    "PatientPosition": "HFS",
    "PercentPhaseFOV": 100,
    "PercentSampling": 100,
    "PhaseEncodingSteps": 255,
    "PhaseResolution": 1,
    "PixelBandwidth": 240,
    "ProcedureStepDescription": "SDSU^Hau, Janice",
    "ProtocolName": "mprage-1^3,i900,f9,r7.1,e3.0,gr2",
    "PulseSequenceDetails": "%SiemensSeq%\\tfl",
    "ReceiveCoilActiveElements": "HEA;HEP",
    "ReceiveCoilName": "Head_32",
    "ReconMatrixPE": 256,
    "RefLinesPE": 24,
    "RepetitionTime": 2.3,
    "SAR": 0.0506753,
    "ScanOptions": "IR",
    "ScanningSequence": "GR\\IR",
    "SequenceName": "*tfl3d1_16ns",
    "SequenceVariant": "SK\\SP\\MP",
    "SeriesDescription": "mprage-1^3,i900,f9,r7.1,e3.0,gr2",
    "SeriesNumber": 3,
    "ShimSetting": [
      4167,
      -11914,
      3625,
      85,
      23,
      -130,
      -66,
      -22
    ],
    "SliceThickness": 1,
    "SoftwareVersions": "syngo MR E11",
    "SpoilingState": true,
    "StationName": "AWP166046",
    "TxRefAmp": 283.288,
    "acquisition": "mprage",
    "dataset": "<unset>",
    "datatype": "anat",
    "extension": ".nii.gz",
    "modality": "T1w",
    "session": "sdsu1",
    "subject": "ts010",
    "suffix": "T1w"
  },
  "cjv": 0.5242315960912052,
  "cnr": 1.8359016426033514,
  "efc": 0.5869,
  "fber": 13802.6012,
  "fwhm_avg": 3.6727600000000002,
  "fwhm_x": 3.68964,
  "fwhm_y": 3.8974,
  "fwhm_z": 3.43124,
  "icvs_csf": 0.27650658302575737,
  "icvs_gm": 0.380540856262857,
  "icvs_wm": 0.3429525607113856,
  "inu_med": 0.5633338391780853,
  "inu_range": 0.14744741022586827,
  "provenance": {
    "md5sum": "31e938a61a3c3019c0c0302a046a2221",
    "settings": {
      "testing": false
    },
    "software": "mriqc",
    "version": "24.1.0.dev0+gd5b13cb5.d20240826",
    "warnings": {
      "large_rot_frame": true,
      "small_air_mask": false
    }
  },
  "qi_1": 0.0,
  "qi_2": 0.002668787924542561,
  "rpve_csf": 7.156248012800806,
  "rpve_gm": 7.070817969917008,
  "rpve_wm": 7.16783395863419,
  "size_x": 176,
  "size_y": 256,
  "size_z": 256,
  "snr_csf": 1.8011422491137992,
  "snr_gm": 5.17357322609861,
  "snr_total": 5.266830278969622,
  "snr_wm": 8.82577536169646,
  "snrd_csf": 11.06001377883602,
  "snrd_gm": 20.777482532495412,
  "snrd_total": 20.809447890237713,
  "snrd_wm": 30.59084735938171,
  "spacing_x": 1.0,
  "spacing_y": 1.0,
  "spacing_z": 1.0,
  "summary_bg_k": 2852.3333,
  "summary_bg_mad": 0.0,
  "summary_bg_mean": 3.6474,
  "summary_bg_median": 0.0,
  "summary_bg_n": 4122088.0,
  "summary_bg_p05": 0.0,
  "summary_bg_p95": 14.0,
  "summary_bg_stdv": 20.4952,
  "summary_csf_k": -0.9183,
  "summary_csf_mad": 156.3151,
  "summary_csf_mean": 362.9636,
  "summary_csf_median": 346.0,
  "summary_csf_n": 439274.94838740333,
  "summary_csf_p05": 73.0,
  "summary_csf_p95": 678.0,
  "summary_csf_stdv": 192.1001,
  "summary_gm_k": -0.5695,
  "summary_gm_mad": 84.6446,
  "summary_gm_mean": 655.8854,
  "summary_gm_median": 650.0,
  "summary_gm_n": 604550.0369826391,
  "summary_gm_p05": 454.0,
  "summary_gm_p95": 890.0,
  "summary_gm_stdv": 125.6384,
  "summary_wm_k": -0.1814,
  "summary_wm_mad": 76.2945,
  "summary_wm_mean": 928.5547,
  "summary_wm_median": 957.0,
  "summary_wm_n": 544835.0153449627,
  "summary_wm_p05": 705.0,
  "summary_wm_p95": 1062.0,
  "summary_wm_stdv": 108.4323,
  "tpm_overlap_csf": 0.20926978549460543,
  "tpm_overlap_gm": 0.5424956687467871,
  "tpm_overlap_wm": 0.5566765042051435,
  "wm2max": 0.46919753199974523
}
