{
  "bids_meta": {
    "AcquisitionMatrixPE": 256,
    "AcquisitionNumber": 1,
    "AcquisitionTime": "15:24:51.517500",
    "BaseResolution": 256,
    "BidsGuess": [
      "anat",
      "_acq-tfl3p2_run-3_T1w"
    ],
    "BodyPartExamined": "BRAIN",
    "CoilCombinationMethod": "Adaptive Combine",
    "ConsistencyInfo": "N4_VE11C_LATEST_20160120",
    "ConversionSoftware": "dcm2niix",
    "ConversionSoftwareVersion": "v1.0.20240202",
    "DeviceSerialNumber": "166046",
    "DwellTime": 8.2e-6,
    "EchoTime": 0.00298,
    "FileSize": 0.0072126369923353195,
    "FileSizeUnits": "GB",
    "FlipAngle": 9,
    "ImageOrientationPatientDICOM": [
      0,
      1,
      0,
      0,
      0,
      -1
    ],
    "ImageOrientationText": "Sag",
    "ImageType": [
      "ORIGINAL",
      "PRIMARY",
      "M",
      "ND",
      "NORM"
    ],
    "ImagingFrequency": 123.231425,
    "InPlanePhaseEncodingDirectionDICOM": "ROW",
    "InstitutionAddress": "Campanile Dr 5500,San Diego,Los Angeles,US,92182",
    "InstitutionName": "SDSU EIS Complex",
    "InstitutionalDepartmentName": "Department",
    "InversionTime": 0.9,
    "MRAcquisitionType": "3D",
    "MagneticFieldStrength": 3,
    "Manufacturer": "Siemens",
    "ManufacturersModelName": "Prisma",
    "MatrixCoilMode": "GRAPPA",
    "Modality": "MR",
    "NonlinearGradientCorrection": false,
    "NumberOfVolumes": 1,
    "ParallelReductionFactorInPlane": 2,
    "PartialFourier": 1,
    "PatientAge": 44,
    "PatientPosition": "HFS",
    "PercentPhaseFOV": 100,
    "PercentSampling": 100,
    "PhaseEncodingSteps": 255,
    "PhaseResolution": 1,
    "PixelBandwidth": 240,
    "ProcedureStepDescription": "SDSU^Hau, Janice",
    "ProtocolName": "mprage-1^3,i900,f9,r7.1,e3.0,gr2",
    "PulseSequenceDetails": "%SiemensSeq%\\tfl",
    "ReceiveCoilActiveElements": "HEA;HEP",
    "ReceiveCoilName": "Head_32",
    "ReconMatrixPE": 256,
    "RefLinesPE": 24,
    "RepetitionTime": 2.3,
    "SAR": 0.046795,
    "ScanOptions": "IR",
    "ScanningSequence": "GR\\IR",
    "SequenceName": "*tfl3d1_16ns",
    "SequenceVariant": "SK\\SP\\MP",
    "SeriesDescription": "mprage-1^3,i900,f9,r7.1,e3.0,gr2",
    "SeriesNumber": 3,
    "ShimSetting": [
      4171,
      -11809,
      3563,
      313,
      100,
      173,
      -251,
      -42
    ],
    "SliceThickness": 1,
    "SoftwareVersions": "syngo MR E11",
    "SpoilingState": true,
    "StationName": "AWP166046",
    "TxRefAmp": 234.159,
    "acquisition": "mprage",
    "dataset": "<unset>",
    "datatype": "anat",
    "extension": ".nii.gz",
    "modality": "T1w",
    "session": "sdsu2",
    "subject": "ts005",
    "suffix": "T1w"
  },
  "cjv": 0.4626425806451613,
  "cnr": 2.17744443372872,
  "efc": 0.5106,
  "fber": -1.0,
  "fwhm_avg": 3.60355,
  "fwhm_x": 3.69019,
  "fwhm_y": 3.74527,
  "fwhm_z": 3.37519,
  "icvs_csf": 0.2656597021466843,
  "icvs_gm": 0.38838907334612927,
  "icvs_wm": 0.34595122450718646,
  "inu_med": 0.5046721994876862,
  "inu_range": 0.13491007685661316,
  "provenance": {
    "md5sum": "6792f468842a13c053ad0066b907463b",
    "settings": {
      "testing": false
    },
    "software": "mriqc",
    "version": "24.1.0.dev0+gd5b13cb5.d20240826",
    "warnings": {
      "large_rot_frame": true,
      "small_air_mask": false
    }
  },
  "qi_1": 0.0,
  "qi_2": 0.0028235645445802903,
  "rpve_csf": 7.516833295548809,
  "rpve_gm": 7.459520836632423,
  "rpve_wm": 7.568646667159461,
  "size_x": 176,
  "size_y": 256,
  "size_z": 256,
  "snr_csf": 2.043202299716639,
  "snr_gm": 5.892699611489345,
  "snr_total": 6.344919741995124,
  "snr_wm": 11.098857314779387,
  "snrd_csf": 48.76602621993067,
  "snrd_gm": 76.20412135076636,
  "snrd_total": 78.97098808664896,
  "snrd_wm": 111.94281668924982,
  "spacing_x": 1.0,
  "spacing_y": 1.0,
  "spacing_z": 1.0,
  "summary_bg_k": 5235.7468,
  "summary_bg_mad": 0.0,
  "summary_bg_mean": 2.385,
  "summary_bg_median": 0.0,
  "summary_bg_n": 4446360.0,
  "summary_bg_p05": 0.0,
  "summary_bg_p95": 11.0,
  "summary_bg_stdv": 5.6827,
  "summary_csf_k": -0.1535,
  "summary_csf_mad": 147.2935,
  "summary_csf_mean": 424.3004,
  "summary_csf_median": 423.0,
  "summary_csf_n": 401134.4614022317,
  "summary_csf_p05": 91.0,
  "summary_csf_p95": 737.0,
  "summary_csf_stdv": 207.0277,
  "summary_gm_k": -0.5633,
  "summary_gm_mad": 80.4914,
  "summary_gm_mean": 667.5142,
  "summary_gm_median": 661.0,
  "summary_gm_n": 586450.4119077435,
  "summary_gm_p05": 489.0,
  "summary_gm_p95": 868.0,
  "summary_gm_stdv": 112.1726,
  "summary_wm_k": 0.1739,
  "summary_wm_mad": 62.9278,
  "summary_wm_mean": 951.2346,
  "summary_wm_median": 971.0,
  "summary_wm_n": 522371.12739631534,
  "summary_wm_p05": 773.0,
  "summary_wm_p95": 1060.0,
  "summary_wm_stdv": 87.4864,
  "tpm_overlap_csf": 0.22131897681120904,
  "tpm_overlap_gm": 0.53540785066932,
  "tpm_overlap_wm": 0.5328059947446285,
  "wm2max": 0.5629107999945757
}
