{
  "bids_meta": {
    "AcquisitionMatrixPE": 192,
    "AcquisitionNumber": 1,
    "AcquisitionTime": "17:09:53.000000",
    "BidsGuess": [
      "anat",
      "_acq-EFGRE3Dp2_run-15_T1w"
    ],
    "CoilString": "8HRBRAIN",
    "ConversionSoftware": "dcm2niix",
    "ConversionSoftwareVersion": "v1.0.20240202",
    "DeviceSerialNumber": "00000858822HDMR1",
    "EchoTime": 0.003172,
    "FileSize": 0.00969084445387125,
    "FileSizeUnits": "GB",
    "FlipAngle": 8,
    "ImageOrientationPatientDICOM": [
      0,
      1,
      0,
      0,
      0,
      -1
    ],
    "ImageType": [
      "ORIGINAL",
      "PRIMARY",
      "OTHER"
    ],
    "ImagingFrequency": 127.716463,
    "InPlanePhaseEncodingDirectionDICOM": "ROW",
    "InstitutionName": "fmri3tw",
    "InversionTime": 0.6,
    "MRAcquisitionType": "3D",
    "MagneticFieldStrength": 3,
    "Manufacturer": "GE",
    "ManufacturersModelName": "DISCOVERY MR750",
    "Modality": "MR",
    "NumberOfVolumes": 1,
    "ParallelReductionFactorInPlane": 2,
    "PatientPosition": "HFS",
    "PercentPhaseFOV": 100,
    "PercentSampling": 100,
    "PixelBandwidth": 244.141,
    "PrescanReuseString": "TG/s12",
    "ProcedureStepDescription": "SPGR",
    "ProtocolName": "Hau_Harmonization_090620",
    "PulseSequenceName": "efgre3d",
    "ReconMatrixPE": 256,
    "RepetitionTime": 0.008136,
    "SAR": 0.153029,
    "ScanOptions": "FAST_GEMS\\EDR_GEMS\\ACC_GEMS",
    "ScanningSequence": "GR",
    "SequenceVariant": "SS\\SP\\SK",
    "SeriesDescription": "FSPGR_Anat 8ch",
    "SeriesNumber": 15,
    "ShimSetting": [
      2,
      3,
      -43
    ],
    "SliceThickness": 1,
    "SoftwareVersions": "25\\LX\\MR Software release:DV25.0_R02_1549.b",
    "SpacingBetweenSlices": 1,
    "SpoilingState": true,
    "StationName": "MROW2",
    "acquisition": "fspgr",
    "dataset": "<unset>",
    "datatype": "anat",
    "extension": ".nii.gz",
    "modality": "T1w",
    "session": "cfmri1",
    "subject": "ts001",
    "suffix": "T1w"
  },
  "cjv": 0.5092480243161094,
  "cnr": 1.9325409054882423,
  "efc": 0.5287,
  "fber": -1.0,
  "fwhm_avg": 4.22449,
  "fwhm_x": 3.93164,
  "fwhm_y": 4.82826,
  "fwhm_z": 3.91357,
  "icvs_csf": 0.2821874965994222,
  "icvs_gm": 0.37948162651364903,
  "icvs_wm": 0.33833087688692876,
  "inu_med": 0.6252220869064331,
  "inu_range": 0.2220158010721206,
  "provenance": {
    "md5sum": "020b59d9463c8bb23aed6338336ceb04",
    "settings": {
      "testing": false
    },
    "software": "mriqc",
    "version": "24.1.0.dev0+gd5b13cb5.d20240826",
    "warnings": {
      "large_rot_frame": true,
      "small_air_mask": false
    }
  },
  "qi_1": 0.0,
  "qi_2": 0.001813474796494383,
  "rpve_csf": 7.282948181261124,
  "rpve_gm": 7.211114273566636,
  "rpve_wm": 7.310325315255434,
  "size_x": 172,
  "size_y": 256,
  "size_z": 256,
  "snr_csf": 1.4851100301366322,
  "snr_gm": 4.471697118159407,
  "snr_total": 5.292975146872203,
  "snr_wm": 9.92211829232057,
  "snrd_csf": 30.09992295458561,
  "snrd_gm": 65.98829263120693,
  "snrd_total": 65.56731468778615,
  "snrd_wm": 100.6137284775659,
  "spacing_x": 1.0,
  "spacing_y": 1.0,
  "spacing_z": 1.0,
  "summary_bg_k": 20.5055,
  "summary_bg_mad": 0.0,
  "summary_bg_mean": 2.2993,
  "summary_bg_median": 0.0,
  "summary_bg_n": 3938600.0,
  "summary_bg_p05": 0.0,
  "summary_bg_p95": 15.0,
  "summary_bg_stdv": 6.2249,
  "summary_csf_k": -0.8981,
  "summary_csf_mad": 165.7538,
  "summary_csf_mean": 317.4085,
  "summary_csf_median": 286.0,
  "summary_csf_n": 430586.51519880485,
  "summary_csf_p05": 60.0,
  "summary_csf_p95": 651.0,
  "summary_csf_stdv": 192.5781,
  "summary_gm_k": -0.6033,
  "summary_gm_mad": 94.7826,
  "summary_gm_mean": 631.0742,
  "summary_gm_median": 627.0,
  "summary_gm_n": 579046.4606390398,
  "summary_gm_p05": 401.0,
  "summary_gm_p95": 888.0,
  "summary_gm_stdv": 140.2151,
  "summary_wm_k": -0.4631,
  "summary_wm_mad": 72.76,
  "summary_wm_mean": 932.533,
  "summary_wm_median": 956.0,
  "summary_wm_n": 516255.0255360846,
  "summary_wm_p05": 736.0,
  "summary_wm_p95": 1051.0,
  "summary_wm_stdv": 96.3503,
  "tpm_overlap_csf": 0.20360789168396218,
  "tpm_overlap_gm": 0.5346626734966748,
  "tpm_overlap_wm": 0.5567666006213068,
  "wm2max": 0.6165420963600242
}
