{
  "bids_meta": {
    "AcquisitionMatrixPE": 320,
    "AcquisitionNumber": 1,
    "AcquisitionTime": "16:07:33.000000",
    "BidsGuess": [
      "derived",
      "_acq-EFGRE3Dp2_run-300_T1w"
    ],
    "CoilString": "RM:Nova32ch",
    "ConversionSoftware": "dcm2niix",
    "ConversionSoftwareVersion": "v1.0.20240202",
    "DeviceSerialNumber": "00000858822HDMR1",
    "EchoTime": 0.003656,
    "FileSize": 0.013271397911012173,
    "FileSizeUnits": "GB",
    "FlipAngle": 8,
    "ImageOrientationPatientDICOM": [
      0,
      1,
      0,
      0,
      0,
      -1
    ],
    "ImageType": [
      "DERIVED",
      "PRIMARY",
      "OTHER"
    ],
    "ImagingFrequency": 127.716499,
    "InPlanePhaseEncodingDirectionDICOM": "ROW",
    "InstitutionName": "fmri3tw",
    "InversionTime": 1.06,
    "MRAcquisitionType": "3D",
    "MagneticFieldStrength": 3,
    "Manufacturer": "GE",
    "ManufacturersModelName": "DISCOVERY MR750",
    "Modality": "MR",
    "NumberOfVolumes": 1,
    "ParallelReductionFactorInPlane": 2,
    "PatientPosition": "HFS",
    "PercentPhaseFOV": 94,
    "PercentSampling": 100,
    "PixelBandwidth": 195.312,
    "PrescanReuseString": "TG/s1",
    "ProcedureStepDescription": "SPGR",
    "ProtocolName": "Hau_Harmonization_090620",
    "PulseSequenceName": "research/mprage_promo",
    "RawImage": false,
    "ReconMatrixPE": 320,
    "RepetitionTime": 0.008776,
    "SAR": 0.232361,
    "ScanOptions": "EDR_GEMS\\PROMO_GEMS\\ACC_GEMS\\FILTERED_GEMS",
    "ScanningSequence": "RM",
    "SequenceVariant": "NONE",
    "SeriesDescription": "PU:MPRAGE PROMO",
    "SeriesNumber": 300,
    "ShimSetting": [
      5,
      3,
      -33
    ],
    "SliceThickness": 0.8,
    "SoftwareVersions": "25\\LX\\MR Software release:DV25.0_R02_1549.b",
    "SpacingBetweenSlices": 0.8,
    "StationName": "MROW2",
    "acquisition": "mprage",
    "dataset": "<unset>",
    "datatype": "anat",
    "extension": ".nii.gz",
    "modality": "T1w",
    "session": "cfmri1",
    "subject": "ts001",
    "suffix": "T1w"
  },
  "cjv": 0.5494727611940299,
  "cnr": 1.8442995558090252,
  "efc": 0.6699,
  "fber": -1.0,
  "fwhm_avg": 4.132216605091841,
  "fwhm_x": 4.103374938854949,
  "fwhm_y": 4.386262434639597,
  "fwhm_z": 3.907012441780978,
  "icvs_csf": 0.2735556969614307,
  "icvs_gm": 0.3770472039936359,
  "icvs_wm": 0.3493970990449334,
  "inu_med": 0.40489548444747925,
  "inu_range": 0.06836201995611191,
  "provenance": {
    "md5sum": "3f3a176ca54173f1ab6d86531bbb9d41",
    "settings": {
      "testing": false
    },
    "software": "mriqc",
    "version": "24.1.0.dev0+gd5b13cb5.d20240826",
    "warnings": {
      "large_rot_frame": true,
      "small_air_mask": false
    }
  },
  "qi_1": 0.0,
  "qi_2": 0.0014811169856798114,
  "rpve_csf": 6.904072936705321,
  "rpve_gm": 6.822209493944639,
  "rpve_wm": 6.891624493580293,
  "size_x": 204,
  "size_y": 320,
  "size_z": 320,
  "snr_csf": 1.7093452332046815,
  "snr_gm": 5.725049943919931,
  "snr_total": 6.372277551710937,
  "snr_wm": 11.682437478008197,
  "snrd_csf": 35.19439998618116,
  "snrd_gm": 77.74454273474745,
  "snrd_total": 73.67059289711877,
  "snrd_wm": 108.07283597042769,
  "spacing_x": 0.800000011920929,
  "spacing_y": 0.800000011920929,
  "spacing_z": 0.800000011920929,
  "summary_bg_k": 484.6633,
  "summary_bg_mad": 0.0,
  "summary_bg_mean": 1.4195,
  "summary_bg_median": 0.0,
  "summary_bg_n": 7357574.0,
  "summary_bg_p05": 0.0,
  "summary_bg_p95": 11.0,
  "summary_bg_stdv": 5.7892,
  "summary_csf_k": -0.9713,
  "summary_csf_mad": 168.634,
  "summary_csf_mean": 342.9496,
  "summary_csf_median": 311.0,
  "summary_csf_n": 819024.663374567,
  "summary_csf_p05": 106.0,
  "summary_csf_p95": 675.0,
  "summary_csf_stdv": 181.9409,
  "summary_gm_k": -0.5141,
  "summary_gm_mad": 82.9144,
  "summary_gm_mean": 695.5367,
  "summary_gm_median": 687.0,
  "summary_gm_n": 1128877.8218014936,
  "summary_gm_p05": 504.0,
  "summary_gm_p95": 925.0,
  "summary_gm_stdv": 119.9989,
  "summary_wm_k": -0.3622,
  "summary_wm_mad": 64.3443,
  "summary_wm_mean": 938.6006,
  "summary_wm_median": 955.0,
  "summary_wm_n": 1046093.5180950514,
  "summary_wm_p05": 776.0,
  "summary_wm_p95": 1046.0,
  "summary_wm_stdv": 81.7466,
  "tpm_overlap_csf": 0.18622708491926868,
  "tpm_overlap_gm": 0.5178849485368188,
  "tpm_overlap_wm": 0.5500787480743612,
  "wm2max": 0.6709123061523866
}
