{
  "bids_meta": {
    "AcquisitionMatrixPE": 320,
    "AcquisitionNumber": 1,
    "AcquisitionTime": "09:21:34.000000",
    "BidsGuess": [
      "derived",
      "_acq-EFGRE3Dp2_run-300_T1w"
    ],
    "CoilString": "RM:Nova32ch",
    "ConversionSoftware": "dcm2niix",
    "ConversionSoftwareVersion": "v1.0.20240202",
    "DeviceSerialNumber": "00000858822HDMR1",
    "EchoTime": 0.003656,
    "FileSize": 0.012307214550673962,
    "FileSizeUnits": "GB",
    "FlipAngle": 8,
    "ImageOrientationPatientDICOM": [
      0,
      1,
      0,
      0,
      0,
      -1
    ],
    "ImageType": [
      "DERIVED",
      "PRIMARY",
      "OTHER"
    ],
    "ImagingFrequency": 127.716682,
    "InPlanePhaseEncodingDirectionDICOM": "ROW",
    "InstitutionName": "fmri3tw",
    "InversionTime": 1.06,
    "MRAcquisitionType": "3D",
    "MagneticFieldStrength": 3,
    "Manufacturer": "GE",
    "ManufacturersModelName": "DISCOVERY MR750",
    "Modality": "MR",
    "NumberOfVolumes": 1,
    "ParallelReductionFactorInPlane": 2,
    "PatientAge": 0,
    "PatientPosition": "HFS",
    "PercentPhaseFOV": 94,
    "PercentSampling": 100,
    "PixelBandwidth": 195.312,
    "PrescanReuseString": "TG/s1",
    "ProcedureStepDescription": "SPGR",
    "ProtocolName": "Hau_Harmonization_100320",
    "PulseSequenceName": "research/mprage_promo",
    "RawImage": false,
    "ReconMatrixPE": 320,
    "RepetitionTime": 0.008776,
    "SAR": 0.236036,
    "ScanOptions": "EDR_GEMS\\PROMO_GEMS\\ACC_GEMS\\FILTERED_GEMS",
    "ScanningSequence": "RM",
    "SequenceVariant": "NONE",
    "SeriesDescription": "PU:MPRAGE PROMO",
    "SeriesNumber": 300,
    "ShimSetting": [
      3,
      9,
      -19
    ],
    "SliceThickness": 0.8,
    "SoftwareVersions": "25\\LX\\MR Software release:DV25.0_R02_1549.b",
    "SpacingBetweenSlices": 0.8,
    "StationName": "MROW2",
    "acquisition": "mprage",
    "dataset": "<unset>",
    "datatype": "anat",
    "extension": ".nii.gz",
    "modality": "T1w",
    "session": "cfmri1",
    "subject": "ts009",
    "suffix": "T1w"
  },
  "cjv": 0.6089858974358975,
  "cnr": 1.5819813298781786,
  "efc": 0.6817,
  "fber": -1.0,
  "fwhm_avg": 4.148945771509223,
  "fwhm_x": 4.1261374385157605,
  "fwhm_y": 4.354099935118855,
  "fwhm_z": 3.966599940893055,
  "icvs_csf": 0.2645235624824801,
  "icvs_gm": 0.37711715777933585,
  "icvs_wm": 0.35835927973818393,
  "inu_med": 0.4206039756536484,
  "inu_range": 0.07492609620094298,
  "provenance": {
    "md5sum": "28e8023356c97c0b0a3ff481b0f8aa82",
    "settings": {
      "testing": false
    },
    "software": "mriqc",
    "version": "24.1.0.dev0+gd5b13cb5.d20240826",
    "warnings": {
      "large_rot_frame": true,
      "small_air_mask": false
    }
  },
  "qi_1": 0.0,
  "qi_2": 0.0014988506266985161,
  "rpve_csf": 7.471408356073689,
  "rpve_gm": 7.362138029382024,
  "rpve_wm": 7.415625392985505,
  "size_x": 204,
  "size_y": 320,
  "size_z": 320,
  "snr_csf": 1.7862432812471793,
  "snr_gm": 5.989889823680256,
  "snr_total": 6.210347968551178,
  "snr_wm": 10.854910800726097,
  "snrd_csf": 30.14691566228344,
  "snrd_gm": 71.27449596976945,
  "snrd_total": 65.35159200962988,
  "snrd_wm": 94.63336439683675,
  "spacing_x": 0.800000011920929,
  "spacing_y": 0.800000011920929,
  "spacing_z": 0.800000011920929,
  "summary_bg_k": 403.239,
  "summary_bg_mad": 0.0,
  "summary_bg_mean": 1.4042,
  "summary_bg_median": 0.0,
  "summary_bg_n": 8079628.0,
  "summary_bg_p05": 0.0,
  "summary_bg_p95": 10.0,
  "summary_bg_stdv": 6.5629,
  "summary_csf_k": -1.0139,
  "summary_csf_mad": 162.252,
  "summary_csf_mean": 333.2068,
  "summary_csf_median": 302.0,
  "summary_csf_n": 734121.1338032803,
  "summary_csf_p05": 116.0,
  "summary_csf_p95": 660.0,
  "summary_csf_stdv": 169.0698,
  "summary_gm_k": -0.1092,
  "summary_gm_mad": 76.5374,
  "summary_gm_mean": 721.7806,
  "summary_gm_median": 714.0,
  "summary_gm_n": 1046597.4102551747,
  "summary_gm_p05": 530.0,
  "summary_gm_p95": 949.0,
  "summary_gm_stdv": 119.2008,
  "summary_wm_k": -0.2601,
  "summary_wm_mad": 65.9653,
  "summary_wm_mean": 929.6137,
  "summary_wm_median": 948.0,
  "summary_wm_n": 994539.4590992124,
  "summary_wm_p05": 754.0,
  "summary_wm_p95": 1043.0,
  "summary_wm_stdv": 87.3337,
  "tpm_overlap_csf": 0.1844062984313455,
  "tpm_overlap_gm": 0.5233788569758616,
  "tpm_overlap_wm": 0.5632032695838036,
  "wm2max": 0.5931987387886913
}
