{
  "bids_meta": {
    "AcquisitionMatrixPE": 192,
    "AcquisitionNumber": 1,
    "AcquisitionTime": "10:10:48.000000",
    "BidsGuess": [
      "anat",
      "_acq-EFGRE3Dp2_run-13_T1w"
    ],
    "CoilString": "8HRBRAIN",
    "ConversionSoftware": "dcm2niix",
    "ConversionSoftwareVersion": "v1.0.20240202",
    "DeviceSerialNumber": "00000858822HDMR1",
    "EchoTime": 0.003172,
    "FileSize": 0.009055341593921185,
    "FileSizeUnits": "GB",
    "FlipAngle": 8,
    "ImageOrientationPatientDICOM": [
      0,
      1,
      0,
      0,
      0,
      -1
    ],
    "ImageType": [
      "ORIGINAL",
      "PRIMARY",
      "OTHER"
    ],
    "ImagingFrequency": 127.716674,
    "InPlanePhaseEncodingDirectionDICOM": "ROW",
    "InstitutionName": "fmri3tw",
    "InversionTime": 0.6,
    "MRAcquisitionType": "3D",
    "MagneticFieldStrength": 3,
    "Manufacturer": "GE",
    "ManufacturersModelName": "DISCOVERY MR750",
    "Modality": "MR",
    "NumberOfVolumes": 1,
    "ParallelReductionFactorInPlane": 2,
    "PatientAge": 0,
    "PatientPosition": "HFS",
    "PercentPhaseFOV": 100,
    "PercentSampling": 100,
    "PixelBandwidth": 244.141,
    "PrescanReuseString": "TG/s10",
    "ProcedureStepDescription": "SPGR",
    "ProtocolName": "Hau_Harmonization_100320",
    "PulseSequenceName": "efgre3d",
    "ReconMatrixPE": 256,
    "RepetitionTime": 0.008136,
    "SAR": 0.155449,
    "ScanOptions": "FAST_GEMS\\EDR_GEMS\\ACC_GEMS",
    "ScanningSequence": "GR",
    "SequenceVariant": "SS\\SP\\SK",
    "SeriesDescription": "FSPGR_Anat 8ch",
    "SeriesNumber": 13,
    "ShimSetting": [
      -2,
      12,
      -22
    ],
    "SliceThickness": 1,
    "SoftwareVersions": "25\\LX\\MR Software release:DV25.0_R02_1549.b",
    "SpacingBetweenSlices": 1,
    "SpoilingState": true,
    "StationName": "MROW2",
    "acquisition": "fspgr",
    "dataset": "<unset>",
    "datatype": "anat",
    "extension": ".nii.gz",
    "modality": "T1w",
    "session": "cfmri1",
    "subject": "ts009",
    "suffix": "T1w"
  },
  "cjv": 0.5415650793650795,
  "cnr": 1.7710196165654906,
  "efc": 0.5399,
  "fber": -1.0,
  "fwhm_avg": 4.239613333333334,
  "fwhm_x": 3.96207,
  "fwhm_y": 4.75908,
  "fwhm_z": 3.99769,
  "icvs_csf": 0.27679182795188023,
  "icvs_gm": 0.37963213713683513,
  "icvs_wm": 0.34357603491128463,
  "inu_med": 0.6273612678050995,
  "inu_range": 0.2317650318145752,
  "provenance": {
    "md5sum": "06cb9a92bc770781c47399f3ee7b19d3",
    "settings": {
      "testing": false
    },
    "software": "mriqc",
    "version": "24.1.0.dev0+gd5b13cb5.d20240826",
    "warnings": {
      "large_rot_frame": true,
      "small_air_mask": false
    }
  },
  "qi_1": 0.0,
  "qi_2": 0.0009594475304987215,
  "rpve_csf": 7.824826770903201,
  "rpve_gm": 7.73562269761686,
  "rpve_wm": 7.816367074419786,
  "size_x": 172,
  "size_y": 256,
  "size_z": 256,
  "snr_csf": 1.3953882974287397,
  "snr_gm": 4.432810963893828,
  "snr_total": 4.987736646530835,
  "snr_wm": 9.135010678269937,
  "snrd_csf": 26.22523240476425,
  "snrd_gm": 68.572533910818,
  "snrd_total": 65.74221511303607,
  "snrd_wm": 102.42887902352594,
  "spacing_x": 1.0,
  "spacing_y": 1.0,
  "spacing_z": 1.0,
  "summary_bg_k": 25.2786,
  "summary_bg_mad": 0.0,
  "summary_bg_mean": 2.0649,
  "summary_bg_median": 0.0,
  "summary_bg_n": 4654355.0,
  "summary_bg_p05": 0.0,
  "summary_bg_p95": 14.0,
  "summary_bg_stdv": 6.0954,
  "summary_csf_k": -0.9272,
  "summary_csf_mad": 149.3112,
  "summary_csf_mean": 287.0297,
  "summary_csf_median": 244.0,
  "summary_csf_n": 394529.6607263853,
  "summary_csf_p05": 65.0,
  "summary_csf_p95": 618.0,
  "summary_csf_stdv": 174.8615,
  "summary_gm_k": -0.6199,
  "summary_gm_mad": 95.3605,
  "summary_gm_mean": 640.5229,
  "summary_gm_median": 638.0,
  "summary_gm_n": 541114.7409000329,
  "summary_gm_p05": 406.0,
  "summary_gm_p95": 912.0,
  "summary_gm_stdv": 143.9266,
  "summary_wm_k": -0.4775,
  "summary_wm_mad": 75.2325,
  "summary_wm_mean": 923.756,
  "summary_wm_median": 953.0,
  "summary_wm_n": 489721.59868401586,
  "summary_wm_p05": 709.0,
  "summary_wm_p95": 1049.0,
  "summary_wm_stdv": 104.3238,
  "tpm_overlap_csf": 0.19927603686580617,
  "tpm_overlap_gm": 0.5350701638947474,
  "tpm_overlap_wm": 0.5682437359851129,
  "wm2max": 0.5180309150637592
}
