{
  "bids_meta": {
    "AcquisitionMatrixPE": 192,
    "AcquisitionNumber": 1,
    "AcquisitionTime": "15:22:14.000000",
    "BidsGuess": [
      "anat",
      "_acq-EFGRE3Dp2_run-16_T1w"
    ],
    "CoilString": "8HRBRAIN",
    "ConversionSoftware": "dcm2niix",
    "ConversionSoftwareVersion": "v1.0.20240202",
    "DeviceSerialNumber": "00000858822HDMR1",
    "EchoTime": 0.003172,
    "FileSize": 0.010256706736981869,
    "FileSizeUnits": "GB",
    "FlipAngle": 8,
    "ImageOrientationPatientDICOM": [
      0,
      1,
      0,
      0,
      0,
      -1
    ],
    "ImageType": [
      "ORIGINAL",
      "PRIMARY",
      "OTHER"
    ],
    "ImagingFrequency": 127.716453,
    "InPlanePhaseEncodingDirectionDICOM": "ROW",
    "InstitutionName": "fmri3tw",
    "InversionTime": 0.6,
    "MRAcquisitionType": "3D",
    "MagneticFieldStrength": 3,
    "Manufacturer": "GE",
    "ManufacturersModelName": "DISCOVERY MR750",
    "Modality": "MR",
    "NumberOfVolumes": 1,
    "ParallelReductionFactorInPlane": 2,
    "PatientAge": 0,
    "PatientPosition": "HFS",
    "PercentPhaseFOV": 100,
    "PercentSampling": 100,
    "PixelBandwidth": 244.141,
    "PrescanReuseString": "TG/s13",
    "ProcedureStepDescription": "SPGR",
    "ProtocolName": "Hau_Harmonization_2FMopt",
    "PulseSequenceName": "efgre3d",
    "ReconMatrixPE": 256,
    "RepetitionTime": 0.008136,
    "SAR": 0.153859,
    "ScanOptions": "FAST_GEMS\\EDR_GEMS\\ACC_GEMS",
    "ScanningSequence": "GR",
    "SequenceVariant": "SS\\SP\\SK",
    "SeriesDescription": "FSPGR_Anat 8ch",
    "SeriesNumber": 16,
    "ShimSetting": [
      0,
      1,
      -36
    ],
    "SliceThickness": 1,
    "SoftwareVersions": "25\\LX\\MR Software release:DV25.0_R02_1549.b",
    "SpacingBetweenSlices": 1,
    "SpoilingState": true,
    "StationName": "MROW2",
    "acquisition": "fspgr",
    "dataset": "<unset>",
    "datatype": "anat",
    "extension": ".nii.gz",
    "modality": "T1w",
    "session": "cfmri1",
    "subject": "ts002",
    "suffix": "T1w"
  },
  "cjv": 0.5282613418530351,
  "cnr": 2.1615643631604238,
  "efc": 0.5293,
  "fber": -1.0,
  "fwhm_avg": 4.3904700000000005,
  "fwhm_x": 4.12258,
  "fwhm_y": 4.87598,
  "fwhm_z": 4.17285,
  "icvs_csf": 0.28017929377862816,
  "icvs_gm": 0.3836320165398676,
  "icvs_wm": 0.3361886896815042,
  "inu_med": 0.5827236175537109,
  "inu_range": 0.18917414695024493,
  "provenance": {
    "md5sum": "24724cb20028868fd98746ff380a3ac9",
    "settings": {
      "testing": false
    },
    "software": "mriqc",
    "version": "24.1.0.dev0+gd5b13cb5.d20240826",
    "warnings": {
      "large_rot_frame": true,
      "small_air_mask": false
    }
  },
  "qi_1": 0.0,
  "qi_2": 0.0019643098414579,
  "rpve_csf": 7.8916229329014005,
  "rpve_gm": 7.835995463007463,
  "rpve_wm": 7.933592986630955,
  "size_x": 172,
  "size_y": 256,
  "size_z": 256,
  "snr_csf": 1.77081746643173,
  "snr_gm": 5.596052713686054,
  "snr_total": 6.155221080012793,
  "snr_wm": 11.098793059920594,
  "snrd_csf": 29.28988007569888,
  "snrd_gm": 53.92000650299112,
  "snrd_total": 54.391529193603695,
  "snrd_wm": 79.96470100212107,
  "spacing_x": 1.0,
  "spacing_y": 1.0,
  "spacing_z": 1.0,
  "summary_bg_k": 543.1827,
  "summary_bg_mad": 0.0,
  "summary_bg_mean": 2.9814,
  "summary_bg_median": 0.0,
  "summary_bg_n": 4475569.0,
  "summary_bg_p05": 0.0,
  "summary_bg_p95": 17.0,
  "summary_bg_stdv": 7.8733,
  "summary_csf_k": -0.7067,
  "summary_csf_mad": 161.0636,
  "summary_csf_mean": 366.5479,
  "summary_csf_median": 352.0,
  "summary_csf_n": 394922.24103193986,
  "summary_csf_p05": 75.0,
  "summary_csf_p95": 696.0,
  "summary_csf_stdv": 198.778,
  "summary_gm_k": -0.7572,
  "summary_gm_mad": 93.8027,
  "summary_gm_mean": 651.9389,
  "summary_gm_median": 648.0,
  "summary_gm_n": 540742.3712875509,
  "summary_gm_p05": 466.0,
  "summary_gm_p95": 849.0,
  "summary_gm_stdv": 115.7958,
  "summary_wm_k": -0.539,
  "summary_wm_mad": 71.5431,
  "summary_wm_mean": 943.2679,
  "summary_wm_median": 961.0,
  "summary_wm_n": 473869.38894746586,
  "summary_wm_p05": 774.0,
  "summary_wm_p95": 1057.0,
  "summary_wm_stdv": 86.5859,
  "tpm_overlap_csf": 0.19226642548955983,
  "tpm_overlap_gm": 0.5358462493935621,
  "tpm_overlap_wm": 0.5478652503822637,
  "wm2max": 0.601692574923004
}
