{
  "bids_meta": {
    "AcquisitionMatrixPE": 320,
    "AcquisitionNumber": 1,
    "AcquisitionTime": "15:52:40.000000",
    "BidsGuess": [
      "derived",
      "_acq-EFGRE3Dp2_run-300_T1w"
    ],
    "CoilString": "RM:Nova32ch",
    "ConversionSoftware": "dcm2niix",
    "ConversionSoftwareVersion": "v1.0.20240202",
    "DeviceSerialNumber": "00000858822HDMR1",
    "EchoTime": 0.003656,
    "FileSize": 0.013235379010438919,
    "FileSizeUnits": "GB",
    "FlipAngle": 8,
    "ImageOrientationPatientDICOM": [
      0,
      1,
      0,
      0,
      0,
      -1
    ],
    "ImageType": [
      "DERIVED",
      "PRIMARY",
      "OTHER"
    ],
    "ImagingFrequency": 127.716485,
    "InPlanePhaseEncodingDirectionDICOM": "ROW",
    "InstitutionName": "fmri3tw",
    "InversionTime": 1.06,
    "MRAcquisitionType": "3D",
    "MagneticFieldStrength": 3,
    "Manufacturer": "GE",
    "ManufacturersModelName": "DISCOVERY MR750",
    "Modality": "MR",
    "NumberOfVolumes": 1,
    "ParallelReductionFactorInPlane": 2,
    "PatientAge": 0,
    "PatientPosition": "HFS",
    "PercentPhaseFOV": 94,
    "PercentSampling": 100,
    "PixelBandwidth": 195.312,
    "PrescanReuseString": "TG/s1",
    "ProcedureStepDescription": "SPGR",
    "ProtocolName": "Hau_Harmonization_100320",
    "PulseSequenceName": "research/mprage_promo",
    "RawImage": false,
    "ReconMatrixPE": 320,
    "RepetitionTime": 0.008776,
    "SAR": 0.233622,
    "ScanOptions": "EDR_GEMS\\PROMO_GEMS\\ACC_GEMS\\FILTERED_GEMS",
    "ScanningSequence": "RM",
    "SequenceVariant": "NONE",
    "SeriesDescription": "PU:MPRAGE PROMO",
    "SeriesNumber": 300,
    "ShimSetting": [
      6,
      -2,
      -33
    ],
    "SliceThickness": 0.8,
    "SoftwareVersions": "25\\LX\\MR Software release:DV25.0_R02_1549.b",
    "SpacingBetweenSlices": 0.8,
    "StationName": "MROW2",
    "acquisition": "mprage",
    "dataset": "<unset>",
    "datatype": "anat",
    "extension": ".nii.gz",
    "modality": "T1w",
    "session": "cfmri2",
    "subject": "ts002",
    "suffix": "T1w"
  },
  "cjv": 0.547995,
  "cnr": 1.9726217585000025,
  "efc": 0.6755,
  "fber": 12959.4872,
  "fwhm_avg": 3.939016607970745,
  "fwhm_x": 3.895912441946381,
  "fwhm_y": 4.105024938830361,
  "fwhm_z": 3.8161124431354936,
  "icvs_csf": 0.270593715268081,
  "icvs_gm": 0.38195335601933383,
  "icvs_wm": 0.3474529287125851,
  "inu_med": 0.4391404837369919,
  "inu_range": 0.07076140791177743,
  "provenance": {
    "md5sum": "88d3f2f8e3e1272f403eaa512ea7c227",
    "settings": {
      "testing": false
    },
    "software": "mriqc",
    "version": "24.1.0.dev0+gd5b13cb5.d20240826",
    "warnings": {
      "large_rot_frame": true,
      "small_air_mask": false
    }
  },
  "qi_1": 0.0,
  "qi_2": 0.0013059779728006333,
  "rpve_csf": 7.492996482955667,
  "rpve_gm": 7.425883843798711,
  "rpve_wm": 7.502555136884896,
  "size_x": 204,
  "size_y": 320,
  "size_z": 320,
  "snr_csf": 1.833009976307951,
  "snr_gm": 6.617488875177562,
  "snr_total": 6.989612535747564,
  "snr_wm": 12.518338755757178,
  "snrd_csf": 18.796652221068417,
  "snrd_gm": 35.426398153917155,
  "snrd_total": 34.25055753240259,
  "snrd_wm": 48.52862222222221,
  "spacing_x": 0.800000011920929,
  "spacing_y": 0.800000011920929,
  "spacing_z": 0.800000011920929,
  "summary_bg_k": 952.0749,
  "summary_bg_mad": 0.0,
  "summary_bg_mean": 1.7321,
  "summary_bg_median": 0.0,
  "summary_bg_n": 8095339.0,
  "summary_bg_p05": 0.0,
  "summary_bg_p95": 10.0,
  "summary_bg_stdv": 13.0005,
  "summary_csf_k": -0.6619,
  "summary_csf_mad": 178.215,
  "summary_csf_mean": 390.7916,
  "summary_csf_median": 373.0,
  "summary_csf_n": 745946.2369841312,
  "summary_csf_p05": 100.0,
  "summary_csf_p95": 731.0,
  "summary_csf_stdv": 203.4903,
  "summary_gm_k": -0.4305,
  "summary_gm_mad": 81.1561,
  "summary_gm_mean": 709.1988,
  "summary_gm_median": 703.0,
  "summary_gm_n": 1052931.5817398466,
  "summary_gm_p05": 542.0,
  "summary_gm_p95": 905.0,
  "summary_gm_stdv": 106.2336,
  "summary_wm_k": 0.1021,
  "summary_wm_mad": 61.3226,
  "summary_wm_mean": 950.2987,
  "summary_wm_median": 963.0,
  "summary_wm_n": 957824.184665538,
  "summary_wm_p05": 800.0,
  "summary_wm_p95": 1055.0,
  "summary_wm_stdv": 76.9271,
  "tpm_overlap_csf": 0.1832864273815595,
  "tpm_overlap_gm": 0.5210167127000354,
  "tpm_overlap_wm": 0.5412518891848496,
  "wm2max": 0.6460580230045527
}
