{
  "bids_meta": {
    "AcquisitionMatrixPE": 192,
    "AcquisitionNumber": 1,
    "AcquisitionTime": "16:48:55.000000",
    "BidsGuess": [
      "anat",
      "_acq-EFGRE3Dp2_run-14_T1w"
    ],
    "CoilString": "8HRBRAIN",
    "ConversionSoftware": "dcm2niix",
    "ConversionSoftwareVersion": "v1.0.20240202",
    "DeviceSerialNumber": "00000858822HDMR1",
    "EchoTime": 0.003172,
    "FileSize": 0.008756475523114204,
    "FileSizeUnits": "GB",
    "FlipAngle": 8,
    "ImageOrientationPatientDICOM": [
      0,
      1,
      0,
      0,
      0,
      -1
    ],
    "ImageType": [
      "ORIGINAL",
      "PRIMARY",
      "OTHER"
    ],
    "ImagingFrequency": 127.716488,
    "InPlanePhaseEncodingDirectionDICOM": "ROW",
    "InstitutionName": "fmri3tw",
    "InversionTime": 0.6,
    "MRAcquisitionType": "3D",
    "MagneticFieldStrength": 3,
    "Manufacturer": "GE",
    "ManufacturersModelName": "DISCOVERY MR750",
    "Modality": "MR",
    "NumberOfVolumes": 1,
    "ParallelReductionFactorInPlane": 2,
    "PatientAge": 0,
    "PatientPosition": "HFS",
    "PercentPhaseFOV": 100,
    "PercentSampling": 100,
    "PixelBandwidth": 244.141,
    "PrescanReuseString": "TG/s11",
    "ProcedureStepDescription": "SPGR",
    "ProtocolName": "Hau_Harmonization_100320",
    "PulseSequenceName": "efgre3d",
    "ReconMatrixPE": 256,
    "RepetitionTime": 0.008136,
    "SAR": 0.151295,
    "ScanOptions": "FAST_GEMS\\EDR_GEMS\\ACC_GEMS",
    "ScanningSequence": "GR",
    "SequenceVariant": "SS\\SP\\SK",
    "SeriesDescription": "FSPGR_Anat 8ch",
    "SeriesNumber": 14,
    "ShimSetting": [
      0,
      2,
      -45
    ],
    "SliceThickness": 1,
    "SoftwareVersions": "25\\LX\\MR Software release:DV25.0_R02_1549.b",
    "SpacingBetweenSlices": 1,
    "SpoilingState": true,
    "StationName": "MROW2",
    "acquisition": "fspgr",
    "dataset": "<unset>",
    "datatype": "anat",
    "extension": ".nii.gz",
    "modality": "T1w",
    "session": "cfmri1",
    "subject": "ts008",
    "suffix": "T1w"
  },
  "cjv": 0.5395012578616352,
  "cnr": 1.959925345045975,
  "efc": 0.5591,
  "fber": -1.0,
  "fwhm_avg": 3.9713666666666665,
  "fwhm_x": 3.72069,
  "fwhm_y": 4.34263,
  "fwhm_z": 3.85078,
  "icvs_csf": 0.2743665460803076,
  "icvs_gm": 0.38513482403594884,
  "icvs_wm": 0.3404986298837437,
  "inu_med": 0.6243721842765808,
  "inu_range": 0.22298987209796906,
  "provenance": {
    "md5sum": "44917a453ca12d0308b1b3ff5fd647eb",
    "settings": {
      "testing": false
    },
    "software": "mriqc",
    "version": "24.1.0.dev0+gd5b13cb5.d20240826",
    "warnings": {
      "large_rot_frame": true,
      "small_air_mask": false
    }
  },
  "qi_1": 0.0,
  "qi_2": 0.0007650992427363793,
  "rpve_csf": 8.02390951675615,
  "rpve_gm": 7.948893885871971,
  "rpve_wm": 8.047492667911637,
  "size_x": 172,
  "size_y": 256,
  "size_z": 256,
  "snr_csf": 1.6517125680914893,
  "snr_gm": 5.313406828538903,
  "snr_total": 5.219899762571088,
  "snr_wm": 8.69457989108287,
  "snrd_csf": 40.24463159066867,
  "snrd_gm": 77.20646845943989,
  "snrd_total": 77.77386507803945,
  "snrd_wm": 115.8704951840098,
  "spacing_x": 1.0,
  "spacing_y": 1.0,
  "spacing_z": 1.0,
  "summary_bg_k": 30.4856,
  "summary_bg_mad": 0.0,
  "summary_bg_mean": 1.7464,
  "summary_bg_median": 0.0,
  "summary_bg_n": 4452065.0,
  "summary_bg_p05": 0.0,
  "summary_bg_p95": 11.0,
  "summary_bg_stdv": 5.3883,
  "summary_csf_k": -1.0006,
  "summary_csf_mad": 166.6989,
  "summary_csf_mean": 347.7678,
  "summary_csf_median": 331.0,
  "summary_csf_n": 380353.24556733755,
  "summary_csf_p05": 64.0,
  "summary_csf_p95": 680.0,
  "summary_csf_stdv": 200.3978,
  "summary_gm_k": -0.6832,
  "summary_gm_mad": 90.1701,
  "summary_gm_mean": 636.3771,
  "summary_gm_median": 635.0,
  "summary_gm_n": 533910.8663058415,
  "summary_gm_p05": 442.0,
  "summary_gm_p95": 841.0,
  "summary_gm_stdv": 119.5089,
  "summary_wm_k": -0.505,
  "summary_wm_mad": 81.3913,
  "summary_wm_mean": 923.8041,
  "summary_wm_median": 953.0,
  "summary_wm_n": 472031.88886448933,
  "summary_wm_p05": 702.0,
  "summary_wm_p95": 1058.0,
  "summary_wm_stdv": 109.6084,
  "tpm_overlap_csf": 0.20632452428994594,
  "tpm_overlap_gm": 0.5507661452089105,
  "tpm_overlap_wm": 0.568605578184777,
  "wm2max": 0.627335096995804
}
