{
  "bids_meta": {
    "AcquisitionMatrixPE": 320,
    "AcquisitionNumber": 1,
    "AcquisitionTime": "19:12:19.000000",
    "BidsGuess": [
      "derived",
      "_acq-EFGRE3Dp2_run-300_T1w"
    ],
    "CoilString": "RM:Nova32ch",
    "ConversionSoftware": "dcm2niix",
    "ConversionSoftwareVersion": "v1.0.20240202",
    "DeviceSerialNumber": "00000858822HDMR1",
    "EchoTime": 0.003656,
    "FileSize": 0.01404835656285286,
    "FileSizeUnits": "GB",
    "FlipAngle": 8,
    "ImageOrientationPatientDICOM": [
      0,
      1,
      0,
      0,
      0,
      -1
    ],
    "ImageType": [
      "DERIVED",
      "PRIMARY",
      "OTHER"
    ],
    "ImagingFrequency": 127.716506,
    "InPlanePhaseEncodingDirectionDICOM": "ROW",
    "InstitutionName": "fmri3tw",
    "InversionTime": 1.06,
    "MRAcquisitionType": "3D",
    "MagneticFieldStrength": 3,
    "Manufacturer": "GE",
    "ManufacturersModelName": "DISCOVERY MR750",
    "Modality": "MR",
    "NumberOfVolumes": 1,
    "ParallelReductionFactorInPlane": 2,
    "PatientAge": 0,
    "PatientPosition": "HFS",
    "PercentPhaseFOV": 94,
    "PercentSampling": 100,
    "PixelBandwidth": 195.312,
    "PrescanReuseString": "TG/s1",
    "ProcedureStepDescription": "SPGR",
    "ProtocolName": "Hau_Harmonization_100320",
    "PulseSequenceName": "research/mprage_promo",
    "RawImage": false,
    "ReconMatrixPE": 320,
    "RepetitionTime": 0.008776,
    "SAR": 0.236733,
    "ScanOptions": "EDR_GEMS\\PROMO_GEMS\\ACC_GEMS\\FILTERED_GEMS",
    "ScanningSequence": "RM",
    "SequenceVariant": "NONE",
    "SeriesDescription": "PU:MPRAGE PROMO",
    "SeriesNumber": 300,
    "ShimSetting": [
      7,
      3,
      -39
    ],
    "SliceThickness": 0.8,
    "SoftwareVersions": "25\\LX\\MR Software release:DV25.0_R02_1549.b",
    "SpacingBetweenSlices": 0.8,
    "StationName": "MROW2",
    "acquisition": "mprage",
    "dataset": "<unset>",
    "datatype": "anat",
    "extension": ".nii.gz",
    "modality": "T1w",
    "session": "cfmri1",
    "subject": "ts007",
    "suffix": "T1w"
  },
  "cjv": 0.5779408,
  "cnr": 1.5771093393375684,
  "efc": 0.7008,
  "fber": -1.0,
  "fwhm_avg": 3.855949942541868,
  "fwhm_x": 3.8190499430917213,
  "fwhm_y": 4.047299939690531,
  "fwhm_z": 3.7014999448433525,
  "icvs_csf": 0.2721148648129146,
  "icvs_gm": 0.37095996319357405,
  "icvs_wm": 0.35692517199351137,
  "inu_med": 0.42078107595443726,
  "inu_range": 0.09143229424953453,
  "provenance": {
    "md5sum": "14d9a8fee4e6e1b982272637fa727a95",
    "settings": {
      "testing": false
    },
    "software": "mriqc",
    "version": "24.1.0.dev0+gd5b13cb5.d20240826",
    "warnings": {
      "large_rot_frame": true,
      "small_air_mask": false
    }
  },
  "qi_1": 0.0,
  "qi_2": 0.001384467080826744,
  "rpve_csf": 6.4275744542989575,
  "rpve_gm": 6.325423772207021,
  "rpve_wm": 6.415878180507782,
  "size_x": 204,
  "size_y": 320,
  "size_z": 320,
  "snr_csf": 1.9793374554062453,
  "snr_gm": 5.229270811060927,
  "snr_total": 6.305048703968269,
  "snr_wm": 11.706537845437634,
  "snrd_csf": 42.953162526251084,
  "snrd_gm": 79.30675060185422,
  "snrd_total": 76.51032074988474,
  "snrd_wm": 107.27104912154894,
  "spacing_x": 0.800000011920929,
  "spacing_y": 0.800000011920929,
  "spacing_z": 0.800000011920929,
  "summary_bg_k": 300.7287,
  "summary_bg_mad": 0.0,
  "summary_bg_mean": 1.3257,
  "summary_bg_median": 0.0,
  "summary_bg_n": 7727597.0,
  "summary_bg_p05": 0.0,
  "summary_bg_p95": 9.0,
  "summary_bg_stdv": 5.8569,
  "summary_csf_k": -0.8334,
  "summary_csf_mad": 166.4648,
  "summary_csf_mean": 408.9037,
  "summary_csf_median": 384.0,
  "summary_csf_n": 871009.7503776685,
  "summary_csf_p05": 132.0,
  "summary_csf_p95": 730.0,
  "summary_csf_stdv": 194.0042,
  "summary_gm_k": -0.1476,
  "summary_gm_mad": 82.644,
  "summary_gm_mean": 721.4155,
  "summary_gm_median": 709.0,
  "summary_gm_n": 1187402.0376045597,
  "summary_gm_p05": 506.0,
  "summary_gm_p95": 974.0,
  "summary_gm_stdv": 135.5829,
  "summary_wm_k": -0.2361,
  "summary_wm_mad": 61.8412,
  "summary_wm_mean": 942.8615,
  "summary_wm_median": 959.0,
  "summary_wm_n": 1142478.214761681,
  "summary_wm_p05": 779.0,
  "summary_wm_p95": 1050.0,
  "summary_wm_stdv": 81.92,
  "tpm_overlap_csf": 0.19896152476810006,
  "tpm_overlap_gm": 0.5064257998055915,
  "tpm_overlap_wm": 0.516605748539332,
  "wm2max": 0.6248859992831816
}
