{
  "bids_meta": {
    "AcquisitionMatrixPE": 320,
    "AcquisitionNumber": 1,
    "AcquisitionTime": "17:40:12.000000",
    "BidsGuess": [
      "derived",
      "_acq-EFGRE3Dp2_run-300_T1w"
    ],
    "CoilString": "RM:Nova32ch",
    "ConversionSoftware": "dcm2niix",
    "ConversionSoftwareVersion": "v1.0.20240202",
    "DeviceSerialNumber": "00000858822HDMR1",
    "EchoTime": 0.003656,
    "FileSize": 0.017159301787614822,
    "FileSizeUnits": "GB",
    "FlipAngle": 8,
    "ImageOrientationPatientDICOM": [
      0,
      1,
      0,
      0,
      0,
      -1
    ],
    "ImageType": [
      "DERIVED",
      "PRIMARY",
      "OTHER"
    ],
    "ImagingFrequency": 127.716441,
    "InPlanePhaseEncodingDirectionDICOM": "ROW",
    "InstitutionName": "fmri3tw",
    "InversionTime": 1.06,
    "MRAcquisitionType": "3D",
    "MagneticFieldStrength": 3,
    "Manufacturer": "GE",
    "ManufacturersModelName": "DISCOVERY MR750",
    "Modality": "MR",
    "NumberOfVolumes": 1,
    "ParallelReductionFactorInPlane": 2,
    "PatientAge": 0,
    "PatientPosition": "HFS",
    "PercentPhaseFOV": 94,
    "PercentSampling": 100,
    "PixelBandwidth": 195.312,
    "PrescanReuseString": "TG/s1",
    "ProcedureStepDescription": "SPGR",
    "ProtocolName": "Hau_Harmonization_100320",
    "PulseSequenceName": "research/mprage_promo",
    "RawImage": false,
    "ReconMatrixPE": 320,
    "RepetitionTime": 0.008776,
    "SAR": 0.239415,
    "ScanOptions": "EDR_GEMS\\PROMO_GEMS\\ACC_GEMS\\FILTERED_GEMS",
    "ScanningSequence": "RM",
    "SequenceVariant": "NONE",
    "SeriesDescription": "PU:MPRAGE PROMO",
    "SeriesNumber": 300,
    "ShimSetting": [
      2,
      7,
      -33
    ],
    "SliceThickness": 0.8,
    "SoftwareVersions": "25\\LX\\MR Software release:DV25.0_R02_1549.b",
    "SpacingBetweenSlices": 0.8,
    "StationName": "MROW2",
    "acquisition": "mprage",
    "dataset": "<unset>",
    "datatype": "anat",
    "extension": ".nii.gz",
    "modality": "T1w",
    "session": "cfmri2",
    "subject": "ts004",
    "suffix": "T1w"
  },
  "cjv": 0.618504132231405,
  "cnr": 1.4597271950552901,
  "efc": 0.7215,
  "fber": 11808.0257,
  "fwhm_avg": 4.058316606193037,
  "fwhm_x": 4.044562439731323,
  "fwhm_y": 4.230399936962129,
  "fwhm_z": 3.8999874418856586,
  "icvs_csf": 0.2730785818395114,
  "icvs_gm": 0.3670181331406916,
  "icvs_wm": 0.35990328501979707,
  "inu_med": 0.48274728655815125,
  "inu_range": 0.11110223531723018,
  "provenance": {
    "md5sum": "182ccf596d56f9b016072d9a04dc0a22",
    "settings": {
      "testing": false
    },
    "software": "mriqc",
    "version": "24.1.0.dev0+gd5b13cb5.d20240826",
    "warnings": {
      "large_rot_frame": true,
      "small_air_mask": false
    }
  },
  "qi_1": 0.0,
  "qi_2": 0.0007914626775679867,
  "rpve_csf": 5.26181540281384,
  "rpve_gm": 5.162963628386752,
  "rpve_wm": 5.2435042625511725,
  "size_x": 204,
  "size_y": 320,
  "size_z": 320,
  "snr_csf": 1.9166004868798976,
  "snr_gm": 5.307273799591778,
  "snr_total": 6.374817627944402,
  "snr_wm": 11.900578597361532,
  "snrd_csf": 4.294952982803451,
  "snrd_gm": 8.638299802032856,
  "snrd_total": 8.1664598968798,
  "snrd_wm": 11.566126905803095,
  "spacing_x": 0.800000011920929,
  "spacing_y": 0.800000011920929,
  "spacing_z": 0.800000011920929,
  "summary_bg_k": 122.9568,
  "summary_bg_mad": 0.0,
  "summary_bg_mean": 6.7922,
  "summary_bg_median": 0.0,
  "summary_bg_n": 6415557.0,
  "summary_bg_p05": 0.0,
  "summary_bg_p95": 12.0,
  "summary_bg_stdv": 54.1504,
  "summary_csf_k": -0.9027,
  "summary_csf_mad": 163.139,
  "summary_csf_mean": 384.8639,
  "summary_csf_median": 355.0,
  "summary_csf_n": 1066717.853827212,
  "summary_csf_p05": 137.0,
  "summary_csf_p95": 713.0,
  "summary_csf_stdv": 185.2237,
  "summary_gm_k": -0.1384,
  "summary_gm_mad": 84.1088,
  "summary_gm_mean": 721.6603,
  "summary_gm_median": 714.0,
  "summary_gm_n": 1433670.8234759923,
  "summary_gm_p05": 502.0,
  "summary_gm_p95": 967.0,
  "summary_gm_stdv": 134.5323,
  "summary_wm_k": -0.24,
  "summary_wm_mad": 65.5692,
  "summary_wm_mean": 943.6639,
  "summary_wm_median": 956.0,
  "summary_wm_n": 1405878.3270205671,
  "summary_wm_p05": 789.0,
  "summary_wm_p95": 1055.0,
  "summary_wm_stdv": 80.3322,
  "tpm_overlap_csf": 0.20068450935003523,
  "tpm_overlap_gm": 0.5080947799282031,
  "tpm_overlap_wm": 0.5419489227386663,
  "wm2max": 0.6379814582695827
}
