{
  "bids_meta": {
    "AcquisitionMatrixPE": 192,
    "AcquisitionNumber": 1,
    "AcquisitionTime": "16:44:29.000000",
    "BidsGuess": [
      "anat",
      "_acq-EFGRE3Dp2_run-15_T1w"
    ],
    "CoilString": "8HRBRAIN",
    "ConversionSoftware": "dcm2niix",
    "ConversionSoftwareVersion": "v1.0.20240202",
    "DeviceSerialNumber": "00000858822HDMR1",
    "EchoTime": 0.003172,
    "FileSize": 0.008705554530024529,
    "FileSizeUnits": "GB",
    "FlipAngle": 8,
    "ImageOrientationPatientDICOM": [
      0,
      1,
      0,
      0,
      0,
      -1
    ],
    "ImageType": [
      "ORIGINAL",
      "PRIMARY",
      "OTHER"
    ],
    "ImagingFrequency": 127.716461,
    "InPlanePhaseEncodingDirectionDICOM": "ROW",
    "InstitutionName": "fmri3tw",
    "InversionTime": 0.6,
    "MRAcquisitionType": "3D",
    "MagneticFieldStrength": 3,
    "Manufacturer": "GE",
    "ManufacturersModelName": "DISCOVERY MR750",
    "Modality": "MR",
    "NumberOfVolumes": 1,
    "ParallelReductionFactorInPlane": 2,
    "PatientPosition": "HFS",
    "PercentPhaseFOV": 100,
    "PercentSampling": 100,
    "PixelBandwidth": 244.141,
    "PrescanReuseString": "TG/s12",
    "ProcedureStepDescription": "SPGR",
    "ProtocolName": "Hau_Harmonization_100320",
    "PulseSequenceName": "efgre3d",
    "ReconMatrixPE": 256,
    "RepetitionTime": 0.008136,
    "SAR": 0.151295,
    "ScanOptions": "FAST_GEMS\\EDR_GEMS\\ACC_GEMS",
    "ScanningSequence": "GR",
    "SequenceVariant": "SS\\SP\\SK",
    "SeriesDescription": "FSPGR_Anat 8ch",
    "SeriesNumber": 15,
    "ShimSetting": [
      0,
      -1,
      -43
    ],
    "SliceThickness": 1,
    "SoftwareVersions": "25\\LX\\MR Software release:DV25.0_R02_1549.b",
    "SpacingBetweenSlices": 1,
    "SpoilingState": true,
    "StationName": "MROW2",
    "acquisition": "fspgr",
    "dataset": "<unset>",
    "datatype": "anat",
    "extension": ".nii.gz",
    "modality": "T1w",
    "session": "cfmri2",
    "subject": "ts008",
    "suffix": "T1w"
  },
  "cjv": 0.544049,
  "cnr": 2.0015165763123695,
  "efc": 0.5466,
  "fber": -1.0,
  "fwhm_avg": 4.37812,
  "fwhm_x": 4.07453,
  "fwhm_y": 4.81551,
  "fwhm_z": 4.24432,
  "icvs_csf": 0.2680939143180039,
  "icvs_gm": 0.3877367221103589,
  "icvs_wm": 0.3441693635716372,
  "inu_med": 0.61659836769104,
  "inu_range": 0.29244552850723254,
  "provenance": {
    "md5sum": "ba762923ed374e567be9f652f137b6a4",
    "settings": {
      "testing": false
    },
    "software": "mriqc",
    "version": "24.1.0.dev0+gd5b13cb5.d20240826",
    "warnings": {
      "large_rot_frame": true,
      "small_air_mask": false
    }
  },
  "qi_1": 0.0,
  "qi_2": 0.0011004089267265893,
  "rpve_csf": 8.12994822734094,
  "rpve_gm": 8.058849461272917,
  "rpve_wm": 8.156379581734061,
  "size_x": 172,
  "size_y": 256,
  "size_z": 256,
  "snr_csf": 1.8361358248625435,
  "snr_gm": 5.918301930607344,
  "snr_total": 5.747182542311118,
  "snr_wm": 9.487109871463465,
  "snrd_csf": 48.66091549128837,
  "snrd_gm": 84.8977674528861,
  "snrd_total": 85.76054964244794,
  "snrd_wm": 123.72296598316936,
  "spacing_x": 1.0,
  "spacing_y": 1.0,
  "spacing_z": 1.0,
  "summary_bg_k": 24.068,
  "summary_bg_mad": 0.0,
  "summary_bg_mean": 1.8297,
  "summary_bg_median": 0.0,
  "summary_bg_n": 4189224.0,
  "summary_bg_p05": 0.0,
  "summary_bg_p95": 11.0,
  "summary_bg_stdv": 5.0622,
  "summary_csf_k": -1.0382,
  "summary_csf_mad": 158.8335,
  "summary_csf_mean": 383.2699,
  "summary_csf_median": 376.0,
  "summary_csf_n": 366821.9113024493,
  "summary_csf_p05": 76.0,
  "summary_csf_p95": 712.0,
  "summary_csf_stdv": 204.7776,
  "summary_gm_k": -0.7121,
  "summary_gm_mad": 86.3903,
  "summary_gm_mean": 658.0603,
  "summary_gm_median": 656.0,
  "summary_gm_n": 530524.2599351201,
  "summary_gm_p05": 477.0,
  "summary_gm_p95": 847.0,
  "summary_gm_stdv": 110.8425,
  "summary_wm_k": -0.6056,
  "summary_wm_mad": 76.8244,
  "summary_wm_mean": 930.5555,
  "summary_wm_median": 956.0,
  "summary_wm_n": 470912.8294771489,
  "summary_wm_p05": 728.0,
  "summary_wm_p95": 1056.0,
  "summary_wm_stdv": 100.7682,
  "tpm_overlap_csf": 0.21446043427578498,
  "tpm_overlap_gm": 0.5509583929798006,
  "tpm_overlap_wm": 0.5654258765228153,
  "wm2max": 0.642915656097633
}
