{
  "bids_meta": {
    "AcquisitionMatrixPE": 320,
    "AcquisitionNumber": 1,
    "AcquisitionTime": "15:51:0.000000",
    "BidsGuess": [
      "derived",
      "_acq-EFGRE3Dp2_run-300_T1w"
    ],
    "CoilString": "RM:Nova32ch",
    "ConversionSoftware": "dcm2niix",
    "ConversionSoftwareVersion": "v1.0.20240202",
    "DeviceSerialNumber": "00000858822HDMR1",
    "EchoTime": 0.003656,
    "FileSize": 0.012725070118904114,
    "FileSizeUnits": "GB",
    "FlipAngle": 8,
    "ImageOrientationPatientDICOM": [
      0,
      1,
      0,
      0,
      0,
      -1
    ],
    "ImageType": [
      "DERIVED",
      "PRIMARY",
      "OTHER"
    ],
    "ImagingFrequency": 127.716459,
    "InPlanePhaseEncodingDirectionDICOM": "ROW",
    "InstitutionName": "fmri3tw",
    "InversionTime": 1.06,
    "MRAcquisitionType": "3D",
    "MagneticFieldStrength": 3,
    "Manufacturer": "GE",
    "ManufacturersModelName": "DISCOVERY MR750",
    "Modality": "MR",
    "NumberOfVolumes": 1,
    "ParallelReductionFactorInPlane": 2,
    "PatientPosition": "HFS",
    "PercentPhaseFOV": 94,
    "PercentSampling": 100,
    "PixelBandwidth": 195.312,
    "PrescanReuseString": "TG/s2",
    "ProcedureStepDescription": "SPGR",
    "ProtocolName": "Hau_Harmonization_100320",
    "PulseSequenceName": "research/mprage_promo",
    "RawImage": false,
    "ReconMatrixPE": 320,
    "RepetitionTime": 0.008776,
    "SAR": 0.229728,
    "ScanOptions": "EDR_GEMS\\PROMO_GEMS\\ACC_GEMS\\FILTERED_GEMS",
    "ScanningSequence": "RM",
    "SequenceVariant": "NONE",
    "SeriesDescription": "PU:MPRAGE PROMO",
    "SeriesNumber": 300,
    "ShimSetting": [
      4,
      -1,
      -34
    ],
    "SliceThickness": 0.8,
    "SoftwareVersions": "25\\LX\\MR Software release:DV25.0_R02_1549.b",
    "SpacingBetweenSlices": 0.8,
    "StationName": "MROW2",
    "acquisition": "mprage",
    "dataset": "<unset>",
    "datatype": "anat",
    "extension": ".nii.gz",
    "modality": "T1w",
    "session": "cfmri2",
    "subject": "ts008",
    "suffix": "T1w"
  },
  "cjv": 0.6127083682008367,
  "cnr": 1.6461622391548916,
  "efc": 0.682,
  "fber": 11088.9045,
  "fwhm_avg": 3.6227124460173776,
  "fwhm_x": 3.5623624469166626,
  "fwhm_y": 3.7652624438932176,
  "fwhm_z": 3.540512447242253,
  "icvs_csf": 0.2631185480341701,
  "icvs_gm": 0.3827226123026725,
  "icvs_wm": 0.3541588396631574,
  "inu_med": 0.5034894943237305,
  "inu_range": 0.08137950897216795,
  "provenance": {
    "md5sum": "f86b12eb3ac18450256420b51b1dc993",
    "settings": {
      "testing": false
    },
    "software": "mriqc",
    "version": "24.1.0.dev0+gd5b13cb5.d20240826",
    "warnings": {
      "large_rot_frame": true,
      "small_air_mask": false
    }
  },
  "qi_1": 0.0,
  "qi_2": 0.0008035578092725773,
  "rpve_csf": 7.663953598748919,
  "rpve_gm": 7.566401259230566,
  "rpve_wm": 7.65095355414097,
  "size_x": 204,
  "size_y": 320,
  "size_z": 320,
  "snr_csf": 1.9728932534771813,
  "snr_gm": 6.3144909826814795,
  "snr_total": 6.162537498933944,
  "snr_wm": 10.200228260643172,
  "snrd_csf": 38.340027987637356,
  "snrd_gm": 66.08733430631867,
  "snrd_total": 64.30625721153844,
  "snrd_wm": 88.49140934065932,
  "spacing_x": 0.800000011920929,
  "spacing_y": 0.800000011920929,
  "spacing_z": 0.800000011920929,
  "summary_bg_k": 24.1148,
  "summary_bg_mad": 0.0,
  "summary_bg_mean": 1.9517,
  "summary_bg_median": 0.0,
  "summary_bg_n": 7315387.0,
  "summary_bg_p05": 0.0,
  "summary_bg_p95": 12.0,
  "summary_bg_stdv": 6.9888,
  "summary_csf_k": -0.2504,
  "summary_csf_mad": 164.8214,
  "summary_csf_mean": 418.674,
  "summary_csf_median": 409.0,
  "summary_csf_n": 708154.3663746091,
  "summary_csf_p05": 107.0,
  "summary_csf_p95": 752.0,
  "summary_csf_stdv": 207.3096,
  "summary_gm_k": -0.3679,
  "summary_gm_mad": 77.9489,
  "summary_gm_mean": 711.0878,
  "summary_gm_median": 705.0,
  "summary_gm_n": 1030055.4295291912,
  "summary_gm_p05": 533.0,
  "summary_gm_p95": 920.0,
  "summary_gm_stdv": 111.6479,
  "summary_wm_k": 0.0526,
  "summary_wm_mad": 68.4884,
  "summary_wm_mean": 925.889,
  "summary_wm_median": 944.0,
  "summary_wm_n": 953179.2059944774,
  "summary_wm_p05": 745.0,
  "summary_wm_p95": 1051.0,
  "summary_wm_stdv": 92.5469,
  "tpm_overlap_csf": 0.2015200583676361,
  "tpm_overlap_gm": 0.5401033793613145,
  "tpm_overlap_wm": 0.5524818974427256,
  "wm2max": 0.6232520214764347
}
