{
  "bids_meta": {
    "AcquisitionMatrixPE": 256,
    "AcquisitionNumber": 1,
    "AcquisitionTime": "13:29:50.697500",
    "BaseResolution": 256,
    "BidsGuess": [
      "anat",
      "_acq-tfl3p2_run-3_T1w"
    ],
    "BodyPartExamined": "BRAIN",
    "CoilCombinationMethod": "Adaptive Combine",
    "ConsistencyInfo": "N4_VE11C_LATEST_20160120",
    "ConversionSoftware": "dcm2niix",
    "ConversionSoftwareVersion": "v1.0.20240202",
    "DeviceSerialNumber": "166046",
    "DwellTime": 8.2e-6,
    "EchoTime": 0.00298,
    "FileSize": 0.007841422222554684,
    "FileSizeUnits": "GB",
    "FlipAngle": 9,
    "ImageOrientationPatientDICOM": [
      0,
      1,
      0,
      0,
      0,
      -1
    ],
    "ImageOrientationText": "Sag",
    "ImageType": [
      "ORIGINAL",
      "PRIMARY",
      "M",
      "ND",
      "NORM"
    ],
    "ImagingFrequency": 123.23128,
    "InPlanePhaseEncodingDirectionDICOM": "ROW",
    "InstitutionAddress": "Campanile Dr 5500,San Diego,Los Angeles,US,92182",
    "InstitutionName": "SDSU EIS Complex",
    "InstitutionalDepartmentName": "Department",
    "InversionTime": 0.9,
    "MRAcquisitionType": "3D",
    "MagneticFieldStrength": 3,
    "Manufacturer": "Siemens",
    "ManufacturersModelName": "Prisma",
    "MatrixCoilMode": "GRAPPA",
    "Modality": "MR",
    "NonlinearGradientCorrection": false,
    "NumberOfVolumes": 1,
    "ParallelReductionFactorInPlane": 2,
    "PartialFourier": 1,
    "PatientAge": 44,
    "PatientPosition": "HFS",
    "PercentPhaseFOV": 100,
    "PercentSampling": 100,
    "PhaseEncodingSteps": 255,
    "PhaseResolution": 1,
    "PixelBandwidth": 240,
    "ProcedureStepDescription": "SDSU^Hau, Janice",
    "ProtocolName": "mprage-1^3,i900,f9,r7.1,e3.0,gr2",
    "PulseSequenceDetails": "%SiemensSeq%\\tfl",
    "ReceiveCoilActiveElements": "HEA;HEP",
    "ReceiveCoilName": "Head_32",
    "ReconMatrixPE": 256,
    "RefLinesPE": 24,
    "RepetitionTime": 2.3,
    "SAR": 0.0493354,
    "ScanOptions": "IR",
    "ScanningSequence": "GR\\IR",
    "SequenceName": "*tfl3d1_16ns",
    "SequenceVariant": "SK\\SP\\MP",
    "SeriesDescription": "mprage-1^3,i900,f9,r7.1,e3.0,gr2",
    "SeriesNumber": 3,
    "ShimSetting": [
      4177,
      -11901,
      3618,
      497,
      73,
      -151,
      -246,
      -20
    ],
    "SliceThickness": 1,
    "SoftwareVersions": "syngo MR E11",
    "SpoilingState": true,
    "StationName": "AWP166046",
    "TxRefAmp": 235.642,
    "acquisition": "mprage",
    "dataset": "<unset>",
    "datatype": "anat",
    "extension": ".nii.gz",
    "modality": "T1w",
    "session": "sdsu1",
    "subject": "ts003",
    "suffix": "T1w"
  },
  "cjv": 0.47419161073825505,
  "cnr": 2.1016220544240536,
  "efc": 0.5375,
  "fber": 13514.0625,
  "fwhm_avg": 3.575316666666667,
  "fwhm_x": 3.66873,
  "fwhm_y": 3.72393,
  "fwhm_z": 3.33329,
  "icvs_csf": 0.2639265062552208,
  "icvs_gm": 0.3875736205914581,
  "icvs_wm": 0.34849987315332104,
  "inu_med": 0.4926399886608124,
  "inu_range": 0.14168432354927057,
  "provenance": {
    "md5sum": "4b8033642aadd15069d5ea32f4319b6e",
    "settings": {
      "testing": false
    },
    "software": "mriqc",
    "version": "24.1.0.dev0+gd5b13cb5.d20240826",
    "warnings": {
      "large_rot_frame": true,
      "small_air_mask": false
    }
  },
  "qi_1": 0.0,
  "qi_2": 0.0034829464633380327,
  "rpve_csf": 7.064232122673633,
  "rpve_gm": 7.006523786225968,
  "rpve_wm": 7.120117070996148,
  "size_x": 176,
  "size_y": 256,
  "size_z": 256,
  "snr_csf": 2.1388550986217667,
  "snr_gm": 5.788983705557041,
  "snr_total": 6.642508843043789,
  "snr_wm": 11.99968772495256,
  "snrd_csf": 45.873971257338546,
  "snrd_gm": 67.40869575587084,
  "snrd_total": 70.17983084637964,
  "snrd_wm": 97.25682552592954,
  "spacing_x": 1.0,
  "spacing_y": 1.0,
  "spacing_z": 1.0,
  "summary_bg_k": 9415.0507,
  "summary_bg_mad": 0.0,
  "summary_bg_mean": 2.6881,
  "summary_bg_median": 0.0,
  "summary_bg_n": 4066373.0,
  "summary_bg_p05": 0.0,
  "summary_bg_p95": 13.0,
  "summary_bg_stdv": 6.5408,
  "summary_csf_k": 2.509,
  "summary_csf_mad": 158.9408,
  "summary_csf_mean": 450.6234,
  "summary_csf_median": 458.0,
  "summary_csf_n": 423159.96589566185,
  "summary_csf_p05": 100.0,
  "summary_csf_p95": 768.0,
  "summary_csf_stdv": 214.133,
  "summary_gm_k": -0.2852,
  "summary_gm_mad": 81.2539,
  "summary_gm_mean": 682.1168,
  "summary_gm_median": 673.0,
  "summary_gm_n": 621406.4756078109,
  "summary_gm_p05": 500.0,
  "summary_gm_p95": 901.0,
  "summary_gm_stdv": 116.2552,
  "summary_wm_k": 0.1227,
  "summary_wm_mad": 60.0552,
  "summary_wm_mean": 955.924,
  "summary_wm_median": 971.0,
  "summary_wm_n": 558758.5594589541,
  "summary_wm_p05": 795.0,
  "summary_wm_p95": 1062.0,
  "summary_wm_stdv": 80.9187,
  "tpm_overlap_csf": 0.22470916224292264,
  "tpm_overlap_gm": 0.5304536022784038,
  "tpm_overlap_wm": 0.5280505797492003,
  "wm2max": 0.48376922373598763
}
