{
  "bids_meta": {
    "AcquisitionMatrixPE": 256,
    "AcquisitionNumber": 1,
    "AcquisitionTime": "15:39:58.765000",
    "BaseResolution": 256,
    "BidsGuess": [
      "anat",
      "_acq-tfl3p2_run-3_T1w"
    ],
    "BodyPartExamined": "BRAIN",
    "CoilCombinationMethod": "Adaptive Combine",
    "ConsistencyInfo": "N4_VE11C_LATEST_20160120",
    "ConversionSoftware": "dcm2niix",
    "ConversionSoftwareVersion": "v1.0.20240202",
    "DeviceSerialNumber": "166046",
    "DwellTime": 8.2e-6,
    "EchoTime": 0.00298,
    "FileSize": 0.007782427594065666,
    "FileSizeUnits": "GB",
    "FlipAngle": 9,
    "ImageOrientationPatientDICOM": [
      0,
      1,
      0,
      0,
      0,
      -1
    ],
    "ImageOrientationText": "Sag",
    "ImageType": [
      "ORIGINAL",
      "PRIMARY",
      "M",
      "ND",
      "NORM"
    ],
    "ImagingFrequency": 123.231287,
    "InPlanePhaseEncodingDirectionDICOM": "ROW",
    "InstitutionAddress": "Campanile Dr 5500,San Diego,Los Angeles,US,92182",
    "InstitutionName": "SDSU EIS Complex",
    "InstitutionalDepartmentName": "Department",
    "InversionTime": 0.9,
    "MRAcquisitionType": "3D",
    "MagneticFieldStrength": 3,
    "Manufacturer": "Siemens",
    "ManufacturersModelName": "Prisma",
    "MatrixCoilMode": "GRAPPA",
    "Modality": "MR",
    "NonlinearGradientCorrection": false,
    "NumberOfVolumes": 1,
    "ParallelReductionFactorInPlane": 2,
    "PartialFourier": 1,
    "PatientAge": 44,
    "PatientPosition": "HFS",
    "PercentPhaseFOV": 100,
    "PercentSampling": 100,
    "PhaseEncodingSteps": 255,
    "PhaseResolution": 1,
    "PixelBandwidth": 240,
    "ProcedureStepDescription": "SDSU^Hau, Janice",
    "ProtocolName": "mprage-1^3,i900,f9,r7.1,e3.0,gr2",
    "PulseSequenceDetails": "%SiemensSeq%\\tfl",
    "ReceiveCoilActiveElements": "HEA;HEP",
    "ReceiveCoilName": "Head_32",
    "ReconMatrixPE": 256,
    "RefLinesPE": 24,
    "RepetitionTime": 2.3,
    "SAR": 0.054165,
    "ScanOptions": "IR",
    "ScanningSequence": "GR\\IR",
    "SequenceName": "*tfl3d1_16ns",
    "SequenceVariant": "SK\\SP\\MP",
    "SeriesDescription": "mprage-1^3,i900,f9,r7.1,e3.0,gr2",
    "SeriesNumber": 3,
    "ShimSetting": [
      4177,
      -11938,
      3633,
      333,
      130,
      -117,
      -62,
      16
    ],
    "SliceThickness": 1,
    "SoftwareVersions": "syngo MR E11",
    "SpoilingState": true,
    "StationName": "AWP166046",
    "TxRefAmp": 237.07,
    "acquisition": "mprage",
    "dataset": "<unset>",
    "datatype": "anat",
    "extension": ".nii.gz",
    "modality": "T1w",
    "session": "sdsu1",
    "subject": "ts008",
    "suffix": "T1w"
  },
  "cjv": 0.5037116438356164,
  "cnr": 1.9269484719454737,
  "efc": 0.5459,
  "fber": 11689.9891,
  "fwhm_avg": 3.610823333333333,
  "fwhm_x": 3.6477,
  "fwhm_y": 3.74397,
  "fwhm_z": 3.4408,
  "icvs_csf": 0.27101751185483164,
  "icvs_gm": 0.38445893359655614,
  "icvs_wm": 0.3445235545486121,
  "inu_med": 0.5234282612800598,
  "inu_range": 0.1484009593725204,
  "provenance": {
    "md5sum": "34219a97ff276e1a2bec6c768b897f66",
    "settings": {
      "testing": false
    },
    "software": "mriqc",
    "version": "24.1.0.dev0+gd5b13cb5.d20240826",
    "warnings": {
      "large_rot_frame": true,
      "small_air_mask": false
    }
  },
  "qi_1": 0.0,
  "qi_2": 0.0028814322271284334,
  "rpve_csf": 8.126644900460017,
  "rpve_gm": 8.050162681335937,
  "rpve_wm": 8.147969281361934,
  "size_x": 176,
  "size_y": 256,
  "size_z": 256,
  "snr_csf": 1.9031114267600167,
  "snr_gm": 5.839624397381443,
  "snr_total": 5.826292677539992,
  "snr_wm": 9.736142208478515,
  "snrd_csf": 42.418434106982765,
  "snrd_gm": 72.87269449148322,
  "snrd_total": 73.30775535411892,
  "snrd_wm": 104.63213746389083,
  "spacing_x": 1.0,
  "spacing_y": 1.0,
  "spacing_z": 1.0,
  "summary_bg_k": 6067.7594,
  "summary_bg_mad": 0.0,
  "summary_bg_mean": 2.4556,
  "summary_bg_median": 0.0,
  "summary_bg_n": 3422736.0,
  "summary_bg_p05": 0.0,
  "summary_bg_p95": 12.0,
  "summary_bg_stdv": 6.0234,
  "summary_csf_k": -0.8993,
  "summary_csf_mad": 152.4418,
  "summary_csf_mean": 395.7066,
  "summary_csf_median": 390.0,
  "summary_csf_n": 379588.2113853726,
  "summary_csf_p05": 76.0,
  "summary_csf_p95": 718.0,
  "summary_csf_stdv": 204.9273,
  "summary_gm_k": -0.526,
  "summary_gm_mad": 78.3185,
  "summary_gm_mean": 673.434,
  "summary_gm_median": 670.0,
  "summary_gm_n": 538474.720531026,
  "summary_gm_p05": 484.0,
  "summary_gm_p95": 881.0,
  "summary_gm_stdv": 114.7333,
  "summary_wm_k": -0.3043,
  "summary_wm_mad": 68.7653,
  "summary_wm_mean": 935.7961,
  "summary_wm_median": 962.0,
  "summary_wm_n": 482541.06886380183,
  "summary_wm_p05": 730.0,
  "summary_wm_p95": 1056.0,
  "summary_wm_stdv": 98.807,
  "tpm_overlap_csf": 0.21201708749728185,
  "tpm_overlap_gm": 0.5490374599496262,
  "tpm_overlap_wm": 0.5607899845128754,
  "wm2max": 0.5197964685044535
}
