{
  "bids_meta": {
    "AcquisitionMatrixPE": 320,
    "AcquisitionNumber": 1,
    "AcquisitionTime": "14:28:59.000000",
    "BidsGuess": [
      "derived",
      "_acq-EFGRE3Dp2_run-300_T1w"
    ],
    "CoilString": "RM:Nova32ch",
    "ConversionSoftware": "dcm2niix",
    "ConversionSoftwareVersion": "v1.0.20240202",
    "DeviceSerialNumber": "00000858822HDMR1",
    "EchoTime": 0.003656,
    "FileSize": 0.013096564449369907,
    "FileSizeUnits": "GB",
    "FlipAngle": 8,
    "ImageOrientationPatientDICOM": [
      0,
      1,
      0,
      0,
      0,
      -1
    ],
    "ImageType": [
      "DERIVED",
      "PRIMARY",
      "OTHER"
    ],
    "ImagingFrequency": 127.716435,
    "InPlanePhaseEncodingDirectionDICOM": "ROW",
    "InstitutionName": "fmri3tw",
    "InversionTime": 1.06,
    "MRAcquisitionType": "3D",
    "MagneticFieldStrength": 3,
    "Manufacturer": "GE",
    "ManufacturersModelName": "DISCOVERY MR750",
    "Modality": "MR",
    "NumberOfVolumes": 1,
    "ParallelReductionFactorInPlane": 2,
    "PatientAge": 0,
    "PatientPosition": "HFS",
    "PercentPhaseFOV": 94,
    "PercentSampling": 100,
    "PixelBandwidth": 195.312,
    "PrescanReuseString": "TG/s1",
    "ProcedureStepDescription": "SPGR",
    "ProtocolName": "Hau_Harmonization_2FMopt",
    "PulseSequenceName": "research/mprage_promo",
    "RawImage": false,
    "ReconMatrixPE": 320,
    "RepetitionTime": 0.008776,
    "SAR": 0.233622,
    "ScanOptions": "EDR_GEMS\\PROMO_GEMS\\ACC_GEMS\\FILTERED_GEMS",
    "ScanningSequence": "RM",
    "SequenceVariant": "NONE",
    "SeriesDescription": "PU:MPRAGE PROMO",
    "SeriesNumber": 300,
    "ShimSetting": [
      3,
      4,
      -31
    ],
    "SliceThickness": 0.8,
    "SoftwareVersions": "25\\LX\\MR Software release:DV25.0_R02_1549.b",
    "SpacingBetweenSlices": 0.8,
    "StationName": "MROW2",
    "acquisition": "mprage",
    "dataset": "<unset>",
    "datatype": "anat",
    "extension": ".nii.gz",
    "modality": "T1w",
    "session": "cfmri1",
    "subject": "ts002",
    "suffix": "T1w"
  },
  "cjv": 0.5749815686274511,
  "cnr": 1.8523951698998413,
  "efc": 0.6733,
  "fber": 10851.4576,
  "fwhm_avg": 3.826458276314662,
  "fwhm_x": 3.7717749437961734,
  "fwhm_y": 4.002874940352515,
  "fwhm_z": 3.7047249447952963,
  "icvs_csf": 0.26966746154412435,
  "icvs_gm": 0.380784872107482,
  "icvs_wm": 0.34954766634839374,
  "inu_med": 0.4598783254623413,
  "inu_range": 0.07323932945728301,
  "provenance": {
    "md5sum": "2f299d9092081cc1b8c6d89a0caaae57",
    "settings": {
      "testing": false
    },
    "software": "mriqc",
    "version": "24.1.0.dev0+gd5b13cb5.d20240826",
    "warnings": {
      "large_rot_frame": true,
      "small_air_mask": false
    }
  },
  "qi_1": 0.0,
  "qi_2": 0.0008346359019496539,
  "rpve_csf": 7.445457173745834,
  "rpve_gm": 7.368484769880102,
  "rpve_wm": 7.444835210528017,
  "size_x": 204,
  "size_y": 320,
  "size_z": 320,
  "snr_csf": 1.8415471189956305,
  "snr_gm": 6.3378763928997275,
  "snr_total": 6.644260346272488,
  "snr_wm": 11.753357526922105,
  "snrd_csf": 33.242284510127405,
  "snrd_gm": 63.75979160139191,
  "snrd_total": 61.307491924415295,
  "snrd_wm": 86.92039966172658,
  "spacing_x": 0.800000011920929,
  "spacing_y": 0.800000011920929,
  "spacing_z": 0.800000011920929,
  "summary_bg_k": 134.2914,
  "summary_bg_mad": 0.0,
  "summary_bg_mean": 2.0434,
  "summary_bg_median": 0.0,
  "summary_bg_n": 7125010.0,
  "summary_bg_p05": 0.0,
  "summary_bg_p95": 14.0,
  "summary_bg_stdv": 7.2131,
  "summary_csf_k": -0.5768,
  "summary_csf_mad": 175.2411,
  "summary_csf_mean": 385.4842,
  "summary_csf_median": 366.0,
  "summary_csf_n": 748168.1027816052,
  "summary_csf_p05": 103.0,
  "summary_csf_p95": 724.0,
  "summary_csf_stdv": 198.7458,
  "summary_gm_k": -0.4941,
  "summary_gm_mad": 82.6735,
  "summary_gm_mean": 707.858,
  "summary_gm_median": 702.0,
  "summary_gm_n": 1056453.3581519092,
  "summary_gm_p05": 532.0,
  "summary_gm_p95": 914.0,
  "summary_gm_stdv": 110.7626,
  "summary_wm_k": 0.0456,
  "summary_wm_mad": 63.9468,
  "summary_wm_mean": 943.3712,
  "summary_wm_median": 957.0,
  "summary_wm_n": 969788.5420292874,
  "summary_wm_p05": 784.0,
  "summary_wm_p95": 1054.0,
  "summary_wm_stdv": 81.4235,
  "tpm_overlap_csf": 0.18500116798371036,
  "tpm_overlap_gm": 0.5331756264078753,
  "tpm_overlap_wm": 0.5486990302384187,
  "wm2max": 0.6476147336544011
}
