{
  "bids_meta": {
    "AcquisitionMatrixPE": 192,
    "AcquisitionNumber": 1,
    "AcquisitionTime": "18:21:39.000000",
    "BidsGuess": [
      "anat",
      "_acq-EFGRE3Dp2_run-13_T1w"
    ],
    "CoilString": "8HRBRAIN",
    "ConversionSoftware": "dcm2niix",
    "ConversionSoftwareVersion": "v1.0.20240202",
    "DeviceSerialNumber": "00000858822HDMR1",
    "EchoTime": 0.003172,
    "FileSize": 0.009722741320729256,
    "FileSizeUnits": "GB",
    "FlipAngle": 8,
    "ImageOrientationPatientDICOM": [
      0,
      1,
      0,
      0,
      0,
      -1
    ],
    "ImageType": [
      "ORIGINAL",
      "PRIMARY",
      "OTHER"
    ],
    "ImagingFrequency": 127.716484,
    "InPlanePhaseEncodingDirectionDICOM": "ROW",
    "InstitutionName": "fmri3tw",
    "InversionTime": 0.6,
    "MRAcquisitionType": "3D",
    "MagneticFieldStrength": 3,
    "Manufacturer": "GE",
    "ManufacturersModelName": "DISCOVERY MR750",
    "Modality": "MR",
    "NumberOfVolumes": 1,
    "ParallelReductionFactorInPlane": 2,
    "PatientAge": 0,
    "PatientPosition": "HFS",
    "PercentPhaseFOV": 100,
    "PercentSampling": 100,
    "PixelBandwidth": 244.141,
    "PrescanReuseString": "TG/s12",
    "ProcedureStepDescription": "SPGR",
    "ProtocolName": "Hau_Harmonization_100320",
    "PulseSequenceName": "efgre3d",
    "ReconMatrixPE": 256,
    "RepetitionTime": 0.008136,
    "SAR": 0.155908,
    "ScanOptions": "FAST_GEMS\\EDR_GEMS\\ACC_GEMS",
    "ScanningSequence": "GR",
    "SequenceVariant": "SS\\SP\\SK",
    "SeriesDescription": "FSPGR_Anat 8ch",
    "SeriesNumber": 13,
    "ShimSetting": [
      2,
      1,
      -42
    ],
    "SliceThickness": 1,
    "SoftwareVersions": "25\\LX\\MR Software release:DV25.0_R02_1549.b",
    "SpacingBetweenSlices": 1,
    "SpoilingState": true,
    "StationName": "MROW2",
    "acquisition": "fspgr",
    "dataset": "<unset>",
    "datatype": "anat",
    "extension": ".nii.gz",
    "modality": "T1w",
    "session": "cfmri2",
    "subject": "ts007",
    "suffix": "T1w"
  },
  "cjv": 0.5247855384615384,
  "cnr": 1.6015443281763508,
  "efc": 0.5794,
  "fber": 15505.5862,
  "fwhm_avg": 3.9028466666666666,
  "fwhm_x": 3.59685,
  "fwhm_y": 4.42504,
  "fwhm_z": 3.68665,
  "icvs_csf": 0.27899962343354,
  "icvs_gm": 0.37452698683785723,
  "icvs_wm": 0.34647338972860264,
  "inu_med": 0.6520638763904572,
  "inu_range": 0.28574293851852417,
  "provenance": {
    "md5sum": "0c6654dff0eeaa9fed58e369744c4089",
    "settings": {
      "testing": false
    },
    "software": "mriqc",
    "version": "24.1.0.dev0+gd5b13cb5.d20240826",
    "warnings": {
      "large_rot_frame": true,
      "small_air_mask": false
    }
  },
  "qi_1": 0.0,
  "qi_2": 0.0013395518669500285,
  "rpve_csf": 6.716455279278466,
  "rpve_gm": 6.621310150260012,
  "rpve_wm": 6.753222310497262,
  "size_x": 172,
  "size_y": 256,
  "size_z": 256,
  "snr_csf": 1.8214740795898614,
  "snr_gm": 3.601413478900743,
  "snr_total": 4.840506965972142,
  "snr_wm": 9.09863333942582,
  "snrd_csf": 36.28864525087946,
  "snrd_gm": 63.27769339011294,
  "snrd_total": 65.23195655125593,
  "snrd_wm": 96.1295310127754,
  "spacing_x": 1.0,
  "spacing_y": 1.0,
  "spacing_z": 1.0,
  "summary_bg_k": 19.5839,
  "summary_bg_mad": 0.0,
  "summary_bg_mean": 2.5503,
  "summary_bg_median": 0.0,
  "summary_bg_n": 3961710.0,
  "summary_bg_p05": 0.0,
  "summary_bg_p95": 16.0,
  "summary_bg_stdv": 6.4812,
  "summary_csf_k": -0.7509,
  "summary_csf_mad": 166.559,
  "summary_csf_mean": 366.0429,
  "summary_csf_median": 359.0,
  "summary_csf_n": 458635.2052218211,
  "summary_csf_p05": 81.0,
  "summary_csf_p95": 680.0,
  "summary_csf_stdv": 197.0929,
  "summary_gm_k": 2.2724,
  "summary_gm_mad": 96.9666,
  "summary_gm_mean": 631.4966,
  "summary_gm_median": 626.0,
  "summary_gm_n": 615668.4348013403,
  "summary_gm_p05": 341.0,
  "summary_gm_p95": 956.0,
  "summary_gm_stdv": 173.8205,
  "summary_wm_k": 0.3414,
  "summary_wm_mad": 73.5887,
  "summary_wm_mean": 924.9072,
  "summary_wm_median": 951.0,
  "summary_wm_n": 569552.3608472903,
  "summary_wm_p05": 710.0,
  "summary_wm_p95": 1053.0,
  "summary_wm_stdv": 104.5211,
  "tpm_overlap_csf": 0.21698267062591164,
  "tpm_overlap_gm": 0.5261038425180573,
  "tpm_overlap_wm": 0.5272726482003205,
  "wm2max": 0.5972535331308133
}
