{
  "bids_meta": {
    "AcquisitionMatrixPE": 320,
    "AcquisitionNumber": 1,
    "AcquisitionTime": "17:31:45.000000",
    "BidsGuess": [
      "derived",
      "_acq-EFGRE3Dp2_run-300_T1w"
    ],
    "CoilString": "RM:Nova32ch",
    "ConversionSoftware": "dcm2niix",
    "ConversionSoftwareVersion": "v1.0.20240202",
    "DeviceSerialNumber": "00000858822HDMR1",
    "EchoTime": 0.003656,
    "FileSize": 0.014443527907133102,
    "FileSizeUnits": "GB",
    "FlipAngle": 8,
    "ImageOrientationPatientDICOM": [
      0,
      1,
      0,
      0,
      0,
      -1
    ],
    "ImageType": [
      "DERIVED",
      "PRIMARY",
      "OTHER"
    ],
    "ImagingFrequency": 127.716513,
    "InPlanePhaseEncodingDirectionDICOM": "ROW",
    "InstitutionName": "fmri3tw",
    "InversionTime": 1.06,
    "MRAcquisitionType": "3D",
    "MagneticFieldStrength": 3,
    "Manufacturer": "GE",
    "ManufacturersModelName": "DISCOVERY MR750",
    "Modality": "MR",
    "NumberOfVolumes": 1,
    "ParallelReductionFactorInPlane": 2,
    "PatientAge": 0,
    "PatientPosition": "HFS",
    "PercentPhaseFOV": 94,
    "PercentSampling": 100,
    "PixelBandwidth": 195.312,
    "PrescanReuseString": "TG/s1",
    "ProcedureStepDescription": "SPGR",
    "ProtocolName": "Hau_Harmonization_100320",
    "PulseSequenceName": "research/mprage_promo",
    "RawImage": false,
    "ReconMatrixPE": 320,
    "RepetitionTime": 0.008776,
    "SAR": 0.236733,
    "ScanOptions": "EDR_GEMS\\PROMO_GEMS\\ACC_GEMS\\FILTERED_GEMS",
    "ScanningSequence": "RM",
    "SequenceVariant": "NONE",
    "SeriesDescription": "PU:MPRAGE PROMO",
    "SeriesNumber": 300,
    "ShimSetting": [
      6,
      1,
      -36
    ],
    "SliceThickness": 0.8,
    "SoftwareVersions": "25\\LX\\MR Software release:DV25.0_R02_1549.b",
    "SpacingBetweenSlices": 0.8,
    "StationName": "MROW2",
    "acquisition": "mprage",
    "dataset": "<unset>",
    "datatype": "anat",
    "extension": ".nii.gz",
    "modality": "T1w",
    "session": "cfmri2",
    "subject": "ts007",
    "suffix": "T1w"
  },
  "cjv": 0.5851239215686274,
  "cnr": 1.5539807894374529,
  "efc": 0.7025,
  "fber": -1.0,
  "fwhm_avg": 3.877166608892382,
  "fwhm_x": 3.8364999428316957,
  "fwhm_y": 4.062849939458818,
  "fwhm_z": 3.732149944386632,
  "icvs_csf": 0.27430021699269774,
  "icvs_gm": 0.3702529955971502,
  "icvs_wm": 0.35544678741015207,
  "inu_med": 0.44991451501846313,
  "inu_range": 0.09888380765914917,
  "provenance": {
    "md5sum": "aff575fe91889ac42f8034ed8f53f4c6",
    "settings": {
      "testing": false
    },
    "software": "mriqc",
    "version": "24.1.0.dev0+gd5b13cb5.d20240826",
    "warnings": {
      "large_rot_frame": true,
      "small_air_mask": false
    }
  },
  "qi_1": 0.0,
  "qi_2": 0.0006724336640558532,
  "rpve_csf": 6.378921490332004,
  "rpve_gm": 6.275274413104157,
  "rpve_wm": 6.366427801206787,
  "size_x": 204,
  "size_y": 320,
  "size_z": 320,
  "snr_csf": 1.9108276069086207,
  "snr_gm": 5.016696440696415,
  "snr_total": 6.064727972760426,
  "snr_wm": 11.266659870676243,
  "snrd_csf": 31.10961652709137,
  "snrd_gm": 59.42951200691639,
  "snrd_total": 57.17519196872136,
  "snrd_wm": 80.98644737215633,
  "spacing_x": 0.800000011920929,
  "spacing_y": 0.800000011920929,
  "spacing_z": 0.800000011920929,
  "summary_bg_k": 2554.9437,
  "summary_bg_mad": 0.0,
  "summary_bg_mean": 1.3029,
  "summary_bg_median": 0.0,
  "summary_bg_n": 7670326.0,
  "summary_bg_p05": 0.0,
  "summary_bg_p95": 6.0,
  "summary_bg_stdv": 7.7497,
  "summary_csf_k": -0.8738,
  "summary_csf_mad": 167.1118,
  "summary_csf_mean": 395.6474,
  "summary_csf_median": 368.0,
  "summary_csf_n": 884618.4749711202,
  "summary_csf_p05": 126.0,
  "summary_csf_p95": 719.0,
  "summary_csf_stdv": 192.5866,
  "summary_gm_k": -0.2542,
  "summary_gm_mad": 85.2285,
  "summary_gm_mean": 714.1008,
  "summary_gm_median": 703.0,
  "summary_gm_n": 1194066.282227401,
  "summary_gm_p05": 490.0,
  "summary_gm_p95": 974.0,
  "summary_gm_stdv": 140.132,
  "summary_wm_k": -0.2849,
  "summary_wm_mad": 63.9781,
  "summary_wm_mean": 940.7156,
  "summary_wm_median": 958.0,
  "summary_wm_n": 1146316.2459711924,
  "summary_wm_p05": 770.0,
  "summary_wm_p95": 1052.0,
  "summary_wm_stdv": 85.0296,
  "tpm_overlap_csf": 0.1945087340705578,
  "tpm_overlap_gm": 0.5054060940966656,
  "tpm_overlap_wm": 0.5166156393874161,
  "wm2max": 0.6394936338342417
}
