{
  "bids_meta": {
    "AcquisitionMatrixPE": 192,
    "AcquisitionNumber": 1,
    "AcquisitionTime": "16:52:6.000000",
    "BidsGuess": [
      "anat",
      "_acq-EFGRE3Dp2_run-13_T1w"
    ],
    "CoilString": "8HRBRAIN",
    "ConversionSoftware": "dcm2niix",
    "ConversionSoftwareVersion": "v1.0.20240202",
    "DeviceSerialNumber": "00000858822HDMR1",
    "EchoTime": 0.003172,
    "FileSize": 0.011109177023172379,
    "FileSizeUnits": "GB",
    "FlipAngle": 8,
    "ImageOrientationPatientDICOM": [
      0,
      1,
      0,
      0,
      0,
      -1
    ],
    "ImageType": [
      "ORIGINAL",
      "PRIMARY",
      "OTHER"
    ],
    "ImagingFrequency": 127.716481,
    "InPlanePhaseEncodingDirectionDICOM": "ROW",
    "InstitutionName": "fmri3tw",
    "InversionTime": 0.6,
    "MRAcquisitionType": "3D",
    "MagneticFieldStrength": 3,
    "Manufacturer": "GE",
    "ManufacturersModelName": "DISCOVERY MR750",
    "Modality": "MR",
    "NumberOfVolumes": 1,
    "ParallelReductionFactorInPlane": 2,
    "PatientAge": 0,
    "PatientPosition": "HFS",
    "PercentPhaseFOV": 100,
    "PercentSampling": 100,
    "PixelBandwidth": 244.141,
    "PrescanReuseString": "TG/s10",
    "ProcedureStepDescription": "SPGR",
    "ProtocolName": "Hau_Harmonization_092520",
    "PulseSequenceName": "efgre3d",
    "ReconMatrixPE": 256,
    "RepetitionTime": 0.008136,
    "SAR": 0.157675,
    "ScanOptions": "FAST_GEMS\\EDR_GEMS\\ACC_GEMS",
    "ScanningSequence": "GR",
    "SequenceVariant": "SS\\SP\\SK",
    "SeriesDescription": "FSPGR_Anat 8ch",
    "SeriesNumber": 13,
    "ShimSetting": [
      -1,
      -5,
      -40
    ],
    "SliceThickness": 1,
    "SoftwareVersions": "25\\LX\\MR Software release:DV25.0_R02_1549.b",
    "SpacingBetweenSlices": 1,
    "SpoilingState": true,
    "StationName": "MROW2",
    "acquisition": "fspgr",
    "dataset": "<unset>",
    "datatype": "anat",
    "extension": ".nii.gz",
    "modality": "T1w",
    "session": "cfmri1",
    "subject": "ts004",
    "suffix": "T1w"
  },
  "cjv": 0.5508958990536278,
  "cnr": 1.695398853777354,
  "efc": 0.634,
  "fber": 13204.9405,
  "fwhm_avg": 4.09345,
  "fwhm_x": 3.83426,
  "fwhm_y": 4.53965,
  "fwhm_z": 3.90644,
  "icvs_csf": 0.2776862181845176,
  "icvs_gm": 0.37576774567538207,
  "icvs_wm": 0.3465460361401003,
  "inu_med": 0.6605278849601746,
  "inu_range": 0.3016545504331585,
  "provenance": {
    "md5sum": "7de2348d104da6397ff45de144b9012e",
    "settings": {
      "testing": false
    },
    "software": "mriqc",
    "version": "24.1.0.dev0+gd5b13cb5.d20240826",
    "warnings": {
      "large_rot_frame": true,
      "small_air_mask": false
    }
  },
  "qi_1": 0.0,
  "qi_2": 0.002226910979847442,
  "rpve_csf": 5.552214089746564,
  "rpve_gm": 5.472197487788433,
  "rpve_wm": 5.59033092715069,
  "size_x": 172,
  "size_y": 256,
  "size_z": 256,
  "snr_csf": 1.744605628800164,
  "snr_gm": 4.048020291332686,
  "snr_total": 5.30826076317006,
  "snr_wm": 10.13215636937733,
  "snrd_csf": 6.2421804188365515,
  "snrd_gm": 11.888092857366328,
  "snrd_total": 11.975048604494399,
  "snrd_wm": 17.79487253728032,
  "spacing_x": 1.0,
  "spacing_y": 1.0,
  "spacing_z": 1.0,
  "summary_bg_k": 462.2416,
  "summary_bg_mad": 0.0,
  "summary_bg_mean": 5.2202,
  "summary_bg_median": 0.0,
  "summary_bg_n": 3426065.0,
  "summary_bg_p05": 0.0,
  "summary_bg_p95": 18.0,
  "summary_bg_stdv": 35.1593,
  "summary_csf_k": -0.8508,
  "summary_csf_mad": 155.6804,
  "summary_csf_mean": 356.3849,
  "summary_csf_median": 335.0,
  "summary_csf_n": 551393.1931717319,
  "summary_csf_p05": 86.0,
  "summary_csf_p95": 678.0,
  "summary_csf_stdv": 192.0203,
  "summary_gm_k": -0.5692,
  "summary_gm_mad": 101.0863,
  "summary_gm_mean": 638.5094,
  "summary_gm_median": 638.0,
  "summary_gm_n": 746150.7399737579,
  "summary_gm_p05": 371.0,
  "summary_gm_p95": 927.0,
  "summary_gm_stdv": 157.6078,
  "summary_wm_k": -0.4435,
  "summary_wm_mad": 73.5477,
  "summary_wm_mean": 934.583,
  "summary_wm_median": 955.0,
  "summary_wm_n": 688126.0679682884,
  "summary_wm_p05": 746.0,
  "summary_wm_p95": 1057.0,
  "summary_wm_stdv": 94.2543,
  "tpm_overlap_csf": 0.2243500634709245,
  "tpm_overlap_gm": 0.5322449970504887,
  "tpm_overlap_wm": 0.5535580922175694,
  "wm2max": 0.5725734091562614
}
