{
  "bids_meta": {
    "AcquisitionMatrixPE": 320,
    "AcquisitionNumber": 1,
    "AcquisitionTime": "16:03:26.000000",
    "BidsGuess": [
      "derived",
      "_acq-EFGRE3Dp2_run-300_T1w"
    ],
    "CoilString": "RM:Nova32ch",
    "ConversionSoftware": "dcm2niix",
    "ConversionSoftwareVersion": "v1.0.20240202",
    "DeviceSerialNumber": "00000858822HDMR1",
    "EchoTime": 0.003656,
    "FileSize": 0.017019396647810936,
    "FileSizeUnits": "GB",
    "FlipAngle": 8,
    "ImageOrientationPatientDICOM": [
      0,
      1,
      0,
      0,
      0,
      -1
    ],
    "ImageType": [
      "DERIVED",
      "PRIMARY",
      "OTHER"
    ],
    "ImagingFrequency": 127.716513,
    "InPlanePhaseEncodingDirectionDICOM": "ROW",
    "InstitutionName": "fmri3tw",
    "InversionTime": 1.06,
    "MRAcquisitionType": "3D",
    "MagneticFieldStrength": 3,
    "Manufacturer": "GE",
    "ManufacturersModelName": "DISCOVERY MR750",
    "Modality": "MR",
    "NumberOfVolumes": 1,
    "ParallelReductionFactorInPlane": 2,
    "PatientAge": 0,
    "PatientPosition": "HFS",
    "PercentPhaseFOV": 94,
    "PercentSampling": 100,
    "PixelBandwidth": 195.312,
    "PrescanReuseString": "TG/s1",
    "ProcedureStepDescription": "SPGR",
    "ProtocolName": "Hau_Harmonization_092520",
    "PulseSequenceName": "research/mprage_promo",
    "RawImage": false,
    "ReconMatrixPE": 320,
    "RepetitionTime": 0.008776,
    "SAR": 0.239415,
    "ScanOptions": "EDR_GEMS\\PROMO_GEMS\\ACC_GEMS\\FILTERED_GEMS",
    "ScanningSequence": "RM",
    "SequenceVariant": "NONE",
    "SeriesDescription": "PU:MPRAGE PROMO",
    "SeriesNumber": 300,
    "ShimSetting": [
      1,
      5,
      -34
    ],
    "SliceThickness": 0.8,
    "SoftwareVersions": "25\\LX\\MR Software release:DV25.0_R02_1549.b",
    "SpacingBetweenSlices": 0.8,
    "StationName": "MROW2",
    "acquisition": "mprage",
    "dataset": "<unset>",
    "datatype": "anat",
    "extension": ".nii.gz",
    "modality": "T1w",
    "session": "cfmri1",
    "subject": "ts004",
    "suffix": "T1w"
  },
  "cjv": 0.6041893004115225,
  "cnr": 1.492750145396206,
  "efc": 0.7255,
  "fber": 13937.0337,
  "fwhm_avg": 4.057524939538167,
  "fwhm_x": 4.064074939440564,
  "fwhm_y": 4.2013249373953805,
  "fwhm_z": 3.9071749417785564,
  "icvs_csf": 0.27206816960074387,
  "icvs_gm": 0.36850779009347995,
  "icvs_wm": 0.3594240403057762,
  "inu_med": 0.47404277324676514,
  "inu_range": 0.1095951199531554,
  "provenance": {
    "md5sum": "a8a788c13f3449d60ca9de8fa5abdfca",
    "settings": {
      "testing": false
    },
    "software": "mriqc",
    "version": "24.1.0.dev0+gd5b13cb5.d20240826",
    "warnings": {
      "large_rot_frame": true,
      "small_air_mask": false
    }
  },
  "qi_1": 0.0,
  "qi_2": 0.001301671404314394,
  "rpve_csf": 5.253461020274473,
  "rpve_gm": 5.156652824113344,
  "rpve_wm": 5.23454667874602,
  "size_x": 204,
  "size_y": 320,
  "size_z": 320,
  "snr_csf": 1.9106190014681135,
  "snr_gm": 5.446400388688907,
  "snr_total": 6.4537227280302,
  "snr_wm": 12.004148793933577,
  "snrd_csf": 4.15494960181615,
  "snrd_gm": 8.40432987640085,
  "snrd_total": 7.9439803466541745,
  "snrd_wm": 11.272661561745522,
  "spacing_x": 0.800000011920929,
  "spacing_y": 0.800000011920929,
  "spacing_z": 0.800000011920929,
  "summary_bg_k": 121.1089,
  "summary_bg_mad": 0.0,
  "summary_bg_mean": 6.668,
  "summary_bg_median": 0.0,
  "summary_bg_n": 6675234.0,
  "summary_bg_p05": 0.0,
  "summary_bg_p95": 10.0,
  "summary_bg_stdv": 55.502,
  "summary_csf_k": -0.9027,
  "summary_csf_mad": 163.1217,
  "summary_csf_mean": 381.7312,
  "summary_csf_median": 352.0,
  "summary_csf_n": 1065021.4618232823,
  "summary_csf_p05": 135.0,
  "summary_csf_p95": 710.0,
  "summary_csf_stdv": 184.2334,
  "summary_gm_k": -0.2421,
  "summary_gm_mad": 82.4091,
  "summary_gm_mean": 720.4451,
  "summary_gm_median": 712.0,
  "summary_gm_n": 1442538.1178348335,
  "summary_gm_p05": 507.0,
  "summary_gm_p95": 962.0,
  "summary_gm_stdv": 130.7285,
  "summary_wm_k": -0.2878,
  "summary_wm_mad": 64.4089,
  "summary_wm_mean": 942.1219,
  "summary_wm_median": 955.0,
  "summary_wm_n": 1406979.4249824714,
  "summary_wm_p05": 787.0,
  "summary_wm_p95": 1052.0,
  "summary_wm_stdv": 79.5558,
  "tpm_overlap_csf": 0.20118775341661774,
  "tpm_overlap_gm": 0.5094512333615112,
  "tpm_overlap_wm": 0.544719880534607,
  "wm2max": 0.6347842481489507
}
