{
  "bids_meta": {
    "AcquisitionMatrixPE": 256,
    "AcquisitionNumber": 1,
    "AcquisitionTime": "16:50:43.952500",
    "BaseResolution": 256,
    "BidsGuess": [
      "anat",
      "_acq-tfl3p2_run-2_T1w"
    ],
    "BodyPartExamined": "BRAIN",
    "CoilCombinationMethod": "Adaptive Combine",
    "ConsistencyInfo": "N4_VE11C_LATEST_20160120",
    "ConversionSoftware": "dcm2niix",
    "ConversionSoftwareVersion": "v1.0.20240202",
    "DeviceSerialNumber": "166046",
    "DwellTime": 8.2e-6,
    "EchoTime": 0.00298,
    "FileSize": 0.00836610235273838,
    "FileSizeUnits": "GB",
    "FlipAngle": 9,
    "ImageOrientationPatientDICOM": [
      0,
      1,
      0,
      0,
      0,
      -1
    ],
    "ImageOrientationText": "Sag",
    "ImageType": [
      "ORIGINAL",
      "PRIMARY",
      "M",
      "ND"
    ],
    "ImagingFrequency": 123.231291,
    "InPlanePhaseEncodingDirectionDICOM": "ROW",
    "InstitutionAddress": "Campanile Dr 5500,San Diego,Los Angeles,US,92182",
    "InstitutionName": "SDSU EIS Complex",
    "InstitutionalDepartmentName": "Department",
    "InversionTime": 0.9,
    "MRAcquisitionType": "3D",
    "MagneticFieldStrength": 3,
    "Manufacturer": "Siemens",
    "ManufacturersModelName": "Prisma",
    "MatrixCoilMode": "GRAPPA",
    "Modality": "MR",
    "NonlinearGradientCorrection": false,
    "NumberOfVolumes": 1,
    "ParallelReductionFactorInPlane": 2,
    "PartialFourier": 1,
    "PatientAge": 44,
    "PatientPosition": "HFS",
    "PercentPhaseFOV": 100,
    "PercentSampling": 100,
    "PhaseEncodingSteps": 255,
    "PhaseResolution": 1,
    "PixelBandwidth": 240,
    "ProcedureStepDescription": "SDSU^Hau, Janice",
    "ProtocolName": "mprage-1^3,i900,f9,r7.1,e3.0,gr2",
    "PulseSequenceDetails": "%SiemensSeq%\\tfl",
    "ReceiveCoilActiveElements": "HEA;HEP",
    "ReceiveCoilName": "Head_32",
    "ReconMatrixPE": 256,
    "RefLinesPE": 24,
    "RepetitionTime": 2.3,
    "SAR": 0.0489216,
    "ScanOptions": "IR",
    "ScanningSequence": "GR\\IR",
    "SequenceName": "*tfl3d1_16ns",
    "SequenceVariant": "SK\\SP\\MP",
    "SeriesDescription": "mprage-1^3,i900,f9,r7.1,e3.0,gr2",
    "SeriesNumber": 2,
    "ShimSetting": [
      4212,
      -11855,
      3409,
      254,
      105,
      -182,
      -427,
      -89
    ],
    "SliceThickness": 1,
    "SoftwareVersions": "syngo MR E11",
    "SpoilingState": true,
    "StationName": "AWP166046",
    "TxRefAmp": 243.586,
    "acquisition": "mprage",
    "dataset": "<unset>",
    "datatype": "anat",
    "extension": ".nii.gz",
    "modality": "T1w",
    "session": "sdsu1",
    "subject": "ts009",
    "suffix": "T1w"
  },
  "cjv": 0.9352908629441624,
  "cnr": 0.8924538044782035,
  "efc": 0.4574,
  "fber": -1.0,
  "fwhm_avg": 4.232600000000001,
  "fwhm_x": 4.33476,
  "fwhm_y": 4.26017,
  "fwhm_z": 4.10287,
  "icvs_csf": 0.26315737946823176,
  "icvs_gm": 0.363327670793275,
  "icvs_wm": 0.3735149497384933,
  "inu_med": 1.009246826171875,
  "inu_range": 1.1125684708356858,
  "provenance": {
    "md5sum": "394106728cb8096af0feb1581adc7f71",
    "settings": {
      "testing": false
    },
    "software": "mriqc",
    "version": "24.1.0.dev0+gd5b13cb5.d20240826",
    "warnings": {
      "large_rot_frame": true,
      "small_air_mask": false
    }
  },
  "qi_1": 0.0,
  "qi_2": 0.0025108012453156706,
  "rpve_csf": 7.903016526467991,
  "rpve_gm": 7.730033724176481,
  "rpve_wm": 7.814202733110705,
  "size_x": 176,
  "size_y": 256,
  "size_z": 256,
  "snr_csf": 1.5580018818411776,
  "snr_gm": 4.138946042338045,
  "snr_total": 4.473171142534047,
  "snr_wm": 7.722565503422916,
  "snrd_csf": 9.987419204842357,
  "snrd_gm": 22.184444428455148,
  "snrd_total": 20.053402179240994,
  "snrd_wm": 27.98834290442548,
  "spacing_x": 1.0,
  "spacing_y": 1.0,
  "spacing_z": 1.0,
  "summary_bg_k": 9333.4538,
  "summary_bg_mad": 0.0,
  "summary_bg_mean": 7.6954,
  "summary_bg_median": 0.0,
  "summary_bg_n": 4292908.0,
  "summary_bg_p05": 0.0,
  "summary_bg_p95": 29.0,
  "summary_bg_stdv": 22.2371,
  "summary_csf_k": -0.9718,
  "summary_csf_mad": 191.063,
  "summary_csf_mean": 378.9921,
  "summary_csf_median": 339.0,
  "summary_csf_n": 379417.6783902369,
  "summary_csf_p05": 94.0,
  "summary_csf_p95": 756.0,
  "summary_csf_stdv": 217.5861,
  "summary_gm_k": 10.0917,
  "summary_gm_mad": 90.8538,
  "summary_gm_mean": 766.7494,
  "summary_gm_median": 753.0,
  "summary_gm_n": 523842.2028136902,
  "summary_gm_p05": 478.0,
  "summary_gm_p95": 1076.0,
  "summary_gm_stdv": 181.9302,
  "summary_wm_k": -0.0212,
  "summary_wm_mad": 93.3985,
  "summary_wm_mean": 946.9184,
  "summary_wm_median": 950.0,
  "summary_wm_n": 538530.119733668,
  "summary_wm_p05": 733.0,
  "summary_wm_p95": 1147.0,
  "summary_wm_stdv": 123.016,
  "tpm_overlap_csf": 0.21583830493751288,
  "tpm_overlap_gm": 0.5405443167091131,
  "tpm_overlap_wm": 0.5582043497234797,
  "wm2max": 0.2405841159142904
}
