{
  "bids_meta": {
    "AcquisitionMatrixPE": 192,
    "AcquisitionNumber": 1,
    "AcquisitionTime": "18:28:24.000000",
    "BidsGuess": [
      "anat",
      "_acq-EFGRE3Dp2_run-13_T1w"
    ],
    "CoilString": "8HRBRAIN",
    "ConversionSoftware": "dcm2niix",
    "ConversionSoftwareVersion": "v1.0.20240202",
    "DeviceSerialNumber": "00000858822HDMR1",
    "EchoTime": 0.003172,
    "FileSize": 0.011383588425815105,
    "FileSizeUnits": "GB",
    "FlipAngle": 8,
    "ImageOrientationPatientDICOM": [
      0,
      1,
      0,
      0,
      0,
      -1
    ],
    "ImageType": [
      "ORIGINAL",
      "PRIMARY",
      "OTHER"
    ],
    "ImagingFrequency": 127.71646,
    "InPlanePhaseEncodingDirectionDICOM": "ROW",
    "InstitutionName": "fmri3tw",
    "InversionTime": 0.6,
    "MRAcquisitionType": "3D",
    "MagneticFieldStrength": 3,
    "Manufacturer": "GE",
    "ManufacturersModelName": "DISCOVERY MR750",
    "Modality": "MR",
    "NumberOfVolumes": 1,
    "ParallelReductionFactorInPlane": 2,
    "PatientAge": 0,
    "PatientPosition": "HFS",
    "PercentPhaseFOV": 100,
    "PercentSampling": 100,
    "PixelBandwidth": 244.141,
    "PrescanReuseString": "TG/s10",
    "ProcedureStepDescription": "SPGR",
    "ProtocolName": "Hau_Harmonization_100320",
    "PulseSequenceName": "efgre3d",
    "ReconMatrixPE": 256,
    "RepetitionTime": 0.008136,
    "SAR": 0.157675,
    "ScanOptions": "FAST_GEMS\\EDR_GEMS\\ACC_GEMS",
    "ScanningSequence": "GR",
    "SequenceVariant": "SS\\SP\\SK",
    "SeriesDescription": "FSPGR_Anat 8ch",
    "SeriesNumber": 13,
    "ShimSetting": [
      0,
      -5,
      -41
    ],
    "SliceThickness": 1,
    "SoftwareVersions": "25\\LX\\MR Software release:DV25.0_R02_1549.b",
    "SpacingBetweenSlices": 1,
    "SpoilingState": true,
    "StationName": "MROW2",
    "acquisition": "fspgr",
    "dataset": "<unset>",
    "datatype": "anat",
    "extension": ".nii.gz",
    "modality": "T1w",
    "session": "cfmri2",
    "subject": "ts004",
    "suffix": "T1w"
  },
  "cjv": 0.5413658307210031,
  "cnr": 1.6690176135806403,
  "efc": 0.6256,
  "fber": 11354.3862,
  "fwhm_avg": 4.0016766666666665,
  "fwhm_x": 3.78992,
  "fwhm_y": 4.37095,
  "fwhm_z": 3.84416,
  "icvs_csf": 0.279576527936427,
  "icvs_gm": 0.37548012064159614,
  "icvs_wm": 0.3449433514219768,
  "inu_med": 0.6790652871131897,
  "inu_range": 0.3649022102355952,
  "provenance": {
    "md5sum": "a58b02c854893f07fadd6a9ddd727a24",
    "settings": {
      "testing": false
    },
    "software": "mriqc",
    "version": "24.1.0.dev0+gd5b13cb5.d20240826",
    "warnings": {
      "large_rot_frame": true,
      "small_air_mask": false
    }
  },
  "qi_1": 0.0,
  "qi_2": 0.0022193055613419547,
  "rpve_csf": 5.4501373899609895,
  "rpve_gm": 5.367558322080789,
  "rpve_wm": 5.485429712413221,
  "size_x": 172,
  "size_y": 256,
  "size_z": 256,
  "snr_csf": 1.712054775815247,
  "snr_gm": 3.9570764841995256,
  "snr_total": 5.165161331115586,
  "snr_wm": 9.826352733331985,
  "snrd_csf": 5.804284878791172,
  "snrd_gm": 11.305892325252744,
  "snrd_total": 11.365240841395803,
  "snrd_wm": 16.985545320143494,
  "spacing_x": 1.0,
  "spacing_y": 1.0,
  "spacing_z": 1.0,
  "summary_bg_k": 430.9386,
  "summary_bg_mad": 0.0,
  "summary_bg_mean": 5.844,
  "summary_bg_median": 0.0,
  "summary_bg_n": 3461215.0,
  "summary_bg_p05": 0.0,
  "summary_bg_p95": 20.0,
  "summary_bg_stdv": 36.796,
  "summary_csf_k": -0.8207,
  "summary_csf_mad": 155.3477,
  "summary_csf_mean": 349.6206,
  "summary_csf_median": 326.0,
  "summary_csf_n": 565380.6232088691,
  "summary_csf_p05": 83.0,
  "summary_csf_p95": 672.0,
  "summary_csf_stdv": 190.4143,
  "summary_gm_k": -0.2328,
  "summary_gm_mad": 99.2559,
  "summary_gm_mean": 634.781,
  "summary_gm_median": 635.0,
  "summary_gm_n": 759324.0612071678,
  "summary_gm_p05": 359.0,
  "summary_gm_p95": 930.0,
  "summary_gm_stdv": 160.4719,
  "summary_wm_k": -0.3012,
  "summary_wm_mad": 73.4398,
  "summary_wm_mean": 931.7019,
  "summary_wm_median": 954.0,
  "summary_wm_n": 697570.3162143133,
  "summary_wm_p05": 735.0,
  "summary_wm_p95": 1054.0,
  "summary_wm_stdv": 97.0858,
  "tpm_overlap_csf": 0.220745089026503,
  "tpm_overlap_gm": 0.5307711872349004,
  "tpm_overlap_wm": 0.551245027590443,
  "wm2max": 0.5307005410309317
}
