{
  "bids_meta": {
    "AcquisitionMatrixPE": 192,
    "AcquisitionNumber": 1,
    "AcquisitionTime": "10:40:41.000000",
    "BidsGuess": [
      "anat",
      "_acq-EFGRE3Dp2_run-13_T1w"
    ],
    "CoilString": "8HRBRAIN",
    "ConversionSoftware": "dcm2niix",
    "ConversionSoftwareVersion": "v1.0.20240202",
    "DeviceSerialNumber": "00000858822HDMR1",
    "EchoTime": 0.003172,
    "FileSize": 0.009215179830789566,
    "FileSizeUnits": "GB",
    "FlipAngle": 8,
    "ImageOrientationPatientDICOM": [
      0,
      1,
      0,
      0,
      0,
      -1
    ],
    "ImageType": [
      "ORIGINAL",
      "PRIMARY",
      "OTHER"
    ],
    "ImagingFrequency": 127.716478,
    "InPlanePhaseEncodingDirectionDICOM": "ROW",
    "InstitutionName": "fmri3tw",
    "InversionTime": 0.6,
    "MRAcquisitionType": "3D",
    "MagneticFieldStrength": 3,
    "Manufacturer": "GE",
    "ManufacturersModelName": "DISCOVERY MR750",
    "Modality": "MR",
    "NumberOfVolumes": 1,
    "ParallelReductionFactorInPlane": 2,
    "PatientAge": 0,
    "PatientPosition": "HFS",
    "PercentPhaseFOV": 100,
    "PercentSampling": 100,
    "PixelBandwidth": 244.141,
    "PrescanReuseString": "TG/s12",
    "ProcedureStepDescription": "SPGR",
    "ProtocolName": "Hau_Harmonization_092520",
    "PulseSequenceName": "efgre3d",
    "ReconMatrixPE": 256,
    "RepetitionTime": 0.008136,
    "SAR": 0.153859,
    "ScanOptions": "FAST_GEMS\\EDR_GEMS\\ACC_GEMS",
    "ScanningSequence": "GR",
    "SequenceVariant": "SS\\SP\\SK",
    "SeriesDescription": "FSPGR_Anat 8ch",
    "SeriesNumber": 13,
    "ShimSetting": [
      3,
      2,
      -45
    ],
    "SliceThickness": 1,
    "SoftwareVersions": "25\\LX\\MR Software release:DV25.0_R02_1549.b",
    "SpacingBetweenSlices": 1,
    "SpoilingState": true,
    "StationName": "MROW2",
    "acquisition": "fspgr",
    "dataset": "<unset>",
    "datatype": "anat",
    "extension": ".nii.gz",
    "modality": "T1w",
    "session": "cfmri1",
    "subject": "ts003",
    "suffix": "T1w"
  },
  "cjv": 0.5254561128526646,
  "cnr": 1.9831402553295172,
  "efc": 0.5678,
  "fber": -1.0,
  "fwhm_avg": 3.9606133333333333,
  "fwhm_x": 3.77137,
  "fwhm_y": 4.35859,
  "fwhm_z": 3.75188,
  "icvs_csf": 0.27231862367336457,
  "icvs_gm": 0.3851633379700839,
  "icvs_wm": 0.3425180383565515,
  "inu_med": 0.5994511246681213,
  "inu_range": 0.22292615473270416,
  "provenance": {
    "md5sum": "6fcdcef6c735dfdc6f9650c269891e7f",
    "settings": {
      "testing": false
    },
    "software": "mriqc",
    "version": "24.1.0.dev0+gd5b13cb5.d20240826",
    "warnings": {
      "large_rot_frame": true,
      "small_air_mask": false
    }
  },
  "qi_1": 0.0,
  "qi_2": 0.0011938736243600526,
  "rpve_csf": 6.927418570883642,
  "rpve_gm": 6.8591883901677635,
  "rpve_wm": 6.9774261966281825,
  "size_x": 172,
  "size_y": 256,
  "size_z": 256,
  "snr_csf": 1.917919361010211,
  "snr_gm": 4.9667150644184055,
  "snr_total": 5.621530840646204,
  "snr_wm": 9.979958096509995,
  "snrd_csf": 43.438886272694205,
  "snrd_gm": 69.32889579681867,
  "snrd_total": 72.21759978835279,
  "snrd_wm": 103.8850172955455,
  "spacing_x": 1.0,
  "spacing_y": 1.0,
  "spacing_z": 1.0,
  "summary_bg_k": 115.5313,
  "summary_bg_mad": 0.0,
  "summary_bg_mean": 1.9056,
  "summary_bg_median": 0.0,
  "summary_bg_n": 4450235.0,
  "summary_bg_p05": 0.0,
  "summary_bg_p95": 11.0,
  "summary_bg_stdv": 6.0478,
  "summary_csf_k": -0.6856,
  "summary_csf_mad": 163.6049,
  "summary_csf_mean": 398.1725,
  "summary_csf_median": 401.0,
  "summary_csf_n": 434886.3066142326,
  "summary_csf_p05": 78.0,
  "summary_csf_p95": 722.0,
  "summary_csf_stdv": 209.0805,
  "summary_gm_k": -0.7123,
  "summary_gm_mad": 95.304,
  "summary_gm_mean": 646.0039,
  "summary_gm_median": 640.0,
  "summary_gm_n": 615096.6071785511,
  "summary_gm_p05": 444.0,
  "summary_gm_p95": 881.0,
  "summary_gm_stdv": 128.8577,
  "summary_wm_k": -0.1291,
  "summary_wm_mad": 72.3165,
  "summary_wm_mean": 936.8117,
  "summary_wm_median": 959.0,
  "summary_wm_n": 546993.0871430228,
  "summary_wm_p05": 744.0,
  "summary_wm_p95": 1059.0,
  "summary_wm_stdv": 96.0925,
  "tpm_overlap_csf": 0.20885477219682913,
  "tpm_overlap_gm": 0.5276558949908903,
  "tpm_overlap_wm": 0.5310740641144958,
  "wm2max": 0.6476798565739892
}
