{
  "bids_meta": {
    "AcquisitionMatrixPE": 256,
    "AcquisitionNumber": 1,
    "AcquisitionTime": "12:12:9.097500",
    "BaseResolution": 256,
    "BidsGuess": [
      "anat",
      "_acq-tfl3p2_run-3_T1w"
    ],
    "BodyPartExamined": "BRAIN",
    "CoilCombinationMethod": "Adaptive Combine",
    "ConsistencyInfo": "N4_VE11C_LATEST_20160120",
    "ConversionSoftware": "dcm2niix",
    "ConversionSoftwareVersion": "v1.0.20240202",
    "DeviceSerialNumber": "166046",
    "DwellTime": 8.2e-6,
    "EchoTime": 0.00298,
    "FileSize": 0.007446745410561562,
    "FileSizeUnits": "GB",
    "FlipAngle": 9,
    "ImageOrientationPatientDICOM": [
      0,
      1,
      0,
      0,
      0,
      -1
    ],
    "ImageOrientationText": "Sag",
    "ImageType": [
      "ORIGINAL",
      "PRIMARY",
      "M",
      "ND",
      "NORM"
    ],
    "ImagingFrequency": 123.231259,
    "InPlanePhaseEncodingDirectionDICOM": "ROW",
    "InstitutionAddress": "Campanile Dr 5500,San Diego,Los Angeles,US,92182",
    "InstitutionName": "SDSU EIS Complex",
    "InstitutionalDepartmentName": "Department",
    "InversionTime": 0.9,
    "MRAcquisitionType": "3D",
    "MagneticFieldStrength": 3,
    "Manufacturer": "Siemens",
    "ManufacturersModelName": "Prisma",
    "MatrixCoilMode": "GRAPPA",
    "Modality": "MR",
    "NonlinearGradientCorrection": false,
    "NumberOfVolumes": 1,
    "ParallelReductionFactorInPlane": 2,
    "PartialFourier": 1,
    "PatientAge": 44,
    "PatientPosition": "HFS",
    "PercentPhaseFOV": 100,
    "PercentSampling": 100,
    "PhaseEncodingSteps": 255,
    "PhaseResolution": 1,
    "PixelBandwidth": 240,
    "ProcedureStepDescription": "SDSU^Hau, Janice",
    "ProtocolName": "mprage-1^3,i900,f9,r7.1,e3.0,gr2",
    "PulseSequenceDetails": "%SiemensSeq%\\tfl",
    "ReceiveCoilActiveElements": "HEA;HEP",
    "ReceiveCoilName": "Head_32",
    "ReconMatrixPE": 256,
    "RefLinesPE": 24,
    "RepetitionTime": 2.3,
    "SAR": 0.055254,
    "ScanOptions": "IR",
    "ScanningSequence": "GR\\IR",
    "SequenceName": "*tfl3d1_16ns",
    "SequenceVariant": "SK\\SP\\MP",
    "SeriesDescription": "mprage-1^3,i900,f9,r7.1,e3.0,gr2",
    "SeriesNumber": 3,
    "ShimSetting": [
      4171,
      -11889,
      3548,
      332,
      125,
      -45,
      -8,
      2
    ],
    "SliceThickness": 1,
    "SoftwareVersions": "syngo MR E11",
    "SpoilingState": true,
    "StationName": "AWP166046",
    "TxRefAmp": 247.571,
    "acquisition": "mprage",
    "dataset": "<unset>",
    "datatype": "anat",
    "extension": ".nii.gz",
    "modality": "T1w",
    "session": "sdsu1",
    "subject": "ts002",
    "suffix": "T1w"
  },
  "cjv": 0.4997413907284768,
  "cnr": 2.169180043994203,
  "efc": 0.5061,
  "fber": 14288.3255,
  "fwhm_avg": 3.7801600000000004,
  "fwhm_x": 3.7515,
  "fwhm_y": 3.97995,
  "fwhm_z": 3.60903,
  "icvs_csf": 0.2775714801058641,
  "icvs_gm": 0.38334902644131513,
  "icvs_wm": 0.33907949345282085,
  "inu_med": 0.5128888785839081,
  "inu_range": 0.13259004503488536,
  "provenance": {
    "md5sum": "444948be00face83a7e5669a27fa3806",
    "settings": {
      "testing": false
    },
    "software": "mriqc",
    "version": "24.1.0.dev0+gd5b13cb5.d20240826",
    "warnings": {
      "large_rot_frame": true,
      "small_air_mask": false
    }
  },
  "qi_1": 0.0,
  "qi_2": 0.0025048284594032058,
  "rpve_csf": 8.01166208578289,
  "rpve_gm": 7.960969220368743,
  "rpve_wm": 8.066317736520736,
  "size_x": 176,
  "size_y": 256,
  "size_z": 256,
  "snr_csf": 1.9911563323194093,
  "snr_gm": 5.787336641923488,
  "snr_total": 6.801121636360892,
  "snr_wm": 12.624871934839778,
  "snrd_csf": 36.32685771680953,
  "snrd_gm": 60.39452771777267,
  "snrd_total": 61.44617372280851,
  "snrd_wm": 87.61713573384334,
  "spacing_x": 1.0,
  "spacing_y": 1.0,
  "spacing_z": 1.0,
  "summary_bg_k": 2570.2001,
  "summary_bg_mad": 0.0,
  "summary_bg_mean": 3.498,
  "summary_bg_median": 0.0,
  "summary_bg_n": 4446711.0,
  "summary_bg_p05": 0.0,
  "summary_bg_p95": 14.0,
  "summary_bg_stdv": 7.2679,
  "summary_csf_k": 0.9125,
  "summary_csf_mad": 148.5565,
  "summary_csf_mean": 410.5422,
  "summary_csf_median": 403.0,
  "summary_csf_n": 393964.97403277835,
  "summary_csf_p05": 95.0,
  "summary_csf_p95": 731.0,
  "summary_csf_stdv": 202.3947,
  "summary_gm_k": -0.2359,
  "summary_gm_mad": 88.9895,
  "summary_gm_mean": 673.9587,
  "summary_gm_median": 670.0,
  "summary_gm_n": 544098.0074388159,
  "summary_gm_p05": 488.0,
  "summary_gm_p95": 875.0,
  "summary_gm_stdv": 115.7699,
  "summary_wm_k": 0.0219,
  "summary_wm_mad": 61.9324,
  "summary_wm_mean": 958.651,
  "summary_wm_median": 972.0,
  "summary_wm_n": 481265.0196707512,
  "summary_wm_p05": 808.0,
  "summary_wm_p95": 1061.0,
  "summary_wm_stdv": 76.9908,
  "tpm_overlap_csf": 0.20253124776333367,
  "tpm_overlap_gm": 0.5329426874710216,
  "tpm_overlap_wm": 0.5382161585259245,
  "wm2max": 0.49570935190621085
}
