{
  "bids_meta": {
    "AcquisitionMatrixPE": 320,
    "AcquisitionNumber": 1,
    "AcquisitionTime": "11:10:24.000000",
    "BidsGuess": [
      "derived",
      "_acq-EFGRE3Dp2_run-300_T1w"
    ],
    "CoilString": "RM:Nova32ch",
    "ConversionSoftware": "dcm2niix",
    "ConversionSoftwareVersion": "v1.0.20240202",
    "DeviceSerialNumber": "00000858822HDMR1",
    "EchoTime": 0.003656,
    "FileSize": 0.013686971738934517,
    "FileSizeUnits": "GB",
    "FlipAngle": 8,
    "ImageOrientationPatientDICOM": [
      0,
      1,
      0,
      0,
      0,
      -1
    ],
    "ImageType": [
      "DERIVED",
      "PRIMARY",
      "OTHER"
    ],
    "ImagingFrequency": 127.716531,
    "InPlanePhaseEncodingDirectionDICOM": "ROW",
    "InstitutionName": "fmri3tw",
    "InversionTime": 1.06,
    "MRAcquisitionType": "3D",
    "MagneticFieldStrength": 3,
    "Manufacturer": "GE",
    "ManufacturersModelName": "DISCOVERY MR750",
    "Modality": "MR",
    "NumberOfVolumes": 1,
    "ParallelReductionFactorInPlane": 2,
    "PatientAge": 0,
    "PatientPosition": "HFS",
    "PercentPhaseFOV": 94,
    "PercentSampling": 100,
    "PixelBandwidth": 195.312,
    "PrescanReuseString": "TG/s1",
    "ProcedureStepDescription": "SPGR",
    "ProtocolName": "Hau_Harmonization_100320",
    "PulseSequenceName": "research/mprage_promo",
    "RawImage": false,
    "ReconMatrixPE": 320,
    "RepetitionTime": 0.008776,
    "SAR": 0.228343,
    "ScanOptions": "EDR_GEMS\\PROMO_GEMS\\ACC_GEMS\\FILTERED_GEMS",
    "ScanningSequence": "RM",
    "SequenceVariant": "NONE",
    "SeriesDescription": "PU:MPRAGE PROMO",
    "SeriesNumber": 300,
    "ShimSetting": [
      3,
      -2,
      -33
    ],
    "SliceThickness": 0.8,
    "SoftwareVersions": "25\\LX\\MR Software release:DV25.0_R02_1549.b",
    "SpacingBetweenSlices": 0.8,
    "StationName": "MROW2",
    "acquisition": "mprage",
    "dataset": "<unset>",
    "datatype": "anat",
    "extension": ".nii.gz",
    "modality": "T1w",
    "session": "cfmri2",
    "subject": "ts001",
    "suffix": "T1w"
  },
  "cjv": 0.5566056818181817,
  "cnr": 1.8204481575690405,
  "efc": 0.6633,
  "fber": -1.0,
  "fwhm_avg": 4.265091603111849,
  "fwhm_x": 4.194812437492424,
  "fwhm_y": 4.5611999320328245,
  "fwhm_z": 4.039262439810299,
  "icvs_csf": 0.27618848483841485,
  "icvs_gm": 0.3760040859071824,
  "icvs_wm": 0.3478074292544028,
  "inu_med": 0.40258491039276123,
  "inu_range": 0.0675241068005562,
  "provenance": {
    "md5sum": "c8746ee90ddcc870547eb8d13880a21a",
    "settings": {
      "testing": false
    },
    "software": "mriqc",
    "version": "24.1.0.dev0+gd5b13cb5.d20240826",
    "warnings": {
      "large_rot_frame": true,
      "small_air_mask": false
    }
  },
  "qi_1": 0.0,
  "qi_2": 0.0008438611051900769,
  "rpve_csf": 6.862334693476562,
  "rpve_gm": 6.780429428697732,
  "rpve_wm": 6.849397740638033,
  "size_x": 204,
  "size_y": 320,
  "size_z": 320,
  "snr_csf": 1.7318719301284426,
  "snr_gm": 5.76976055911753,
  "snr_total": 6.454443755311083,
  "snr_wm": 11.861698776687279,
  "snrd_csf": 16.774261195733715,
  "snrd_gm": 36.96748008741316,
  "snrd_total": 34.93747395544538,
  "snrd_wm": 51.07068058318927,
  "spacing_x": 0.800000011920929,
  "spacing_y": 0.800000011920929,
  "spacing_z": 0.800000011920929,
  "summary_bg_k": 1723.5856,
  "summary_bg_mad": 0.0,
  "summary_bg_mean": 1.6993,
  "summary_bg_median": 0.0,
  "summary_bg_n": 7339467.0,
  "summary_bg_p05": 0.0,
  "summary_bg_p95": 12.0,
  "summary_bg_stdv": 12.2636,
  "summary_csf_k": -0.9428,
  "summary_csf_mad": 166.8293,
  "summary_csf_mean": 344.6433,
  "summary_csf_median": 314.0,
  "summary_csf_n": 831951.5264507688,
  "summary_csf_p05": 105.0,
  "summary_csf_p95": 677.0,
  "summary_csf_stdv": 181.3066,
  "summary_gm_k": -0.5497,
  "summary_gm_mad": 83.3887,
  "summary_gm_mean": 699.3467,
  "summary_gm_median": 692.0,
  "summary_gm_n": 1132622.0693278408,
  "summary_gm_p05": 507.0,
  "summary_gm_p95": 927.0,
  "summary_gm_stdv": 119.9356,
  "summary_wm_k": -0.3824,
  "summary_wm_mad": 63.5552,
  "summary_wm_mean": 939.9938,
  "summary_wm_median": 956.0,
  "summary_wm_n": 1047686.4082454732,
  "summary_wm_p05": 780.0,
  "summary_wm_p95": 1045.0,
  "summary_wm_stdv": 80.5955,
  "tpm_overlap_csf": 0.1822549981527583,
  "tpm_overlap_gm": 0.5150427218105672,
  "tpm_overlap_wm": 0.550888345806786,
  "wm2max": 0.6567940199774257
}
