{
  "bids_meta": {
    "AcquisitionMatrixPE": 192,
    "AcquisitionNumber": 1,
    "AcquisitionTime": "20:00:32.000000",
    "BidsGuess": [
      "anat",
      "_acq-EFGRE3Dp2_run-13_T1w"
    ],
    "CoilString": "8HRBRAIN",
    "ConversionSoftware": "dcm2niix",
    "ConversionSoftwareVersion": "v1.0.20240202",
    "DeviceSerialNumber": "00000858822HDMR1",
    "EchoTime": 0.003172,
    "FileSize": 0.010259413160383701,
    "FileSizeUnits": "GB",
    "FlipAngle": 8,
    "ImageOrientationPatientDICOM": [
      0,
      1,
      0,
      0,
      0,
      -1
    ],
    "ImageType": [
      "ORIGINAL",
      "PRIMARY",
      "OTHER"
    ],
    "ImagingFrequency": 127.716484,
    "InPlanePhaseEncodingDirectionDICOM": "ROW",
    "InstitutionName": "fmri3tw",
    "InversionTime": 0.6,
    "MRAcquisitionType": "3D",
    "MagneticFieldStrength": 3,
    "Manufacturer": "GE",
    "ManufacturersModelName": "DISCOVERY MR750",
    "Modality": "MR",
    "NumberOfVolumes": 1,
    "ParallelReductionFactorInPlane": 2,
    "PatientAge": 0,
    "PatientPosition": "HFS",
    "PercentPhaseFOV": 100,
    "PercentSampling": 100,
    "PixelBandwidth": 244.141,
    "PrescanReuseString": "TG/s10",
    "ProcedureStepDescription": "SPGR",
    "ProtocolName": "Hau_Harmonization_100320",
    "PulseSequenceName": "efgre3d",
    "ReconMatrixPE": 256,
    "RepetitionTime": 0.008136,
    "SAR": 0.155908,
    "ScanOptions": "FAST_GEMS\\EDR_GEMS\\ACC_GEMS",
    "ScanningSequence": "GR",
    "SequenceVariant": "SS\\SP\\SK",
    "SeriesDescription": "FSPGR_Anat 8ch",
    "SeriesNumber": 13,
    "ShimSetting": [
      3,
      3,
      -41
    ],
    "SliceThickness": 1,
    "SoftwareVersions": "25\\LX\\MR Software release:DV25.0_R02_1549.b",
    "SpacingBetweenSlices": 1,
    "SpoilingState": true,
    "StationName": "MROW2",
    "acquisition": "fspgr",
    "dataset": "<unset>",
    "datatype": "anat",
    "extension": ".nii.gz",
    "modality": "T1w",
    "session": "cfmri1",
    "subject": "ts007",
    "suffix": "T1w"
  },
  "cjv": 0.5516487341772152,
  "cnr": 1.5461897644980207,
  "efc": 0.5751,
  "fber": -1.0,
  "fwhm_avg": 3.8324866666666666,
  "fwhm_x": 3.53758,
  "fwhm_y": 4.33864,
  "fwhm_z": 3.62124,
  "icvs_csf": 0.27698635651030407,
  "icvs_gm": 0.3737647109047425,
  "icvs_wm": 0.34924893258495343,
  "inu_med": 0.6760177612304688,
  "inu_range": 0.2797091126441955,
  "provenance": {
    "md5sum": "f5032bc7ed5bc55e905f6c12d6d3364b",
    "settings": {
      "testing": false
    },
    "software": "mriqc",
    "version": "24.1.0.dev0+gd5b13cb5.d20240826",
    "warnings": {
      "large_rot_frame": true,
      "small_air_mask": false
    }
  },
  "qi_1": 0.0,
  "qi_2": 0.002239528346766077,
  "rpve_csf": 6.699435734418479,
  "rpve_gm": 6.599224649544177,
  "rpve_wm": 6.726687403655058,
  "size_x": 172,
  "size_y": 256,
  "size_z": 256,
  "snr_csf": 1.7811959056898456,
  "snr_gm": 3.639739145544529,
  "snr_total": 4.827335743660259,
  "snr_wm": 9.061072179746402,
  "snrd_csf": 26.522232780285886,
  "snrd_gm": 47.4569165197812,
  "snrd_total": 48.3260908150153,
  "snrd_wm": 70.9991231449788,
  "spacing_x": 1.0,
  "spacing_y": 1.0,
  "spacing_z": 1.0,
  "summary_bg_k": 2399.6666,
  "summary_bg_mad": 0.0,
  "summary_bg_mean": 2.2698,
  "summary_bg_median": 0.0,
  "summary_bg_n": 4075267.0,
  "summary_bg_p05": 0.0,
  "summary_bg_p95": 14.0,
  "summary_bg_stdv": 8.7937,
  "summary_csf_k": -0.9564,
  "summary_csf_mad": 168.4938,
  "summary_csf_mean": 366.261,
  "summary_csf_median": 356.0,
  "summary_csf_n": 456748.5632536628,
  "summary_csf_p05": 80.0,
  "summary_csf_p95": 688.0,
  "summary_csf_stdv": 199.8655,
  "summary_gm_k": 2.1028,
  "summary_gm_mad": 98.9737,
  "summary_gm_mean": 642.9376,
  "summary_gm_median": 637.0,
  "summary_gm_n": 616335.3922968801,
  "summary_gm_p05": 352.0,
  "summary_gm_p95": 966.0,
  "summary_gm_stdv": 175.0124,
  "summary_wm_k": -0.0114,
  "summary_wm_mad": 75.3473,
  "summary_wm_mean": 928.4066,
  "summary_wm_median": 953.0,
  "summary_wm_n": 575909.0454338627,
  "summary_wm_p05": 715.0,
  "summary_wm_p95": 1061.0,
  "summary_wm_stdv": 105.1751,
  "tpm_overlap_csf": 0.21823657845590153,
  "tpm_overlap_gm": 0.5269997434355421,
  "tpm_overlap_wm": 0.5289888546740101,
  "wm2max": 0.5559878205204964
}
