{
  "bids_meta": {
    "AcquisitionMatrixPE": 256,
    "AcquisitionNumber": 1,
    "AcquisitionTime": "18:10:18.585000",
    "BaseResolution": 256,
    "BidsGuess": [
      "anat",
      "_acq-tfl3p2_run-3_T1w"
    ],
    "BodyPartExamined": "BRAIN",
    "CoilCombinationMethod": "Adaptive Combine",
    "ConsistencyInfo": "N4_VE11C_LATEST_20160120",
    "ConversionSoftware": "dcm2niix",
    "ConversionSoftwareVersion": "v1.0.20240202",
    "DeviceSerialNumber": "166046",
    "DwellTime": 8.2e-6,
    "EchoTime": 0.00298,
    "FileSize": 0.008318310603499413,
    "FileSizeUnits": "GB",
    "FlipAngle": 9,
    "ImageOrientationPatientDICOM": [
      0,
      1,
      0,
      0,
      0,
      -1
    ],
    "ImageOrientationText": "Sag",
    "ImageType": [
      "ORIGINAL",
      "PRIMARY",
      "M",
      "ND",
      "NORM"
    ],
    "ImagingFrequency": 123.231121,
    "InPlanePhaseEncodingDirectionDICOM": "ROW",
    "InstitutionAddress": "Campanile Dr 5500,San Diego,Los Angeles,US,92182",
    "InstitutionName": "SDSU EIS Complex",
    "InstitutionalDepartmentName": "Department",
    "InversionTime": 0.9,
    "MRAcquisitionType": "3D",
    "MagneticFieldStrength": 3,
    "Manufacturer": "Siemens",
    "ManufacturersModelName": "Prisma",
    "MatrixCoilMode": "GRAPPA",
    "Modality": "MR",
    "NonlinearGradientCorrection": false,
    "NumberOfVolumes": 1,
    "ParallelReductionFactorInPlane": 2,
    "PartialFourier": 1,
    "PatientAge": 44,
    "PatientPosition": "HFS",
    "PercentPhaseFOV": 100,
    "PercentSampling": 100,
    "PhaseEncodingSteps": 255,
    "PhaseResolution": 1,
    "PixelBandwidth": 240,
    "ProcedureStepDescription": "SDSU^Hau, Janice",
    "ProtocolName": "mprage-1^3,i900,f9,r7.1,e3.0,gr2",
    "PulseSequenceDetails": "%SiemensSeq%\\tfl",
    "ReceiveCoilActiveElements": "HEA;HEP",
    "ReceiveCoilName": "Head_32",
    "ReconMatrixPE": 256,
    "RefLinesPE": 24,
    "RepetitionTime": 2.3,
    "SAR": 0.053885,
    "ScanOptions": "IR",
    "ScanningSequence": "GR\\IR",
    "SequenceName": "*tfl3d1_16ns",
    "SequenceVariant": "SK\\SP\\MP",
    "SeriesDescription": "mprage-1^3,i900,f9,r7.1,e3.0,gr2",
    "SeriesNumber": 3,
    "ShimSetting": [
      4168,
      -11879,
      3589,
      277,
      78,
      -63,
      -201,
      56
    ],
    "SliceThickness": 1,
    "SoftwareVersions": "syngo MR E11",
    "SpoilingState": true,
    "StationName": "AWP166046",
    "TxRefAmp": 249.085,
    "acquisition": "mprage",
    "dataset": "<unset>",
    "datatype": "anat",
    "extension": ".nii.gz",
    "modality": "T1w",
    "session": "sdsu1",
    "subject": "ts007",
    "suffix": "T1w"
  },
  "cjv": 0.4980030405405405,
  "cnr": 1.57772502342861,
  "efc": 0.5356,
  "fber": 18633.2763,
  "fwhm_avg": 3.5427066666666662,
  "fwhm_x": 3.60505,
  "fwhm_y": 3.74348,
  "fwhm_z": 3.27959,
  "icvs_csf": 0.27915130095629126,
  "icvs_gm": 0.37165077835061777,
  "icvs_wm": 0.3491979206930909,
  "inu_med": 0.4640246033668518,
  "inu_range": 0.095287437736988,
  "provenance": {
    "md5sum": "d4f790e196e6764c5055a4a7c9d58539",
    "settings": {
      "testing": false
    },
    "software": "mriqc",
    "version": "24.1.0.dev0+gd5b13cb5.d20240826",
    "warnings": {
      "large_rot_frame": true,
      "small_air_mask": false
    }
  },
  "qi_1": 0.0,
  "qi_2": 0.0029371623374874977,
  "rpve_csf": 6.812127766911479,
  "rpve_gm": 6.713439600422953,
  "rpve_wm": 6.833926458686818,
  "size_x": 176,
  "size_y": 256,
  "size_z": 256,
  "snr_csf": 1.9807792324603712,
  "snr_gm": 4.121805639189081,
  "snr_total": 5.495801755168046,
  "snr_wm": 10.384820393854685,
  "snrd_csf": 50.27277989194269,
  "snrd_gm": 86.05366149870801,
  "snrd_total": 86.78039386109155,
  "snrd_wm": 124.0147401926239,
  "spacing_x": 1.0,
  "spacing_y": 1.0,
  "spacing_z": 1.0,
  "summary_bg_k": 2113.4671,
  "summary_bg_mad": 0.0,
  "summary_bg_mean": 2.4244,
  "summary_bg_median": 0.0,
  "summary_bg_n": 4102539.0,
  "summary_bg_p05": 0.0,
  "summary_bg_p95": 12.0,
  "summary_bg_stdv": 5.1084,
  "summary_csf_k": -0.8125,
  "summary_csf_mad": 164.8055,
  "summary_csf_mean": 404.0301,
  "summary_csf_median": 392.0,
  "summary_csf_n": 463827.1943075461,
  "summary_csf_p05": 115.0,
  "summary_csf_p95": 714.0,
  "summary_csf_stdv": 197.9017,
  "summary_gm_k": 2.9578,
  "summary_gm_mad": 85.3855,
  "summary_gm_mean": 681.9413,
  "summary_gm_median": 671.0,
  "summary_gm_n": 617520.8110943886,
  "summary_gm_p05": 413.0,
  "summary_gm_p95": 983.0,
  "summary_gm_stdv": 162.7926,
  "summary_wm_k": 3.8759,
  "summary_wm_mad": 62.0234,
  "summary_wm_mean": 944.1642,
  "summary_wm_median": 967.0,
  "summary_wm_n": 580213.9959880244,
  "summary_wm_p05": 750.0,
  "summary_wm_p95": 1057.0,
  "summary_wm_stdv": 93.1166,
  "tpm_overlap_csf": 0.21176992212992496,
  "tpm_overlap_gm": 0.517868094693824,
  "tpm_overlap_wm": 0.5200730221551711,
  "wm2max": 0.5106753336681691
}
