{
  "bids_meta": {
    "AcquisitionMatrixPE": 192,
    "AcquisitionNumber": 1,
    "AcquisitionTime": "11:58:0.000000",
    "BidsGuess": [
      "anat",
      "_acq-EFGRE3Dp2_run-13_T1w"
    ],
    "CoilString": "8HRBRAIN",
    "ConversionSoftware": "dcm2niix",
    "ConversionSoftwareVersion": "v1.0.20240202",
    "DeviceSerialNumber": "00000858822HDMR1",
    "EchoTime": 0.003172,
    "FileSize": 0.009629086591303349,
    "FileSizeUnits": "GB",
    "FlipAngle": 8,
    "ImageOrientationPatientDICOM": [
      0,
      1,
      0,
      0,
      0,
      -1
    ],
    "ImageType": [
      "ORIGINAL",
      "PRIMARY",
      "OTHER"
    ],
    "ImagingFrequency": 127.716512,
    "InPlanePhaseEncodingDirectionDICOM": "ROW",
    "InstitutionName": "fmri3tw",
    "InversionTime": 0.6,
    "MRAcquisitionType": "3D",
    "MagneticFieldStrength": 3,
    "Manufacturer": "GE",
    "ManufacturersModelName": "DISCOVERY MR750",
    "Modality": "MR",
    "NumberOfVolumes": 1,
    "ParallelReductionFactorInPlane": 2,
    "PatientAge": 0,
    "PatientPosition": "HFS",
    "PercentPhaseFOV": 100,
    "PercentSampling": 100,
    "PixelBandwidth": 244.141,
    "ProcedureStepDescription": "SPGR",
    "ProtocolName": "Hau_Harmonization_100320",
    "PulseSequenceName": "efgre3d",
    "ReconMatrixPE": 256,
    "RepetitionTime": 0.008136,
    "SAR": 0.150383,
    "ScanOptions": "FAST_GEMS\\EDR_GEMS\\ACC_GEMS",
    "ScanningSequence": "GR",
    "SequenceVariant": "SS\\SP\\SK",
    "SeriesDescription": "FSPGR_Anat 8ch",
    "SeriesNumber": 13,
    "ShimSetting": [
      1,
      2,
      -45
    ],
    "SliceThickness": 1,
    "SoftwareVersions": "25\\LX\\MR Software release:DV25.0_R02_1549.b",
    "SpacingBetweenSlices": 1,
    "SpoilingState": true,
    "StationName": "MROW2",
    "acquisition": "fspgr",
    "dataset": "<unset>",
    "datatype": "anat",
    "extension": ".nii.gz",
    "modality": "T1w",
    "session": "cfmri2",
    "subject": "ts001",
    "suffix": "T1w"
  },
  "cjv": 0.5134060606060605,
  "cnr": 1.928615822002738,
  "efc": 0.5245,
  "fber": -1.0,
  "fwhm_avg": 4.28089,
  "fwhm_x": 3.97529,
  "fwhm_y": 4.89141,
  "fwhm_z": 3.97597,
  "icvs_csf": 0.28285268784001744,
  "icvs_gm": 0.3797637515398014,
  "icvs_wm": 0.33738356062018116,
  "inu_med": 0.5896701812744141,
  "inu_range": 0.19120697528123853,
  "provenance": {
    "md5sum": "f9e48c7bac5c290c87bce8d5f0d94c70",
    "settings": {
      "testing": false
    },
    "software": "mriqc",
    "version": "24.1.0.dev0+gd5b13cb5.d20240826",
    "warnings": {
      "large_rot_frame": true,
      "small_air_mask": false
    }
  },
  "qi_1": 0.0,
  "qi_2": 0.0007131471264104557,
  "rpve_csf": 7.236257244749581,
  "rpve_gm": 7.1630209043466655,
  "rpve_wm": 7.2618348951097955,
  "size_x": 172,
  "size_y": 256,
  "size_z": 256,
  "snr_csf": 1.4934532015523856,
  "snr_gm": 4.478202462975977,
  "snr_total": 5.185374863083855,
  "snr_wm": 9.584468924723202,
  "snrd_csf": 30.419465651610363,
  "snrd_gm": 66.96582014471115,
  "snrd_total": 66.60752255164152,
  "snrd_wm": 102.43728185860309,
  "spacing_x": 1.0,
  "spacing_y": 1.0,
  "spacing_z": 1.0,
  "summary_bg_k": 21.0996,
  "summary_bg_mad": 0.0,
  "summary_bg_mean": 2.3001,
  "summary_bg_median": 0.0,
  "summary_bg_n": 4245861.0,
  "summary_bg_p05": 0.0,
  "summary_bg_p95": 15.0,
  "summary_bg_stdv": 6.0949,
  "summary_csf_k": -0.919,
  "summary_csf_mad": 163.4881,
  "summary_csf_mean": 314.5715,
  "summary_csf_median": 283.0,
  "summary_csf_n": 434380.26731093635,
  "summary_csf_p05": 62.0,
  "summary_csf_p95": 644.0,
  "summary_csf_stdv": 189.4935,
  "summary_gm_k": -0.6042,
  "summary_gm_mad": 93.6772,
  "summary_gm_mean": 626.6697,
  "summary_gm_median": 623.0,
  "summary_gm_n": 583207.7508917504,
  "summary_gm_p05": 399.0,
  "summary_gm_p95": 880.0,
  "summary_gm_stdv": 139.1182,
  "summary_wm_k": -0.5064,
  "summary_wm_mad": 75.7468,
  "summary_wm_mean": 928.0691,
  "summary_wm_median": 953.0,
  "summary_wm_n": 518123.98307984474,
  "summary_wm_p05": 725.0,
  "summary_wm_p95": 1049.0,
  "summary_wm_stdv": 99.4316,
  "tpm_overlap_csf": 0.20031195803687138,
  "tpm_overlap_gm": 0.5349586611474663,
  "tpm_overlap_wm": 0.5565930220695263,
  "wm2max": 0.6291934281197676
}
