{
  "bids_meta": {
    "AcquisitionMatrixPE": 320,
    "AcquisitionNumber": 1,
    "AcquisitionTime": "10:52:55.000000",
    "BidsGuess": [
      "derived",
      "_acq-EFGRE3Dp2_run-300_T1w"
    ],
    "CoilString": "RM:Nova32ch",
    "ConversionSoftware": "dcm2niix",
    "ConversionSoftwareVersion": "v1.0.20240202",
    "DeviceSerialNumber": "00000858822HDMR1",
    "EchoTime": 0.003656,
    "FileSize": 0.012490312568843365,
    "FileSizeUnits": "GB",
    "FlipAngle": 8,
    "ImageOrientationPatientDICOM": [
      0,
      1,
      0,
      0,
      0,
      -1
    ],
    "ImageType": [
      "DERIVED",
      "PRIMARY",
      "OTHER"
    ],
    "ImagingFrequency": 127.71656,
    "InPlanePhaseEncodingDirectionDICOM": "ROW",
    "InstitutionName": "fmri3tw",
    "InversionTime": 1.06,
    "MRAcquisitionType": "3D",
    "MagneticFieldStrength": 3,
    "Manufacturer": "GE",
    "ManufacturersModelName": "DISCOVERY MR750",
    "Modality": "MR",
    "NumberOfVolumes": 1,
    "ParallelReductionFactorInPlane": 2,
    "PatientAge": 0,
    "PatientPosition": "HFS",
    "PercentPhaseFOV": 94,
    "PercentSampling": 100,
    "PixelBandwidth": 195.312,
    "PrescanReuseString": "TG/s1",
    "ProcedureStepDescription": "SPGR",
    "ProtocolName": "Hau_Harmonization_100320",
    "PulseSequenceName": "research/mprage_promo",
    "RawImage": false,
    "ReconMatrixPE": 320,
    "RepetitionTime": 0.008776,
    "SAR": 0.234846,
    "ScanOptions": "EDR_GEMS\\PROMO_GEMS\\ACC_GEMS\\FILTERED_GEMS",
    "ScanningSequence": "RM",
    "SequenceVariant": "NONE",
    "SeriesDescription": "PU:MPRAGE PROMO",
    "SeriesNumber": 300,
    "ShimSetting": [
      4,
      12,
      -40
    ],
    "SliceThickness": 0.8,
    "SoftwareVersions": "25\\LX\\MR Software release:DV25.0_R02_1549.b",
    "SpacingBetweenSlices": 0.8,
    "StationName": "MROW2",
    "acquisition": "mprage",
    "dataset": "<unset>",
    "datatype": "anat",
    "extension": ".nii.gz",
    "modality": "T1w",
    "session": "cfmri1",
    "subject": "ts005",
    "suffix": "T1w"
  },
  "cjv": 0.5387357692307693,
  "cnr": 1.9792138666502888,
  "efc": 0.7023,
  "fber": -1.0,
  "fwhm_avg": 3.743629110882246,
  "fwhm_x": 3.703237444817462,
  "fwhm_y": 3.9291874414505443,
  "fwhm_z": 3.598462446378731,
  "icvs_csf": 0.25673362223481444,
  "icvs_gm": 0.38953058868603574,
  "icvs_wm": 0.35373578907914976,
  "inu_med": 0.3940429985523224,
  "inu_range": 0.0638120174407959,
  "provenance": {
    "md5sum": "b2d50ddb98c80b1c7a8e5dfc2ca762c1",
    "settings": {
      "testing": false
    },
    "software": "mriqc",
    "version": "24.1.0.dev0+gd5b13cb5.d20240826",
    "warnings": {
      "large_rot_frame": true,
      "small_air_mask": false
    }
  },
  "qi_1": 0.0,
  "qi_2": 0.0013307390667579406,
  "rpve_csf": 7.087600015928534,
  "rpve_gm": 7.0185691170157245,
  "rpve_wm": 7.107964837757057,
  "size_x": 204,
  "size_y": 320,
  "size_z": 320,
  "snr_csf": 2.080666921313352,
  "snr_gm": 6.818780983287394,
  "snr_total": 6.880623997609809,
  "snr_wm": 11.74242408822868,
  "snrd_csf": 49.02996634787501,
  "snrd_gm": 78.17990078248862,
  "snrd_total": 78.14267225830649,
  "snrd_wm": 107.21814964455582,
  "spacing_x": 0.800000011920929,
  "spacing_y": 0.800000011920929,
  "spacing_z": 0.800000011920929,
  "summary_bg_k": 331.6583,
  "summary_bg_mad": 0.0,
  "summary_bg_mean": 1.3224,
  "summary_bg_median": 0.0,
  "summary_bg_n": 7762336.0,
  "summary_bg_p05": 0.0,
  "summary_bg_p95": 9.0,
  "summary_bg_stdv": 5.8659,
  "summary_csf_k": -0.0192,
  "summary_csf_mad": 155.2499,
  "summary_csf_mean": 441.9054,
  "summary_csf_median": 439.0,
  "summary_csf_n": 745739.5442079986,
  "summary_csf_p05": 110.0,
  "summary_csf_p95": 768.0,
  "summary_csf_stdv": 210.9899,
  "summary_gm_k": 0.3386,
  "summary_gm_mad": 77.0124,
  "summary_gm_mean": 706.2703,
  "summary_gm_median": 700.0,
  "summary_gm_n": 1131477.6815485053,
  "summary_gm_p05": 545.0,
  "summary_gm_p95": 894.0,
  "summary_gm_stdv": 102.6576,
  "summary_wm_k": 0.4252,
  "summary_wm_mad": 63.0589,
  "summary_wm_mean": 944.6355,
  "summary_wm_median": 960.0,
  "summary_wm_n": 1027503.7753982574,
  "summary_wm_p05": 783.0,
  "summary_wm_p95": 1052.0,
  "summary_wm_stdv": 81.7548,
  "tpm_overlap_csf": 0.2130822809127998,
  "tpm_overlap_gm": 0.5285519516295135,
  "tpm_overlap_wm": 0.5337721815676639,
  "wm2max": 0.7166332792746003
}
